{
  "aor": 0.00035231111111111115,
  "aqi": 0.0063417513777777774,
  "bids_meta": {
    "AcquisitionMatrixPE": 64,
    "AcquisitionNumber": 1,
    "AcquisitionTime": "11:26:47.392500",
    "BandwidthPerPixelPhaseEncode": 72.674,
    "BaseResolution": 64,
    "CoilString": "T:HEA;HEP",
    "ConversionSoftware": "dcm2niix",
    "ConversionSoftwareVersion": "v1.0.20190902",
    "DerivedVendorReportedEchoSpacing": 0.000430002,
    "DeviceSerialNumber": "35002",
    "DwellTime": 2.7e-06,
    "EchoTime": 0.028,
    "EffectiveEchoSpacing": 0.000215001,
    "FlipAngle": 90,
    "ImageOrientationPatientDICOM": [
      1,
      0,
      0,
      0,
      0.986286,
      -0.165048
    ],
    "ImageType": [
      "ORIGINAL",
      "PRIMARY",
      "M",
      "ND",
      "MOSAIC"
    ],
    "ImagingFrequency": 123.256,
    "InPlanePhaseEncodingDirectionDICOM": "COL",
    "InstitutionAddress": "University_Pkwy_1700_North_685_Provo_UT_US_84601",
    "InstitutionName": "Brigham_Young_University",
    "InstitutionalDepartmentName": "MRI",
    "MRAcquisitionType": "2D",
    "MagneticFieldStrength": 3,
    "Manufacturer": "Siemens",
    "ManufacturersModelName": "TrioTim",
    "Modality": "MR",
    "ParallelReductionFactorInPlane": 2,
    "PartialFourier": 1,
    "PatientPosition": "HFS",
    "PercentPhaseFOV": 100,
    "PhaseEncodingDirection": "j-",
    "PhaseEncodingSteps": 63,
    "PhaseResolution": 1,
    "PixelBandwidth": 2894,
    "ProcedureStepDescription": "Research_KIRWAN",
    "ProtocolName": "EPI_Run_2",
    "PulseSequenceDetails": "%CustomerSeq%_ep2d_bold_PMU",
    "ReceiveCoilName": "HeadMatrix",
    "ReconMatrixPE": 64,
    "RefLinesPE": 24,
    "RepetitionTime": 2,
    "SAR": 0.155355,
    "ScanOptions": "FS",
    "ScanningSequence": "EP",
    "SequenceName": "epfid2d1_64",
    "SequenceVariant": "SK",
    "SeriesDescription": "EPI_Run_2",
    "SeriesNumber": 4,
    "ShimSetting": [
      -2642,
      -23104,
      2538,
      820,
      -19,
      20,
      -153,
      -134
    ],
    "SliceThickness": 3,
    "SliceTiming": [
      1.0025,
      0,
      1.055,
      0.05,
      1.105,
      0.1,
      1.155,
      0.15,
      1.205,
      0.2,
      1.255,
      0.25,
      1.305,
      0.3,
      1.355,
      0.35,
      1.405,
      0.4025,
      1.455,
      0.4525,
      1.505,
      0.5025,
      1.555,
      0.5525,
      1.605,
      0.6025,
      1.655,
      0.6525,
      1.7075,
      0.7025,
      1.7575,
      0.7525,
      1.8075,
      0.8025,
      1.8575,
      0.8525,
      1.9075,
      0.9025,
      1.9575,
      0.9525
    ],
    "SoftwareVersions": "syngo_MR_B17",
    "SpacingBetweenSlices": 3,
    "StationName": "MININT-E41B04",
    "TaskName": "RSE1",
    "TotalReadoutTime": 0.0135451,
    "TxRefAmp": 318.465,
    "dataset": "ds002363",
    "modality": "bold",
    "run_id": 2,
    "subject_id": "19",
    "task_id": "rse1"
  },
  "dummy_trs": 3,
  "dvars_nstd": 25.908778421205373,
  "dvars_std": 1.020273679330357,
  "dvars_vstd": 0.995547458482143,
  "efc": 0.524488046025016,
  "fber": 920.75634765625,
  "fd_mean": 0.08042658451375514,
  "fd_num": 2,
  "fd_perc": 0.8888888888888888,
  "fwhm_avg": 2.044925459060803,
  "fwhm_x": 1.885658181818182,
  "fwhm_y": 2.087374690230955,
  "fwhm_z": 2.1617435051332716,
  "gcor": 0.0287843,
  "gsr_x": -0.011054241098463535,
  "gsr_y": 0.02331932820379734,
  "provenance": {
    "md5sum": "9ba393aeac63974c411d68b7f64bb683",
    "settings": {
      "fd_thres": 0.2,
      "testing": false
    },
    "software": "mriqc",
    "version": "22.0.6",
    "webapi_port": null,
    "webapi_url": "https://mriqc.nimh.nih.gov/api/v1"
  },
  "size_t": 225,
  "size_x": 64,
  "size_y": 64,
  "size_z": 40,
  "snr": 5.512184725107133,
  "spacing_tr": 2.0,
  "spacing_x": 3.4375,
  "spacing_y": 3.437499761581421,
  "spacing_z": 2.999999761581421,
  "summary_bg_k": 33.7106776643144,
  "summary_bg_mad": 8.39482276331592,
  "summary_bg_mean": 51.652313232421875,
  "summary_bg_median": 28.311111450195312,
  "summary_bg_n": 102083.0,
  "summary_bg_p05": 21.24444580078125,
  "summary_bg_p95": 174.41689605712887,
  "summary_bg_stdv": 71.00595092773438,
  "summary_fg_k": 1.1665249120379917,
  "summary_fg_mad": 141.677464380761,
  "summary_fg_mean": 875.4212036132812,
  "summary_fg_median": 867.1777954101562,
  "summary_fg_n": 28457.0,
  "summary_fg_p05": 628.9858154296875,
  "summary_fg_p95": 1142.361767578125,
  "summary_fg_stdv": 157.31739807128906,
  "tsnr": 51.06326291221194
}