{
  "aor": 0.0005946929824561404,
  "aqi": 0.007178914254385964,
  "bids_meta": {
    "AcquisitionMatrixPE": 64,
    "AcquisitionNumber": 1,
    "AcquisitionTime": "11:18:30.657500",
    "BandwidthPerPixelPhaseEncode": 72.674,
    "BaseResolution": 64,
    "CoilString": "T:HEA;HEP",
    "ConversionSoftware": "dcm2niix",
    "ConversionSoftwareVersion": "v1.0.20190902",
    "DerivedVendorReportedEchoSpacing": 0.000430002,
    "DeviceSerialNumber": "35002",
    "DwellTime": 2.7e-06,
    "EchoTime": 0.028,
    "EffectiveEchoSpacing": 0.000215001,
    "FlipAngle": 90,
    "ImageOrientationPatientDICOM": [
      1,
      0,
      0,
      0,
      0.986286,
      -0.165048
    ],
    "ImageType": [
      "ORIGINAL",
      "PRIMARY",
      "M",
      "ND",
      "MOSAIC"
    ],
    "ImagingFrequency": 123.256,
    "InPlanePhaseEncodingDirectionDICOM": "COL",
    "InstitutionAddress": "University_Pkwy_1700_North_685_Provo_UT_US_84601",
    "InstitutionName": "Brigham_Young_University",
    "InstitutionalDepartmentName": "MRI",
    "MRAcquisitionType": "2D",
    "MagneticFieldStrength": 3,
    "Manufacturer": "Siemens",
    "ManufacturersModelName": "TrioTim",
    "Modality": "MR",
    "ParallelReductionFactorInPlane": 2,
    "PartialFourier": 1,
    "PatientPosition": "HFS",
    "PercentPhaseFOV": 100,
    "PhaseEncodingDirection": "j-",
    "PhaseEncodingSteps": 63,
    "PhaseResolution": 1,
    "PixelBandwidth": 2894,
    "ProcedureStepDescription": "Research_KIRWAN",
    "ProtocolName": "EPI_Run_1",
    "PulseSequenceDetails": "%CustomerSeq%_ep2d_bold_PMU",
    "ReceiveCoilName": "HeadMatrix",
    "ReconMatrixPE": 64,
    "RefLinesPE": 24,
    "RepetitionTime": 2,
    "SAR": 0.155355,
    "ScanOptions": "FS",
    "ScanningSequence": "EP",
    "SequenceName": "epfid2d1_64",
    "SequenceVariant": "SK",
    "SeriesDescription": "EPI_Run_1",
    "SeriesNumber": 3,
    "ShimSetting": [
      -2642,
      -23104,
      2538,
      820,
      -19,
      20,
      -153,
      -134
    ],
    "SliceThickness": 3,
    "SliceTiming": [
      1.005,
      0,
      1.055,
      0.05,
      1.105,
      0.1,
      1.155,
      0.15,
      1.205,
      0.2,
      1.255,
      0.2525,
      1.305,
      0.3025,
      1.355,
      0.3525,
      1.405,
      0.4025,
      1.455,
      0.4525,
      1.505,
      0.5025,
      1.555,
      0.5525,
      1.6075,
      0.6025,
      1.6575,
      0.6525,
      1.7075,
      0.7025,
      1.7575,
      0.7525,
      1.8075,
      0.8025,
      1.8575,
      0.8525,
      1.9075,
      0.9025,
      1.9575,
      0.955
    ],
    "SoftwareVersions": "syngo_MR_B17",
    "SpacingBetweenSlices": 3,
    "StationName": "MININT-E41B04",
    "TaskName": "RSE1",
    "TotalReadoutTime": 0.0135451,
    "TxRefAmp": 318.465,
    "dataset": "ds002363",
    "modality": "bold",
    "run_id": 1,
    "subject_id": "19",
    "task_id": "rse1"
  },
  "dummy_trs": 0,
  "dvars_nstd": 25.68586881378854,
  "dvars_std": 1.0161378623788548,
  "dvars_vstd": 0.9915926106167395,
  "efc": 0.5235702483837524,
  "fber": 954.5867309570312,
  "fd_mean": 0.0958567916731324,
  "fd_num": 13,
  "fd_perc": 5.701754385964913,
  "fwhm_avg": 1.9727635356166318,
  "fwhm_x": 1.8355083636363638,
  "fwhm_y": 2.0416554143326784,
  "fwhm_z": 2.0411268288808526,
  "gcor": 0.00580851,
  "gsr_x": -0.010756474919617176,
  "gsr_y": 0.022943297401070595,
  "provenance": {
    "md5sum": "2688fc032e18ffa1a68450a4c598e368",
    "settings": {
      "fd_thres": 0.2,
      "testing": false
    },
    "software": "mriqc",
    "version": "22.0.6",
    "webapi_port": null,
    "webapi_url": "https://mriqc.nimh.nih.gov/api/v1"
  },
  "size_t": 228,
  "size_x": 64,
  "size_y": 64,
  "size_z": 40,
  "snr": 5.624959360543542,
  "spacing_tr": 2.0,
  "spacing_x": 3.4375,
  "spacing_y": 3.437499761581421,
  "spacing_z": 2.999999761581421,
  "summary_bg_k": 35.09128305746473,
  "summary_bg_mad": 8.3819023654881,
  "summary_bg_mean": 50.730926513671875,
  "summary_bg_median": 27.824562072753906,
  "summary_bg_n": 101894.0,
  "summary_bg_p05": 20.842105865478516,
  "summary_bg_p95": 168.34013290405224,
  "summary_bg_stdv": 70.00567626953125,
  "summary_fg_k": 1.3463815308440914,
  "summary_fg_mad": 138.95821409596527,
  "summary_fg_mean": 876.0391235351562,
  "summary_fg_median": 868.256591796875,
  "summary_fg_n": 28484.0,
  "summary_fg_p05": 636.420166015625,
  "summary_fg_p95": 1136.2656005859376,
  "summary_fg_stdv": 154.35513305664062,
  "tsnr": 50.684318043640815
}