{
  "bids_meta": {
    "AcquisitionMatrixPE": 215,
    "AcquisitionNumber": 1,
    "AcquisitionTime": "10:54:30.232500",
    "BaseResolution": 256,
    "CoilString": "C:HEA;HEP",
    "ConversionSoftware": "dcm2niix",
    "ConversionSoftwareVersion": "v1.0.20190902",
    "DeviceSerialNumber": "35002",
    "DwellTime": 9.8e-06,
    "EchoTime": 0.00226,
    "FlipAngle": 9,
    "ImageOrientationPatientDICOM": [
      0,
      1,
      0,
      0,
      0,
      -1
    ],
    "ImageType": [
      "ORIGINAL",
      "PRIMARY",
      "M",
      "ND",
      "NORM"
    ],
    "ImagingFrequency": 123.256,
    "InPlanePhaseEncodingDirectionDICOM": "ROW",
    "InstitutionAddress": "University_Pkwy_1700_North_685_Provo_UT_US_84601",
    "InstitutionName": "Brigham_Young_University",
    "InstitutionalDepartmentName": "MRI",
    "InversionTime": 0.9,
    "MRAcquisitionType": "3D",
    "MagneticFieldStrength": 3,
    "Manufacturer": "Siemens",
    "ManufacturersModelName": "TrioTim",
    "Modality": "MR",
    "PartialFourier": 0.875,
    "PatientPosition": "HFS",
    "PercentPhaseFOV": 87.5,
    "PhaseEncodingSteps": 227,
    "PhaseOversampling": 0.2,
    "PhaseResolution": 0.96,
    "PixelBandwidth": 199,
    "ProcedureStepDescription": "Research_KIRWAN",
    "ProtocolName": "t1_mpr_sag_iso_mprage",
    "PulseSequenceDetails": "%SiemensSeq%_tfl",
    "ReceiveCoilName": "HeadMatrix",
    "ReconMatrixPE": 224,
    "RepetitionTime": 1.9,
    "SAR": 0.0917423,
    "ScanOptions": "IR_PFP",
    "ScanningSequence": "GR_IR",
    "SequenceName": "_tfl3d1_ns",
    "SequenceVariant": "SP_MP_OSP",
    "SeriesDescription": "t1_mpr_sag_iso_mprage",
    "SeriesNumber": 2,
    "ShimSetting": [
      -2655,
      -23109,
      2059,
      81,
      -13,
      -145,
      -152,
      15
    ],
    "SliceThickness": 1,
    "SoftwareVersions": "syngo_MR_B17",
    "StationName": "MININT-E41B04",
    "TxRefAmp": 324.335,
    "dataset": "ds002363",
    "modality": "T1w",
    "subject_id": "11"
  },
  "cjv": 0.30774827227314794,
  "cnr": 4.454093864140251,
  "efc": 0.6235494888979829,
  "fber": 10633.53798185941,
  "fwhm_avg": 4.858862133333333,
  "fwhm_x": 4.41994,
  "fwhm_y": 5.392179199999999,
  "fwhm_z": 4.7644672,
  "icvs_csf": 0.18925542173587817,
  "icvs_gm": 0.4520192359822351,
  "icvs_wm": 0.35872534228188674,
  "inu_med": 0.46356771886348724,
  "inu_range": 0.20936653912067416,
  "provenance": {
    "md5sum": "9bf53cd51a410d81bfe8ae17bb701301",
    "settings": {
      "testing": false
    },
    "software": "mriqc",
    "version": "22.0.6",
    "warnings": {
      "large_rot_frame": true,
      "small_air_mask": false
    },
    "webapi_port": null,
    "webapi_url": "https://mriqc.nimh.nih.gov/api/v1"
  },
  "qi_1": 0.0,
  "qi_2": 0.007051280488228356,
  "rpve_csf": 20.372758060288337,
  "rpve_gm": 9.450691245144206,
  "rpve_wm": 13.654919673777897,
  "size_x": 171,
  "size_y": 224,
  "size_z": 256,
  "snr_csf": 2.582393533829539,
  "snr_gm": 13.641187280271009,
  "snr_total": 14.444649323150585,
  "snr_wm": 27.11036715535121,
  "snrd_csf": 25.52123063615801,
  "snrd_gm": 65.2997697914287,
  "snrd_total": 60.79227979810303,
  "snrd_wm": 91.55583896672238,
  "spacing_x": 1.0,
  "spacing_y": 0.9765625,
  "spacing_z": 0.9765625,
  "summary_bg_k": 6.829761687331075,
  "summary_bg_mad": 0.0,
  "summary_bg_mean": 4.132557406923177,
  "summary_bg_median": 0.0,
  "summary_bg_n": 1712162.0,
  "summary_bg_p05": 0.0,
  "summary_bg_p95": 19.082467705011368,
  "summary_bg_stdv": 7.155875396206866,
  "summary_csf_k": 0.6926567425777748,
  "summary_csf_mad": 90.32930168100327,
  "summary_csf_mean": 281.5230347464441,
  "summary_csf_median": 278.7614096701145,
  "summary_csf_n": 26744.0,
  "summary_csf_p05": 89.07774615287781,
  "summary_csf_p95": 467.33750315457576,
  "summary_csf_stdv": 107.94489465182583,
  "summary_gm_k": 0.0024755152355551147,
  "summary_gm_mad": 52.79174557397995,
  "summary_gm_mean": 712.5137542562545,
  "summary_gm_median": 713.2514939308167,
  "summary_gm_n": 58095.0,
  "summary_gm_p05": 625.4603388994932,
  "summary_gm_p95": 796.3487553596497,
  "summary_gm_stdv": 52.286163996215194,
  "summary_wm_k": 0.41017941386059986,
  "summary_wm_mad": 35.46671967843073,
  "summary_wm_mean": 1001.1469823017901,
  "summary_wm_median": 1000.0393436253071,
  "summary_wm_n": 231336.0,
  "summary_wm_p05": 942.4771781563759,
  "summary_wm_p95": 1063.2770677879453,
  "summary_wm_stdv": 36.887629608593166,
  "tpm_overlap_csf": 0.1667805179111972,
  "tpm_overlap_gm": 0.4819743696123589,
  "tpm_overlap_wm": 0.5283918312485528,
  "wm2max": 0.5010537910134489
}