{
  "aor": 0.0011719736842105265,
  "aqi": 0.008306661842105264,
  "bids_meta": {
    "AcquisitionMatrixPE": 64,
    "AcquisitionNumber": 1,
    "AcquisitionTime": "15:41:50.367500",
    "BandwidthPerPixelPhaseEncode": 72.674,
    "BaseResolution": 64,
    "CoilString": "T:HEA;HEP",
    "ConversionSoftware": "dcm2niix",
    "ConversionSoftwareVersion": "v1.0.20190902",
    "DerivedVendorReportedEchoSpacing": 0.000430002,
    "DeviceSerialNumber": "35002",
    "DwellTime": 2.7e-06,
    "EchoTime": 0.028,
    "EffectiveEchoSpacing": 0.000215001,
    "FlipAngle": 90,
    "ImageOrientationPatientDICOM": [
      1,
      0,
      0,
      0,
      0.971961,
      -0.235142
    ],
    "ImageType": [
      "ORIGINAL",
      "PRIMARY",
      "M",
      "ND",
      "MOSAIC"
    ],
    "ImagingFrequency": 123.256,
    "InPlanePhaseEncodingDirectionDICOM": "COL",
    "InstitutionAddress": "University_Pkwy_1700_North_685_Provo_UT_US_84601",
    "InstitutionName": "Brigham_Young_University",
    "InstitutionalDepartmentName": "MRI",
    "MRAcquisitionType": "2D",
    "MagneticFieldStrength": 3,
    "Manufacturer": "Siemens",
    "ManufacturersModelName": "TrioTim",
    "Modality": "MR",
    "ParallelReductionFactorInPlane": 2,
    "PartialFourier": 1,
    "PatientPosition": "HFS",
    "PercentPhaseFOV": 100,
    "PhaseEncodingDirection": "j-",
    "PhaseEncodingSteps": 63,
    "PhaseResolution": 1,
    "PixelBandwidth": 2894,
    "ProcedureStepDescription": "Research_KIRWAN",
    "ProtocolName": "EPI_Run_2",
    "PulseSequenceDetails": "%CustomerSeq%_ep2d_bold_PMU",
    "ReceiveCoilName": "HeadMatrix",
    "ReconMatrixPE": 64,
    "RefLinesPE": 24,
    "RepetitionTime": 2,
    "SAR": 0.220095,
    "ScanOptions": "FS",
    "ScanningSequence": "EP",
    "SequenceName": "epfid2d1_64",
    "SequenceVariant": "SK",
    "SeriesDescription": "EPI_Run_2",
    "SeriesNumber": 4,
    "ShimSetting": [
      -2679,
      -23096,
      2496,
      694,
      13,
      174,
      -359,
      -1
    ],
    "SliceThickness": 3,
    "SliceTiming": [
      1.005,
      0,
      1.055,
      0.05,
      1.105,
      0.1,
      1.155,
      0.1525,
      1.205,
      0.2025,
      1.255,
      0.2525,
      1.305,
      0.3025,
      1.355,
      0.3525,
      1.405,
      0.4025,
      1.4575,
      0.4525,
      1.5075,
      0.5025,
      1.5575,
      0.5525,
      1.6075,
      0.6025,
      1.6575,
      0.6525,
      1.7075,
      0.7025,
      1.7575,
      0.7525,
      1.8075,
      0.805,
      1.8575,
      0.855,
      1.9075,
      0.905,
      1.9575,
      0.955
    ],
    "SoftwareVersions": "syngo_MR_B17",
    "SpacingBetweenSlices": 3,
    "StationName": "MININT-E41B04",
    "TaskName": "RSE1",
    "TotalReadoutTime": 0.0135451,
    "TxRefAmp": 330.771,
    "dataset": "ds002363",
    "modality": "bold",
    "run_id": 2,
    "subject_id": "02",
    "task_id": "rse1"
  },
  "dummy_trs": 0,
  "dvars_nstd": 30.600593944933905,
  "dvars_std": 1.0569449760792953,
  "dvars_vstd": 1.0071902148017615,
  "efc": 0.5321664506046268,
  "fber": 796.2588500976562,
  "fd_mean": 0.10643475158740182,
  "fd_num": 24,
  "fd_perc": 10.526315789473685,
  "fwhm_avg": 1.9528216565656564,
  "fwhm_x": 1.7732189090909092,
  "fwhm_y": 2.034152727272727,
  "fwhm_z": 2.051093333333333,
  "gcor": 0.0461291,
  "gsr_x": -0.013733240775763988,
  "gsr_y": 0.03019801899790764,
  "provenance": {
    "md5sum": "52d30c99c8d29c5fcd86aae539978a60",
    "settings": {
      "fd_thres": 0.2,
      "testing": false
    },
    "software": "mriqc",
    "version": "22.0.6",
    "webapi_port": null,
    "webapi_url": "https://mriqc.nimh.nih.gov/api/v1"
  },
  "size_t": 228,
  "size_x": 64,
  "size_y": 64,
  "size_z": 40,
  "snr": 6.028246860778238,
  "spacing_tr": 2.0,
  "spacing_x": 3.4375,
  "spacing_y": 3.4375,
  "spacing_z": 3.0,
  "summary_bg_k": 45.92710372089549,
  "summary_bg_mad": 7.634102881490644,
  "summary_bg_mean": 49.28007507324219,
  "summary_bg_median": 27.842105865478516,
  "summary_bg_n": 102258.0,
  "summary_bg_p05": 21.48684310913086,
  "summary_bg_p95": 156.23684692382812,
  "summary_bg_stdv": 65.51756286621094,
  "summary_fg_k": 1.379465540447792,
  "summary_fg_mad": 116.94350765551962,
  "summary_fg_mean": 798.2802124023438,
  "summary_fg_median": 796.3421020507812,
  "summary_fg_n": 28323.0,
  "summary_fg_p05": 580.8517578125,
  "summary_fg_p95": 1013.4026245117187,
  "summary_fg_stdv": 132.0994415283203,
  "tsnr": 46.90240742958849
}