{
  "aor": 0.0007347169811320755,
  "aqi": 0.0076892059905660365,
  "bids_meta": {
    "AcquisitionMatrixPE": 64,
    "AcquisitionNumber": 1,
    "AcquisitionTime": "15:33:39.632500",
    "BandwidthPerPixelPhaseEncode": 72.674,
    "BaseResolution": 64,
    "CoilString": "T:HEA;HEP",
    "ConversionSoftware": "dcm2niix",
    "ConversionSoftwareVersion": "v1.0.20190902",
    "DerivedVendorReportedEchoSpacing": 0.000430002,
    "DeviceSerialNumber": "35002",
    "DwellTime": 2.7e-06,
    "EchoTime": 0.028,
    "EffectiveEchoSpacing": 0.000215001,
    "FlipAngle": 90,
    "ImageOrientationPatientDICOM": [
      1,
      0,
      0,
      0,
      0.971961,
      -0.235142
    ],
    "ImageType": [
      "ORIGINAL",
      "PRIMARY",
      "M",
      "ND",
      "MOSAIC"
    ],
    "ImagingFrequency": 123.256,
    "InPlanePhaseEncodingDirectionDICOM": "COL",
    "InstitutionAddress": "University_Pkwy_1700_North_685_Provo_UT_US_84601",
    "InstitutionName": "Brigham_Young_University",
    "InstitutionalDepartmentName": "MRI",
    "MRAcquisitionType": "2D",
    "MagneticFieldStrength": 3,
    "Manufacturer": "Siemens",
    "ManufacturersModelName": "TrioTim",
    "Modality": "MR",
    "ParallelReductionFactorInPlane": 2,
    "PartialFourier": 1,
    "PatientPosition": "HFS",
    "PercentPhaseFOV": 100,
    "PhaseEncodingDirection": "j-",
    "PhaseEncodingSteps": 63,
    "PhaseResolution": 1,
    "PixelBandwidth": 2894,
    "ProcedureStepDescription": "Research_KIRWAN",
    "ProtocolName": "EPI_Run_1",
    "PulseSequenceDetails": "%CustomerSeq%_ep2d_bold_PMU",
    "ReceiveCoilName": "HeadMatrix",
    "ReconMatrixPE": 64,
    "RefLinesPE": 24,
    "RepetitionTime": 2,
    "SAR": 0.220095,
    "ScanOptions": "FS",
    "ScanningSequence": "EP",
    "SequenceName": "epfid2d1_64",
    "SequenceVariant": "SK",
    "SeriesDescription": "EPI_Run_1",
    "SeriesNumber": 3,
    "ShimSetting": [
      -2679,
      -23096,
      2496,
      694,
      13,
      174,
      -359,
      -1
    ],
    "SliceThickness": 3,
    "SliceTiming": [
      1.0025,
      0,
      1.0525,
      0.05,
      1.1025,
      0.1,
      1.155,
      0.15,
      1.205,
      0.2,
      1.255,
      0.25,
      1.305,
      0.3,
      1.355,
      0.35,
      1.405,
      0.4,
      1.455,
      0.45,
      1.505,
      0.5025,
      1.555,
      0.5525,
      1.605,
      0.6025,
      1.655,
      0.6525,
      1.705,
      0.7025,
      1.755,
      0.7525,
      1.8075,
      0.8025,
      1.8575,
      0.8525,
      1.9075,
      0.9025,
      1.9575,
      0.9525
    ],
    "SoftwareVersions": "syngo_MR_B17",
    "SpacingBetweenSlices": 3,
    "StationName": "MININT-E41B04",
    "TaskName": "RSE1",
    "TotalReadoutTime": 0.0135451,
    "TxRefAmp": 330.771,
    "dataset": "ds002363",
    "modality": "bold",
    "run_id": 1,
    "subject_id": "02",
    "task_id": "rse1"
  },
  "dummy_trs": 0,
  "dvars_nstd": 30.441705839241713,
  "dvars_std": 1.0661759483886255,
  "dvars_vstd": 1.0065251215165876,
  "efc": 0.5320989846915334,
  "fber": 799.8281860351562,
  "fd_mean": 0.08720264982979367,
  "fd_num": 15,
  "fd_perc": 7.0754716981132075,
  "fwhm_avg": 1.9475332525252522,
  "fwhm_x": 1.7682850909090908,
  "fwhm_y": 2.032928,
  "fwhm_z": 2.0413866666666665,
  "gcor": 0.023826,
  "gsr_x": -0.013404503464698792,
  "gsr_y": 0.030057493597269058,
  "provenance": {
    "md5sum": "370c4c327cf8d905b38b816896e14c98",
    "settings": {
      "fd_thres": 0.2,
      "testing": false
    },
    "software": "mriqc",
    "version": "22.0.6",
    "webapi_port": null,
    "webapi_url": "https://mriqc.nimh.nih.gov/api/v1"
  },
  "size_t": 212,
  "size_x": 64,
  "size_y": 64,
  "size_z": 40,
  "snr": 5.969646311978586,
  "spacing_tr": 2.0,
  "spacing_x": 3.4375,
  "spacing_y": 3.4375,
  "spacing_z": 3.0,
  "summary_bg_k": 43.48546796292201,
  "summary_bg_mad": 7.825621126902537,
  "summary_bg_mean": 49.55696105957031,
  "summary_bg_median": 27.83490562438965,
  "summary_bg_n": 102210.0,
  "summary_bg_p05": 21.221698760986328,
  "summary_bg_p95": 155.8547180175779,
  "summary_bg_stdv": 67.00057220458984,
  "summary_fg_k": 1.3573439108675691,
  "summary_fg_mad": 117.95076139661984,
  "summary_fg_mean": 799.6909790039062,
  "summary_fg_median": 797.6981201171875,
  "summary_fg_n": 28367.0,
  "summary_fg_p05": 580.0518737792969,
  "summary_fg_p95": 1016.8146301269531,
  "summary_fg_stdv": 133.6233367919922,
  "tsnr": 48.587198364548385
}