{
  "bids_meta": {
    "AcquisitionMatrixPE": 215,
    "AcquisitionNumber": 1,
    "AcquisitionTime": "11:08:2.025000",
    "BaseResolution": 256,
    "CoilString": "C:HEA;HEP",
    "ConversionSoftware": "dcm2niix",
    "ConversionSoftwareVersion": "v1.0.20190902",
    "DeviceSerialNumber": "35002",
    "DwellTime": 9.8e-06,
    "EchoTime": 0.00226,
    "FlipAngle": 9,
    "ImageOrientationPatientDICOM": [
      0,
      1,
      0,
      0,
      0,
      -1
    ],
    "ImageType": [
      "ORIGINAL",
      "PRIMARY",
      "M",
      "ND",
      "NORM"
    ],
    "ImagingFrequency": 123.256,
    "InPlanePhaseEncodingDirectionDICOM": "ROW",
    "InstitutionAddress": "University_Pkwy_1700_North_685_Provo_UT_US_84601",
    "InstitutionName": "Brigham_Young_University",
    "InstitutionalDepartmentName": "MRI",
    "InversionTime": 0.9,
    "MRAcquisitionType": "3D",
    "MagneticFieldStrength": 3,
    "Manufacturer": "Siemens",
    "ManufacturersModelName": "TrioTim",
    "Modality": "MR",
    "PartialFourier": 0.875,
    "PatientPosition": "HFS",
    "PercentPhaseFOV": 87.5,
    "PhaseEncodingSteps": 227,
    "PhaseOversampling": 0.2,
    "PhaseResolution": 0.96,
    "PixelBandwidth": 199,
    "ProcedureStepDescription": "Research_KIRWAN",
    "ProtocolName": "t1_mpr_sag_iso_mprage",
    "PulseSequenceDetails": "%SiemensSeq%_tfl",
    "ReceiveCoilName": "HeadMatrix",
    "ReconMatrixPE": 224,
    "RepetitionTime": 1.9,
    "SAR": 0.0901014,
    "ScanOptions": "IR_PFP",
    "ScanningSequence": "GR_IR",
    "SequenceName": "_tfl3d1_ns",
    "SequenceVariant": "SP_MP_OSP",
    "SeriesDescription": "t1_mpr_sag_iso_mprage",
    "SeriesNumber": 2,
    "ShimSetting": [
      -2655,
      -23109,
      2059,
      81,
      -13,
      -145,
      -152,
      15
    ],
    "SliceThickness": 1,
    "SoftwareVersions": "syngo_MR_B17",
    "StationName": "MININT-E41B04",
    "TxRefAmp": 318.465,
    "dataset": "ds002363",
    "modality": "T1w",
    "subject_id": "19"
  },
  "cjv": 0.3443602245889465,
  "cnr": 3.989088894470893,
  "efc": 0.5933544084427792,
  "fber": 14380.5066015625,
  "fwhm_avg": 4.732550213333333,
  "fwhm_x": 4.49053,
  "fwhm_y": 5.06267648,
  "fwhm_z": 4.64444416,
  "icvs_csf": 0.19664994920703405,
  "icvs_gm": 0.44247750736201164,
  "icvs_wm": 0.3608725434309543,
  "inu_med": 0.4262866675853729,
  "inu_range": 0.17604325711727142,
  "provenance": {
    "md5sum": "bfabc389ea15833085c9d632b93cd823",
    "settings": {
      "testing": false
    },
    "software": "mriqc",
    "version": "22.0.6",
    "warnings": {
      "large_rot_frame": true,
      "small_air_mask": false
    },
    "webapi_port": null,
    "webapi_url": "https://mriqc.nimh.nih.gov/api/v1"
  },
  "qi_1": 0.0,
  "qi_2": 0.00983336434799131,
  "rpve_csf": 21.93644863583188,
  "rpve_gm": 10.392269943774206,
  "rpve_wm": 14.441871865900406,
  "size_x": 172,
  "size_y": 224,
  "size_z": 256,
  "snr_csf": 2.3608781137028334,
  "snr_gm": 13.973243399201172,
  "snr_total": 14.913490457758101,
  "snr_wm": 28.406349860370295,
  "snrd_csf": 23.744056305992846,
  "snrd_gm": 68.19077240149785,
  "snrd_total": 61.20341138103101,
  "snrd_wm": 91.67540543560234,
  "spacing_x": 1.0,
  "spacing_y": 0.9765625,
  "spacing_z": 0.9765625,
  "summary_bg_k": 6.309505657642687,
  "summary_bg_mad": 0.0,
  "summary_bg_mean": 4.453016919337939,
  "summary_bg_median": 0.0,
  "summary_bg_n": 2262369.0,
  "summary_bg_p05": 0.0,
  "summary_bg_p95": 19.772118899971247,
  "summary_bg_stdv": 7.146527712273374,
  "summary_csf_k": 0.9124076432381076,
  "summary_csf_mad": 83.1948782107353,
  "summary_csf_mean": 273.1983221050338,
  "summary_csf_median": 259.011034026742,
  "summary_csf_n": 35314.0,
  "summary_csf_p05": 83.51765364725144,
  "summary_csf_p95": 479.7568741032853,
  "summary_csf_stdv": 109.70806380912875,
  "summary_gm_k": -0.037222753728077596,
  "summary_gm_mad": 53.71507398742233,
  "summary_gm_mean": 742.0020314563034,
  "summary_gm_median": 743.8561568073928,
  "summary_gm_n": 44049.0,
  "summary_gm_p05": 651.9213892668486,
  "summary_gm_p95": 826.2809447489678,
  "summary_gm_stdv": 53.23371904436449,
  "summary_wm_k": 0.20752547302345503,
  "summary_wm_mad": 34.503516178971175,
  "summary_wm_mean": 1000.8360322295036,
  "summary_wm_median": 1000.0372830443084,
  "summary_wm_n": 218126.0,
  "summary_wm_p05": 944.4444892257452,
  "summary_wm_p95": 1059.8749385476112,
  "summary_wm_stdv": 35.20462838832617,
  "tpm_overlap_csf": 0.13961252408850444,
  "tpm_overlap_gm": 0.4628924540164021,
  "tpm_overlap_wm": 0.5034658198234628,
  "wm2max": 0.5123776441298664
}