{
  "bids_meta": {
    "AcquisitionMatrixPE": 215,
    "AcquisitionNumber": 1,
    "AcquisitionTime": "14:12:15.187500",
    "BaseResolution": 256,
    "CoilString": "C:HEA;HEP",
    "ConversionSoftware": "dcm2niix",
    "ConversionSoftwareVersion": "v1.0.20190902",
    "DeviceSerialNumber": "35002",
    "DwellTime": 9.8e-06,
    "EchoTime": 0.00226,
    "FlipAngle": 9,
    "ImageOrientationPatientDICOM": [
      0,
      1,
      0,
      0,
      0,
      -1
    ],
    "ImageType": [
      "ORIGINAL",
      "PRIMARY",
      "M",
      "ND",
      "NORM"
    ],
    "ImagingFrequency": 123.256,
    "InPlanePhaseEncodingDirectionDICOM": "ROW",
    "InstitutionAddress": "University_Pkwy_1700_North_685_Provo_UT_US_84601",
    "InstitutionName": "Brigham_Young_University",
    "InstitutionalDepartmentName": "MRI",
    "InversionTime": 0.9,
    "MRAcquisitionType": "3D",
    "MagneticFieldStrength": 3,
    "Manufacturer": "Siemens",
    "ManufacturersModelName": "TrioTim",
    "Modality": "MR",
    "PartialFourier": 0.875,
    "PatientPosition": "HFS",
    "PercentPhaseFOV": 87.5,
    "PhaseEncodingSteps": 227,
    "PhaseOversampling": 0.2,
    "PhaseResolution": 0.96,
    "PixelBandwidth": 199,
    "ProcedureStepDescription": "Research_KIRWAN",
    "ProtocolName": "t1_mpr_sag_iso_(mprage)",
    "PulseSequenceDetails": "%SiemensSeq%_tfl",
    "ReceiveCoilName": "HeadMatrix",
    "ReconMatrixPE": 224,
    "RepetitionTime": 1.9,
    "SAR": 0.111094,
    "ScanOptions": "IR_PFP",
    "ScanningSequence": "GR_IR",
    "SequenceName": "_tfl3d1_ns",
    "SequenceVariant": "SP_MP_OSP",
    "SeriesDescription": "t1_mpr_sag_iso_(mprage)",
    "SeriesNumber": 2,
    "ShimSetting": [
      -2655,
      -23109,
      2059,
      81,
      -13,
      -145,
      -152,
      15
    ],
    "SliceThickness": 1,
    "SoftwareVersions": "syngo_MR_B17",
    "StationName": "MININT-E41B04",
    "TxRefAmp": 316.885,
    "dataset": "ds002363",
    "modality": "T1w",
    "subject_id": "03"
  },
  "cjv": 0.35693719901949705,
  "cnr": 3.8251168441413412,
  "efc": 0.5867308123099452,
  "fber": 20680.940945179584,
  "fwhm_avg": 4.482339013333333,
  "fwhm_x": 4.24181,
  "fwhm_y": 4.8565657600000005,
  "fwhm_z": 4.34864128,
  "icvs_csf": 0.17791525249507886,
  "icvs_gm": 0.45454297947555045,
  "icvs_wm": 0.3675417680293707,
  "inu_med": 0.400240421295166,
  "inu_range": 0.15631340444087982,
  "provenance": {
    "md5sum": "fcfa1939b506b5f1a623fac73471741a",
    "settings": {
      "testing": false
    },
    "software": "mriqc",
    "version": "22.0.6",
    "warnings": {
      "large_rot_frame": true,
      "small_air_mask": false
    },
    "webapi_port": null,
    "webapi_url": "https://mriqc.nimh.nih.gov/api/v1"
  },
  "qi_1": 0.0,
  "qi_2": 0.007316106431085507,
  "rpve_csf": 22.914536464191976,
  "rpve_gm": 10.105869330476075,
  "rpve_wm": 14.317597251358144,
  "size_x": 172,
  "size_y": 224,
  "size_z": 256,
  "snr_csf": 3.188520089332946,
  "snr_gm": 14.229797703036425,
  "snr_total": 14.546350305357365,
  "snr_wm": 26.22073312370272,
  "snrd_csf": 30.732056553569937,
  "snrd_gm": 68.71671755296272,
  "snrd_total": 63.701975340469204,
  "snrd_wm": 91.65715191487496,
  "spacing_x": 1.0,
  "spacing_y": 0.9765625,
  "spacing_z": 0.9765625,
  "summary_bg_k": 10.323449099512377,
  "summary_bg_mad": 0.0,
  "summary_bg_mean": 4.085467813106024,
  "summary_bg_median": 0.0,
  "summary_bg_n": 2349444.0,
  "summary_bg_p05": 0.0,
  "summary_bg_p95": 18.784288346767426,
  "summary_bg_stdv": 7.147998323755374,
  "summary_csf_k": 0.7666304075089223,
  "summary_csf_mad": 88.81948981587387,
  "summary_csf_mean": 342.48055502749446,
  "summary_csf_median": 335.3083246946335,
  "summary_csf_n": 19601.0,
  "summary_csf_p05": 177.7924114316702,
  "summary_csf_p95": 527.5839491039515,
  "summary_csf_stdv": 105.15843144908204,
  "summary_gm_k": 0.039946580507490115,
  "summary_gm_mad": 52.38072476320767,
  "summary_gm_mean": 748.1203501479235,
  "summary_gm_median": 749.7476584762335,
  "summary_gm_n": 47175.0,
  "summary_gm_p05": 658.1084199994802,
  "summary_gm_p95": 832.696969166398,
  "summary_gm_stdv": 52.688009178308135,
  "summary_wm_k": 0.3822329460672491,
  "summary_wm_mad": 36.95931883913286,
  "summary_wm_mean": 1001.492828203584,
  "summary_wm_median": 1000.043911844492,
  "summary_wm_n": 223329.0,
  "summary_wm_p05": 941.3649550229311,
  "summary_wm_p95": 1066.1400292515755,
  "summary_wm_stdv": 38.13934828505069,
  "tpm_overlap_csf": 0.15196973071439956,
  "tpm_overlap_gm": 0.4733087629542618,
  "tpm_overlap_wm": 0.5246386841553422,
  "wm2max": 0.4489586822453845
}