{
  "aor": 0.0005181578947368421,
  "aqi": 0.0066019525,
  "bids_meta": {
    "AcquisitionMatrixPE": 64,
    "AcquisitionNumber": 1,
    "AcquisitionTime": "09:03:54.690000",
    "BandwidthPerPixelPhaseEncode": 72.674,
    "BaseResolution": 64,
    "CoilString": "T:HEA;HEP",
    "ConversionSoftware": "dcm2niix",
    "ConversionSoftwareVersion": "v1.0.20190902",
    "DerivedVendorReportedEchoSpacing": 0.000430002,
    "DeviceSerialNumber": "35002",
    "DwellTime": 2.7e-06,
    "EchoTime": 0.028,
    "EffectiveEchoSpacing": 0.000215001,
    "FlipAngle": 90,
    "ImageOrientationPatientDICOM": [
      1,
      -1e-16,
      0,
      1e-16,
      0.996195,
      0.0871557
    ],
    "ImageType": [
      "ORIGINAL",
      "PRIMARY",
      "M",
      "ND",
      "MOSAIC"
    ],
    "ImagingFrequency": 123.256,
    "InPlanePhaseEncodingDirectionDICOM": "COL",
    "InstitutionAddress": "University_Pkwy_1700_North_685_Provo_UT_US_84601",
    "InstitutionName": "Brigham_Young_University",
    "InstitutionalDepartmentName": "MRI",
    "MRAcquisitionType": "2D",
    "MagneticFieldStrength": 3,
    "Manufacturer": "Siemens",
    "ManufacturersModelName": "TrioTim",
    "Modality": "MR",
    "ParallelReductionFactorInPlane": 2,
    "PartialFourier": 1,
    "PatientPosition": "HFS",
    "PercentPhaseFOV": 100,
    "PhaseEncodingDirection": "j-",
    "PhaseEncodingSteps": 63,
    "PhaseResolution": 1,
    "PixelBandwidth": 2894,
    "ProcedureStepDescription": "Research_KIRWAN",
    "ProtocolName": "EPI_Run_2",
    "PulseSequenceDetails": "%CustomerSeq%_ep2d_bold_PMU",
    "ReceiveCoilName": "HeadMatrix",
    "ReconMatrixPE": 64,
    "RefLinesPE": 24,
    "RepetitionTime": 2,
    "SAR": 0.188797,
    "ScanOptions": "FS",
    "ScanningSequence": "EP",
    "SequenceName": "epfid2d1_64",
    "SequenceVariant": "SK",
    "SeriesDescription": "EPI_Run_2",
    "SeriesNumber": 4,
    "ShimSetting": [
      -2681,
      -23160,
      2525,
      636,
      26,
      -178,
      228,
      44
    ],
    "SliceThickness": 3,
    "SliceTiming": [
      1.005,
      0,
      1.055,
      0.05,
      1.105,
      0.1,
      1.155,
      0.15,
      1.205,
      0.2,
      1.255,
      0.25,
      1.305,
      0.3025,
      1.355,
      0.3525,
      1.405,
      0.4025,
      1.455,
      0.4525,
      1.505,
      0.5025,
      1.555,
      0.5525,
      1.605,
      0.6025,
      1.6575,
      0.6525,
      1.7075,
      0.7025,
      1.7575,
      0.7525,
      1.8075,
      0.8025,
      1.8575,
      0.8525,
      1.9075,
      0.9025,
      1.9575,
      0.955
    ],
    "SoftwareVersions": "syngo_MR_B17",
    "SpacingBetweenSlices": 3,
    "StationName": "MININT-E41B04",
    "TaskName": "RSE1",
    "TotalReadoutTime": 0.0135451,
    "TxRefAmp": 308.258,
    "dataset": "ds002363",
    "modality": "bold",
    "run_id": 2,
    "subject_id": "09",
    "task_id": "rse1"
  },
  "dummy_trs": 0,
  "dvars_nstd": 29.844204629295163,
  "dvars_std": 1.0493095117621145,
  "dvars_vstd": 1.002918552202643,
  "efc": 0.5535632423363543,
  "fber": 682.1524658203125,
  "fd_mean": 0.05421882466679699,
  "fd_num": 3,
  "fd_perc": 1.3157894736842106,
  "fwhm_avg": 1.9538819523754984,
  "fwhm_x": 1.771197090909091,
  "fwhm_y": 2.059938766217404,
  "fwhm_z": 2.03051,
  "gcor": 0.0170141,
  "gsr_x": -0.007240525912493467,
  "gsr_y": 0.03966817259788513,
  "provenance": {
    "md5sum": "4c59217faa20b0f65fee019d5593b7e4",
    "settings": {
      "fd_thres": 0.2,
      "testing": false
    },
    "software": "mriqc",
    "version": "22.0.6",
    "webapi_port": null,
    "webapi_url": "https://mriqc.nimh.nih.gov/api/v1"
  },
  "size_t": 228,
  "size_x": 64,
  "size_y": 64,
  "size_z": 40,
  "snr": 5.4293564239112415,
  "spacing_tr": 2.0,
  "spacing_x": 3.4375,
  "spacing_y": 3.437500238418579,
  "spacing_z": 3.0,
  "summary_bg_k": 51.63315771383977,
  "summary_bg_mad": 12.621628120728156,
  "summary_bg_mean": 56.44761657714844,
  "summary_bg_median": 31.90350914001465,
  "summary_bg_n": 97797.0,
  "summary_bg_p05": 21.460527420043945,
  "summary_bg_p95": 176.61753845214838,
  "summary_bg_stdv": 74.9955825805664,
  "summary_fg_k": 1.0467247710930048,
  "summary_fg_mad": 140.01487584556793,
  "summary_fg_mean": 855.6592407226562,
  "summary_fg_median": 843.635986328125,
  "summary_fg_n": 32165.0,
  "summary_fg_p05": 617.5999877929687,
  "summary_fg_p95": 1119.8087890625,
  "summary_fg_stdv": 155.38174438476562,
  "tsnr": 48.631148229877
}