{
  "aor": 0.001029780701754386,
  "aqi": 0.011797417982456138,
  "bids_meta": {
    "AcquisitionMatrixPE": 64,
    "AcquisitionNumber": 1,
    "AcquisitionTime": "08:55:37.537500",
    "BandwidthPerPixelPhaseEncode": 72.674,
    "BaseResolution": 64,
    "CoilString": "T:HEA;HEP",
    "ConversionSoftware": "dcm2niix",
    "ConversionSoftwareVersion": "v1.0.20190902",
    "DerivedVendorReportedEchoSpacing": 0.000430002,
    "DeviceSerialNumber": "35002",
    "DwellTime": 2.7e-06,
    "EchoTime": 0.028,
    "EffectiveEchoSpacing": 0.000215001,
    "FlipAngle": 90,
    "ImageOrientationPatientDICOM": [
      1,
      -1e-16,
      0,
      1e-16,
      0.996195,
      0.0871557
    ],
    "ImageType": [
      "ORIGINAL",
      "PRIMARY",
      "M",
      "ND",
      "MOSAIC"
    ],
    "ImagingFrequency": 123.256,
    "InPlanePhaseEncodingDirectionDICOM": "COL",
    "InstitutionAddress": "University_Pkwy_1700_North_685_Provo_UT_US_84601",
    "InstitutionName": "Brigham_Young_University",
    "InstitutionalDepartmentName": "MRI",
    "MRAcquisitionType": "2D",
    "MagneticFieldStrength": 3,
    "Manufacturer": "Siemens",
    "ManufacturersModelName": "TrioTim",
    "Modality": "MR",
    "ParallelReductionFactorInPlane": 2,
    "PartialFourier": 1,
    "PatientPosition": "HFS",
    "PercentPhaseFOV": 100,
    "PhaseEncodingDirection": "j-",
    "PhaseEncodingSteps": 63,
    "PhaseResolution": 1,
    "PixelBandwidth": 2894,
    "ProcedureStepDescription": "Research_KIRWAN",
    "ProtocolName": "EPI_Run_1",
    "PulseSequenceDetails": "%CustomerSeq%_ep2d_bold_PMU",
    "ReceiveCoilName": "HeadMatrix",
    "ReconMatrixPE": 64,
    "RefLinesPE": 24,
    "RepetitionTime": 2,
    "SAR": 0.188797,
    "ScanOptions": "FS",
    "ScanningSequence": "EP",
    "SequenceName": "epfid2d1_64",
    "SequenceVariant": "SK",
    "SeriesDescription": "EPI_Run_1",
    "SeriesNumber": 3,
    "ShimSetting": [
      -2681,
      -23160,
      2525,
      636,
      26,
      -178,
      228,
      44
    ],
    "SliceThickness": 3,
    "SliceTiming": [
      1.005,
      0,
      1.055,
      0.05,
      1.105,
      0.1,
      1.155,
      0.15,
      1.205,
      0.2,
      1.255,
      0.25,
      1.305,
      0.3,
      1.355,
      0.3525,
      1.405,
      0.4025,
      1.455,
      0.4525,
      1.505,
      0.5025,
      1.555,
      0.5525,
      1.605,
      0.6025,
      1.6575,
      0.6525,
      1.7075,
      0.7025,
      1.7575,
      0.7525,
      1.8075,
      0.8025,
      1.8575,
      0.8525,
      1.9075,
      0.9025,
      1.9575,
      0.9525
    ],
    "SoftwareVersions": "syngo_MR_B17",
    "SpacingBetweenSlices": 3,
    "StationName": "MININT-E41B04",
    "TaskName": "RSE1",
    "TotalReadoutTime": 0.0135451,
    "TxRefAmp": 308.258,
    "dataset": "ds002363",
    "modality": "bold",
    "run_id": 1,
    "subject_id": "09",
    "task_id": "rse1"
  },
  "dummy_trs": 0,
  "dvars_nstd": 29.343759982334802,
  "dvars_std": 1.0004985537444937,
  "dvars_vstd": 0.9723157675770921,
  "efc": 0.5553747247087661,
  "fber": 667.5855102539062,
  "fd_mean": 0.054378460676912765,
  "fd_num": 0,
  "fd_perc": 0.0,
  "fwhm_avg": 2.0043048199145024,
  "fwhm_x": 1.822562909090909,
  "fwhm_y": 2.1095882173192653,
  "fwhm_z": 2.080763333333333,
  "gcor": 0.00542088,
  "gsr_x": -0.010583135299384594,
  "gsr_y": 0.045032963156700134,
  "provenance": {
    "md5sum": "2f23f49a9f64f6a6859286a1322bca83",
    "settings": {
      "fd_thres": 0.2,
      "testing": false
    },
    "software": "mriqc",
    "version": "22.0.6",
    "webapi_port": null,
    "webapi_url": "https://mriqc.nimh.nih.gov/api/v1"
  },
  "size_t": 228,
  "size_x": 64,
  "size_y": 64,
  "size_z": 40,
  "snr": 5.436596107638186,
  "spacing_tr": 2.0,
  "spacing_x": 3.4375,
  "spacing_y": 3.437500238418579,
  "spacing_z": 3.0,
  "summary_bg_k": 46.07059838830125,
  "summary_bg_mad": 13.401942101163405,
  "summary_bg_mean": 58.6020622253418,
  "summary_bg_median": 32.76315689086914,
  "summary_bg_n": 97891.0,
  "summary_bg_p05": 21.84649085998535,
  "summary_bg_p95": 180.61842346191406,
  "summary_bg_stdv": 77.06393432617188,
  "summary_fg_k": 0.9315286462653818,
  "summary_fg_mad": 142.7492381036602,
  "summary_fg_mean": 862.86328125,
  "summary_fg_median": 850.1535034179688,
  "summary_fg_n": 32276.0,
  "summary_fg_p05": 622.8234710693359,
  "summary_fg_p95": 1129.8366394042969,
  "summary_fg_stdv": 156.37364196777344,
  "tsnr": 40.6302696489729
}