{
  "bids_meta": {
    "AcquisitionMatrixPE": 215,
    "AcquisitionNumber": 1,
    "AcquisitionTime": "08:07:22.067500",
    "BaseResolution": 256,
    "CoilString": "C:HEA;HEP",
    "ConversionSoftware": "dcm2niix",
    "ConversionSoftwareVersion": "v1.0.20190902",
    "DeviceSerialNumber": "35002",
    "DwellTime": 9.8e-06,
    "EchoTime": 0.00226,
    "FlipAngle": 9,
    "ImageOrientationPatientDICOM": [
      0,
      1,
      0,
      -0.0488498,
      0,
      -0.998806
    ],
    "ImageType": [
      "ORIGINAL",
      "PRIMARY",
      "M",
      "ND",
      "NORM"
    ],
    "ImagingFrequency": 123.256,
    "InPlanePhaseEncodingDirectionDICOM": "ROW",
    "InstitutionAddress": "University_Pkwy_1700_North_685_Provo_UT_US_84601",
    "InstitutionName": "Brigham_Young_University",
    "InstitutionalDepartmentName": "MRI",
    "InversionTime": 0.9,
    "MRAcquisitionType": "3D",
    "MagneticFieldStrength": 3,
    "Manufacturer": "Siemens",
    "ManufacturersModelName": "TrioTim",
    "Modality": "MR",
    "PartialFourier": 0.875,
    "PatientPosition": "HFS",
    "PercentPhaseFOV": 87.5,
    "PhaseEncodingSteps": 227,
    "PhaseOversampling": 0.2,
    "PhaseResolution": 0.96,
    "PixelBandwidth": 199,
    "ProcedureStepDescription": "Research_KIRWAN",
    "ProtocolName": "t1_mpr_sag_iso_mprage",
    "PulseSequenceDetails": "%SiemensSeq%_tfl",
    "ReceiveCoilName": "HeadMatrix",
    "ReconMatrixPE": 224,
    "RepetitionTime": 1.9,
    "SAR": 0.17677,
    "ScanOptions": "IR_PFP",
    "ScanningSequence": "GR_IR",
    "SequenceName": "_tfl3d1_ns",
    "SequenceVariant": "SP_MP_OSP",
    "SeriesDescription": "t1_mpr_sag_iso_mprage",
    "SeriesNumber": 2,
    "ShimSetting": [
      -2655,
      -23109,
      2059,
      81,
      -13,
      -145,
      -152,
      15
    ],
    "SliceThickness": 1,
    "SoftwareVersions": "syngo_MR_B17",
    "StationName": "MININT-E41B04",
    "TxRefAmp": 399.431,
    "dataset": "ds002363",
    "modality": "T1w",
    "subject_id": "12"
  },
  "cjv": 0.40217495746833665,
  "cnr": 3.4404184607270447,
  "efc": 0.6310093578659528,
  "fber": 13221.54157951269,
  "fwhm_avg": 4.474268640905611,
  "fwhm_x": 4.106566292856193,
  "fwhm_y": 4.894842880000001,
  "fwhm_z": 4.421396749860642,
  "icvs_csf": 0.18387059080107732,
  "icvs_gm": 0.438134217936715,
  "icvs_wm": 0.3779951912622077,
  "inu_med": 0.4929486811161041,
  "inu_range": 0.21990039944648743,
  "provenance": {
    "md5sum": "da3401a13e4b09a956355a75121da75a",
    "settings": {
      "testing": false
    },
    "software": "mriqc",
    "version": "22.0.6",
    "warnings": {
      "large_rot_frame": true,
      "small_air_mask": false
    },
    "webapi_port": null,
    "webapi_url": "https://mriqc.nimh.nih.gov/api/v1"
  },
  "qi_1": 0.0,
  "qi_2": 0.009663941172123096,
  "rpve_csf": 22.600816776629348,
  "rpve_gm": 10.079567556644523,
  "rpve_wm": 13.079295769112447,
  "size_x": 170,
  "size_y": 224,
  "size_z": 256,
  "snr_csf": 2.5268695150096625,
  "snr_gm": 14.578340405384447,
  "snr_total": 12.748536118562422,
  "snr_wm": 21.14039843529316,
  "snrd_csf": 19.570385460714363,
  "snrd_gm": 44.41138245830986,
  "snrd_total": 40.92027091338898,
  "snrd_wm": 58.779044821142726,
  "spacing_x": 1.0000033378601074,
  "spacing_y": 0.9765625,
  "spacing_z": 0.9765624403953552,
  "summary_bg_k": 15.506095869946396,
  "summary_bg_mad": 0.0,
  "summary_bg_mean": 6.190428188742403,
  "summary_bg_median": 0.0,
  "summary_bg_n": 2708614.0,
  "summary_bg_p05": 0.0,
  "summary_bg_p95": 29.190947726368904,
  "summary_bg_stdv": 11.146332435123227,
  "summary_csf_k": -0.05891705509355738,
  "summary_csf_mad": 119.17172890060189,
  "summary_csf_mean": 325.4573403276495,
  "summary_csf_median": 332.9658102169633,
  "summary_csf_n": 28921.0,
  "summary_csf_p05": 83.7402187474072,
  "summary_csf_p95": 539.1925056651235,
  "summary_csf_stdv": 131.76780665489798,
  "summary_gm_k": -0.013577354430481137,
  "summary_gm_mad": 52.074387089812326,
  "summary_gm_mean": 754.3019428241408,
  "summary_gm_median": 755.6045317947865,
  "summary_gm_n": 35936.0,
  "summary_gm_p05": 667.7166783884168,
  "summary_gm_p95": 837.1921806558967,
  "summary_gm_stdv": 51.82990638941706,
  "summary_wm_k": 0.2672523760289658,
  "summary_wm_mad": 46.23645131741184,
  "summary_wm_mean": 1002.9230263273535,
  "summary_wm_median": 1000.0524681508541,
  "summary_wm_n": 209821.0,
  "summary_wm_p05": 930.3302045166492,
  "summary_wm_p95": 1085.1577312164009,
  "summary_wm_stdv": 47.30516731273353,
  "tpm_overlap_csf": 0.15464704602640175,
  "tpm_overlap_gm": 0.47118799032457376,
  "tpm_overlap_wm": 0.5152244013795647,
  "wm2max": 0.37272282555522945
}