{
  "aor": 0.0005461842105263158,
  "aqi": 0.008023773947368421,
  "bids_meta": {
    "AcquisitionMatrixPE": 64,
    "AcquisitionNumber": 1,
    "AcquisitionTime": "09:01:9.612500",
    "BandwidthPerPixelPhaseEncode": 72.674,
    "BaseResolution": 64,
    "CoilString": "T:HEA;HEP",
    "ConversionSoftware": "dcm2niix",
    "ConversionSoftwareVersion": "v1.0.20190902",
    "DerivedVendorReportedEchoSpacing": 0.000430002,
    "DeviceSerialNumber": "35002",
    "DwellTime": 2.7e-06,
    "EchoTime": 0.028,
    "EffectiveEchoSpacing": 0.000215001,
    "FlipAngle": 90,
    "ImageOrientationPatientDICOM": [
      1,
      1.67777e-06,
      2.98812e-05,
      -7.44877e-09,
      0.998441,
      -0.0558112
    ],
    "ImageType": [
      "ORIGINAL",
      "PRIMARY",
      "M",
      "ND",
      "MOSAIC"
    ],
    "ImagingFrequency": 123.256,
    "InPlanePhaseEncodingDirectionDICOM": "COL",
    "InstitutionAddress": "University_Pkwy_1700_North_685_Provo_UT_US_84601",
    "InstitutionName": "Brigham_Young_University",
    "InstitutionalDepartmentName": "MRI",
    "MRAcquisitionType": "2D",
    "MagneticFieldStrength": 3,
    "Manufacturer": "Siemens",
    "ManufacturersModelName": "TrioTim",
    "Modality": "MR",
    "ParallelReductionFactorInPlane": 2,
    "PartialFourier": 1,
    "PatientPosition": "HFS",
    "PercentPhaseFOV": 100,
    "PhaseEncodingDirection": "j-",
    "PhaseEncodingSteps": 63,
    "PhaseResolution": 1,
    "PixelBandwidth": 2894,
    "ProcedureStepDescription": "Research_KIRWAN",
    "ProtocolName": "EPI_Run_1",
    "PulseSequenceDetails": "%CustomerSeq%_ep2d_bold_PMU",
    "ReceiveCoilName": "HeadMatrix",
    "ReconMatrixPE": 64,
    "RefLinesPE": 24,
    "RepetitionTime": 2,
    "SAR": 0.178459,
    "ScanOptions": "FS",
    "ScanningSequence": "EP",
    "SequenceName": "epfid2d1_64",
    "SequenceVariant": "SK",
    "SeriesDescription": "EPI_Run_1",
    "SeriesNumber": 3,
    "ShimSetting": [
      -2674,
      -23163,
      2521,
      784,
      1,
      -77,
      -314,
      -8
    ],
    "SliceThickness": 3,
    "SliceTiming": [
      1.0025,
      0,
      1.0525,
      0.05,
      1.1025,
      0.1,
      1.155,
      0.15,
      1.205,
      0.2,
      1.255,
      0.25,
      1.305,
      0.3,
      1.355,
      0.35,
      1.405,
      0.4,
      1.455,
      0.45,
      1.505,
      0.5025,
      1.555,
      0.5525,
      1.605,
      0.6025,
      1.655,
      0.6525,
      1.705,
      0.7025,
      1.755,
      0.7525,
      1.8075,
      0.8025,
      1.8575,
      0.8525,
      1.9075,
      0.9025,
      1.9575,
      0.9525
    ],
    "SoftwareVersions": "syngo_MR_B17",
    "SpacingBetweenSlices": 3,
    "StationName": "MININT-E41B04",
    "TaskName": "RSE1",
    "TotalReadoutTime": 0.0135451,
    "TxRefAmp": 320.283,
    "dataset": "ds002363",
    "modality": "bold",
    "run_id": 1,
    "subject_id": "13",
    "task_id": "rse1"
  },
  "dummy_trs": 0,
  "dvars_nstd": 29.56064372127755,
  "dvars_std": 1.0598523461674005,
  "dvars_vstd": 1.0022731270484582,
  "efc": 0.5467004569413935,
  "fber": 835.1430053710938,
  "fd_mean": 0.0771186638455671,
  "fd_num": 4,
  "fd_perc": 1.7543859649122806,
  "fwhm_avg": 1.890065515151515,
  "fwhm_x": 1.7176814545454546,
  "fwhm_y": 1.958685090909091,
  "fwhm_z": 1.99383,
  "gcor": 0.00631268,
  "gsr_x": -0.009435314685106277,
  "gsr_y": 0.03398260101675987,
  "provenance": {
    "md5sum": "5b71943568600bc5c59af199d3a3ee3a",
    "settings": {
      "fd_thres": 0.2,
      "testing": false
    },
    "software": "mriqc",
    "version": "22.0.6",
    "webapi_port": null,
    "webapi_url": "https://mriqc.nimh.nih.gov/api/v1"
  },
  "size_t": 228,
  "size_x": 64,
  "size_y": 64,
  "size_z": 40,
  "snr": 6.109985042870005,
  "spacing_tr": 2.0,
  "spacing_x": 3.4375,
  "spacing_y": 3.4375,
  "spacing_z": 3.0,
  "summary_bg_k": 34.668831360025834,
  "summary_bg_mad": 9.331287202856968,
  "summary_bg_mean": 51.00684356689453,
  "summary_bg_median": 28.96929931640625,
  "summary_bg_n": 97829.0,
  "summary_bg_p05": 21.052631378173828,
  "summary_bg_p95": 152.9587707519529,
  "summary_bg_stdv": 69.26850128173828,
  "summary_fg_k": 1.3839103676918647,
  "summary_fg_mad": 127.35420940310348,
  "summary_fg_mean": 855.8466796875,
  "summary_fg_median": 851.9144897460938,
  "summary_fg_n": 32016.0,
  "summary_fg_p05": 641.176513671875,
  "summary_fg_p95": 1084.9539794921875,
  "summary_fg_stdv": 139.42770385742188,
  "tsnr": 50.57396085374057
}