{
  "aor": 0.000495482456140351,
  "aqi": 0.007907047236842105,
  "bids_meta": {
    "AcquisitionMatrixPE": 64,
    "AcquisitionNumber": 1,
    "AcquisitionTime": "09:09:15.550000",
    "BandwidthPerPixelPhaseEncode": 72.674,
    "BaseResolution": 64,
    "CoilString": "T:HEA;HEP",
    "ConversionSoftware": "dcm2niix",
    "ConversionSoftwareVersion": "v1.0.20190902",
    "DerivedVendorReportedEchoSpacing": 0.000430002,
    "DeviceSerialNumber": "35002",
    "DwellTime": 2.7e-06,
    "EchoTime": 0.028,
    "EffectiveEchoSpacing": 0.000215001,
    "FlipAngle": 90,
    "ImageOrientationPatientDICOM": [
      1,
      1.67777e-06,
      2.98812e-05,
      -7.44877e-09,
      0.998441,
      -0.0558112
    ],
    "ImageType": [
      "ORIGINAL",
      "PRIMARY",
      "M",
      "ND",
      "MOSAIC"
    ],
    "ImagingFrequency": 123.256,
    "InPlanePhaseEncodingDirectionDICOM": "COL",
    "InstitutionAddress": "University_Pkwy_1700_North_685_Provo_UT_US_84601",
    "InstitutionName": "Brigham_Young_University",
    "InstitutionalDepartmentName": "MRI",
    "MRAcquisitionType": "2D",
    "MagneticFieldStrength": 3,
    "Manufacturer": "Siemens",
    "ManufacturersModelName": "TrioTim",
    "Modality": "MR",
    "ParallelReductionFactorInPlane": 2,
    "PartialFourier": 1,
    "PatientPosition": "HFS",
    "PercentPhaseFOV": 100,
    "PhaseEncodingDirection": "j-",
    "PhaseEncodingSteps": 63,
    "PhaseResolution": 1,
    "PixelBandwidth": 2894,
    "ProcedureStepDescription": "Research_KIRWAN",
    "ProtocolName": "EPI_Run_2",
    "PulseSequenceDetails": "%CustomerSeq%_ep2d_bold_PMU",
    "ReceiveCoilName": "HeadMatrix",
    "ReconMatrixPE": 64,
    "RefLinesPE": 24,
    "RepetitionTime": 2,
    "SAR": 0.178459,
    "ScanOptions": "FS",
    "ScanningSequence": "EP",
    "SequenceName": "epfid2d1_64",
    "SequenceVariant": "SK",
    "SeriesDescription": "EPI_Run_2",
    "SeriesNumber": 4,
    "ShimSetting": [
      -2674,
      -23163,
      2521,
      784,
      1,
      -77,
      -314,
      -8
    ],
    "SliceThickness": 3,
    "SliceTiming": [
      1.0025,
      0,
      1.0525,
      0.05,
      1.105,
      0.1,
      1.155,
      0.15,
      1.205,
      0.2,
      1.255,
      0.25,
      1.305,
      0.3,
      1.355,
      0.35,
      1.405,
      0.4025,
      1.455,
      0.4525,
      1.505,
      0.5025,
      1.555,
      0.5525,
      1.605,
      0.6025,
      1.655,
      0.6525,
      1.705,
      0.7025,
      1.7575,
      0.7525,
      1.8075,
      0.8025,
      1.8575,
      0.8525,
      1.9075,
      0.9025,
      1.9575,
      0.9525
    ],
    "SoftwareVersions": "syngo_MR_B17",
    "SpacingBetweenSlices": 3,
    "StationName": "MININT-E41B04",
    "TaskName": "RSE1",
    "TotalReadoutTime": 0.0135451,
    "TxRefAmp": 320.283,
    "dataset": "ds002363",
    "modality": "bold",
    "run_id": 2,
    "subject_id": "13",
    "task_id": "rse1"
  },
  "dummy_trs": 0,
  "dvars_nstd": 28.99732270444937,
  "dvars_std": 1.0577264987224668,
  "dvars_vstd": 1.0018580022466956,
  "efc": 0.5468268487785811,
  "fber": 842.2909545898438,
  "fd_mean": 0.06881216138644958,
  "fd_num": 1,
  "fd_perc": 0.43859649122807015,
  "fwhm_avg": 1.8550575757575756,
  "fwhm_x": 1.695930181818182,
  "fwhm_y": 1.9183825454545453,
  "fwhm_z": 1.9508599999999998,
  "gcor": 0.0125689,
  "gsr_x": -0.010712646879255772,
  "gsr_y": 0.03436150774359703,
  "provenance": {
    "md5sum": "71ed245c38a21bfa639158d46d8c9e62",
    "settings": {
      "fd_thres": 0.2,
      "testing": false
    },
    "software": "mriqc",
    "version": "22.0.6",
    "webapi_port": null,
    "webapi_url": "https://mriqc.nimh.nih.gov/api/v1"
  },
  "size_t": 228,
  "size_x": 64,
  "size_y": 64,
  "size_z": 40,
  "snr": 6.134528002158651,
  "spacing_tr": 2.0,
  "spacing_x": 3.4375,
  "spacing_y": 3.4375,
  "spacing_z": 3.0,
  "summary_bg_k": 34.25192267855628,
  "summary_bg_mad": 9.53287255622838,
  "summary_bg_mean": 51.74889373779297,
  "summary_bg_median": 28.807018280029297,
  "summary_bg_n": 98034.0,
  "summary_bg_p05": 20.763158798217773,
  "summary_bg_p95": 157.85833587646476,
  "summary_bg_stdv": 71.54816436767578,
  "summary_fg_k": 1.493310598843892,
  "summary_fg_mad": 126.12842023978092,
  "summary_fg_mean": 853.3228759765625,
  "summary_fg_median": 848.5855102539062,
  "summary_fg_n": 31958.0,
  "summary_fg_p05": 641.0361694335937,
  "summary_fg_p95": 1080.3267639160156,
  "summary_fg_stdv": 138.3272247314453,
  "tsnr": 50.967572706285864
}