{
  "aor": 0.0027646222222222224,
  "aqi": 0.01313479008888889,
  "bids_meta": {
    "AcquisitionMatrixPE": 64,
    "AcquisitionNumber": 1,
    "AcquisitionTime": "11:04:2.810000",
    "BandwidthPerPixelPhaseEncode": 72.674,
    "BaseResolution": 64,
    "CoilString": "T:HEA;HEP",
    "ConversionSoftware": "dcm2niix",
    "ConversionSoftwareVersion": "v1.0.20190902",
    "DerivedVendorReportedEchoSpacing": 0.000430002,
    "DeviceSerialNumber": "35002",
    "DwellTime": 2.7e-06,
    "EchoTime": 0.028,
    "EffectiveEchoSpacing": 0.000215001,
    "FlipAngle": 90,
    "ImageOrientationPatientDICOM": [
      1,
      4.87967e-06,
      4.97334e-05,
      -3.52354e-09,
      0.995228,
      -0.0975775
    ],
    "ImageType": [
      "ORIGINAL",
      "PRIMARY",
      "M",
      "ND",
      "MOSAIC"
    ],
    "ImagingFrequency": 123.256,
    "InPlanePhaseEncodingDirectionDICOM": "COL",
    "InstitutionAddress": "University_Pkwy_1700_North_685_Provo_UT_US_84601",
    "InstitutionName": "Brigham_Young_University",
    "InstitutionalDepartmentName": "MRI",
    "MRAcquisitionType": "2D",
    "MagneticFieldStrength": 3,
    "Manufacturer": "Siemens",
    "ManufacturersModelName": "TrioTim",
    "Modality": "MR",
    "ParallelReductionFactorInPlane": 2,
    "PartialFourier": 1,
    "PatientPosition": "HFS",
    "PercentPhaseFOV": 100,
    "PhaseEncodingDirection": "j-",
    "PhaseEncodingSteps": 63,
    "PhaseResolution": 1,
    "PixelBandwidth": 2894,
    "ProcedureStepDescription": "Research_KIRWAN",
    "ProtocolName": "EPI_Run_2",
    "PulseSequenceDetails": "%CustomerSeq%_ep2d_bold_PMU",
    "ReceiveCoilName": "HeadMatrix",
    "ReconMatrixPE": 64,
    "RefLinesPE": 24,
    "RepetitionTime": 2,
    "SAR": 0.217079,
    "ScanOptions": "FS",
    "ScanningSequence": "EP",
    "SequenceName": "epfid2d1_64",
    "SequenceVariant": "SK",
    "SeriesDescription": "EPI_Run_2",
    "SeriesNumber": 4,
    "ShimSetting": [
      -2655,
      -23071,
      2557,
      383,
      139,
      274,
      -33,
      -49
    ],
    "SliceThickness": 3,
    "SliceTiming": [
      1.005,
      0,
      1.055,
      0.05,
      1.105,
      0.1,
      1.155,
      0.15,
      1.205,
      0.2,
      1.255,
      0.2525,
      1.305,
      0.3025,
      1.355,
      0.3525,
      1.405,
      0.4025,
      1.455,
      0.4525,
      1.505,
      0.5025,
      1.555,
      0.5525,
      1.6075,
      0.6025,
      1.6575,
      0.6525,
      1.7075,
      0.7025,
      1.7575,
      0.7525,
      1.8075,
      0.8025,
      1.8575,
      0.8525,
      1.9075,
      0.9025,
      1.9575,
      0.955
    ],
    "SoftwareVersions": "syngo_MR_B17",
    "SpacingBetweenSlices": 3,
    "StationName": "MININT-E41B04",
    "TaskName": "RSE1",
    "TotalReadoutTime": 0.0135451,
    "TxRefAmp": 327.444,
    "dataset": "ds002363",
    "modality": "bold",
    "run_id": 2,
    "subject_id": "23",
    "task_id": "rse1"
  },
  "dummy_trs": 0,
  "dvars_nstd": 33.58111025589286,
  "dvars_std": 1.04867725,
  "dvars_vstd": 1.0087148099107137,
  "efc": 0.5280920720883531,
  "fber": 789.2651977539062,
  "fd_mean": 0.15523185257307073,
  "fd_num": 24,
  "fd_perc": 10.666666666666666,
  "fwhm_avg": 1.8473264040404038,
  "fwhm_x": 1.7376843636363637,
  "fwhm_y": 1.9403781818181818,
  "fwhm_z": 1.8639166666666667,
  "gcor": 0.0120275,
  "gsr_x": -0.010507356375455856,
  "gsr_y": 0.04037455469369888,
  "provenance": {
    "md5sum": "8e86e85570ef0340c7783cdaa80e98a8",
    "settings": {
      "fd_thres": 0.2,
      "testing": false
    },
    "software": "mriqc",
    "version": "22.0.6",
    "webapi_port": null,
    "webapi_url": "https://mriqc.nimh.nih.gov/api/v1"
  },
  "size_t": 225,
  "size_x": 64,
  "size_y": 64,
  "size_z": 40,
  "snr": 5.82792109894688,
  "spacing_tr": 2.0,
  "spacing_x": 3.4375,
  "spacing_y": 3.4375,
  "spacing_z": 3.0,
  "summary_bg_k": 71.74208712680309,
  "summary_bg_mad": 8.74405809081383,
  "summary_bg_mean": 51.37679672241211,
  "summary_bg_median": 28.20888900756836,
  "summary_bg_n": 103314.0,
  "summary_bg_p05": 20.822223663330078,
  "summary_bg_p95": 152.52112045288027,
  "summary_bg_stdv": 75.33556365966797,
  "summary_fg_k": 1.586431613144943,
  "summary_fg_mad": 120.89144281109594,
  "summary_fg_mean": 805.1030883789062,
  "summary_fg_median": 795.39111328125,
  "summary_fg_n": 28080.0,
  "summary_fg_p05": 605.4344482421875,
  "summary_fg_p95": 1034.1350830078125,
  "summary_fg_stdv": 136.47695922851562,
  "tsnr": 39.967559258802794
}