{
  "aor": 0.0032342477876106186,
  "aqi": 0.01772017800884956,
  "bids_meta": {
    "AcquisitionMatrixPE": 64,
    "AcquisitionNumber": 1,
    "AcquisitionTime": "09:39:56.257500",
    "BandwidthPerPixelPhaseEncode": 72.674,
    "BaseResolution": 64,
    "CoilString": "T:HEA;HEP",
    "ConversionSoftware": "dcm2niix",
    "ConversionSoftwareVersion": "v1.0.20190902",
    "DerivedVendorReportedEchoSpacing": 0.000430002,
    "DeviceSerialNumber": "35002",
    "DwellTime": 2.7e-06,
    "EchoTime": 0.028,
    "EffectiveEchoSpacing": 0.000215001,
    "FlipAngle": 90,
    "ImageOrientationPatientDICOM": [
      1,
      1.53158e-06,
      5.24718e-05,
      1.44542e-08,
      0.999566,
      -0.0294514
    ],
    "ImageType": [
      "ORIGINAL",
      "PRIMARY",
      "M",
      "ND",
      "MOSAIC"
    ],
    "ImagingFrequency": 123.256,
    "InPlanePhaseEncodingDirectionDICOM": "COL",
    "InstitutionAddress": "University_Pkwy_1700_North_685_Provo_UT_US_84601",
    "InstitutionName": "Brigham_Young_University",
    "InstitutionalDepartmentName": "MRI",
    "MRAcquisitionType": "2D",
    "MagneticFieldStrength": 3,
    "Manufacturer": "Siemens",
    "ManufacturersModelName": "TrioTim",
    "Modality": "MR",
    "ParallelReductionFactorInPlane": 2,
    "PartialFourier": 1,
    "PatientPosition": "HFS",
    "PercentPhaseFOV": 100,
    "PhaseEncodingDirection": "j-",
    "PhaseEncodingSteps": 63,
    "PhaseResolution": 1,
    "PixelBandwidth": 2894,
    "ProcedureStepDescription": "Research_KIRWAN",
    "ProtocolName": "EPI_Run_2",
    "PulseSequenceDetails": "%CustomerSeq%_ep2d_bold_PMU",
    "ReceiveCoilName": "HeadMatrix",
    "ReconMatrixPE": 64,
    "RefLinesPE": 24,
    "RepetitionTime": 2,
    "SAR": 0.18868,
    "ScanOptions": "FS",
    "ScanningSequence": "EP",
    "SequenceName": "epfid2d1_64",
    "SequenceVariant": "SK",
    "SeriesDescription": "EPI_Run_2",
    "SeriesNumber": 4,
    "ShimSetting": [
      -2706,
      -23179,
      2514,
      806,
      -77,
      -451,
      -36,
      75
    ],
    "SliceThickness": 3,
    "SliceTiming": [
      1.0025,
      0,
      1.0525,
      0.05,
      1.1025,
      0.1,
      1.1525,
      0.15,
      1.2025,
      0.2,
      1.255,
      0.25,
      1.305,
      0.3,
      1.355,
      0.35,
      1.405,
      0.4,
      1.455,
      0.45,
      1.505,
      0.5,
      1.555,
      0.55,
      1.605,
      0.6025,
      1.655,
      0.6525,
      1.705,
      0.7025,
      1.755,
      0.7525,
      1.805,
      0.8025,
      1.855,
      0.8525,
      1.9075,
      0.9025,
      1.9575,
      0.9525
    ],
    "SoftwareVersions": "syngo_MR_B17",
    "SpacingBetweenSlices": 3,
    "StationName": "MININT-E41B04",
    "TaskName": "RSE1",
    "TotalReadoutTime": 0.0135451,
    "TxRefAmp": 306.872,
    "dataset": "ds002363",
    "modality": "bold",
    "run_id": 2,
    "subject_id": "17",
    "task_id": "rse1"
  },
  "dummy_trs": 0,
  "dvars_nstd": 31.723400158222216,
  "dvars_std": 0.9920157193777775,
  "dvars_vstd": 0.9776508521333332,
  "efc": 0.5352375813544159,
  "fber": 812.6807861328125,
  "fd_mean": 0.277358033438873,
  "fd_num": 125,
  "fd_perc": 55.309734513274336,
  "fwhm_avg": 1.9747412929292931,
  "fwhm_x": 1.8320698181818182,
  "fwhm_y": 2.077320727272727,
  "fwhm_z": 2.0148333333333333,
  "gcor": 0.0283576,
  "gsr_x": -0.005828319117426872,
  "gsr_y": 0.029684169217944145,
  "provenance": {
    "md5sum": "5bb24f3eb5609c942299f5412049fbb5",
    "settings": {
      "fd_thres": 0.2,
      "testing": false
    },
    "software": "mriqc",
    "version": "22.0.6",
    "webapi_port": null,
    "webapi_url": "https://mriqc.nimh.nih.gov/api/v1"
  },
  "size_t": 226,
  "size_x": 64,
  "size_y": 64,
  "size_z": 40,
  "snr": 5.657303370868721,
  "spacing_tr": 2.0,
  "spacing_x": 3.4375,
  "spacing_y": 3.4375,
  "spacing_z": 3.0,
  "summary_bg_k": 40.42528061746564,
  "summary_bg_mad": 9.79436002979824,
  "summary_bg_mean": 51.19956970214844,
  "summary_bg_median": 29.446903228759766,
  "summary_bg_n": 100675.0,
  "summary_bg_p05": 20.619468688964844,
  "summary_bg_p95": 157.2871704101561,
  "summary_bg_stdv": 66.11256408691406,
  "summary_fg_k": 1.3125732515756123,
  "summary_fg_mad": 135.37604298867993,
  "summary_fg_mean": 850.0836791992188,
  "summary_fg_median": 842.9734497070312,
  "summary_fg_n": 30081.0,
  "summary_fg_p05": 619.0796508789062,
  "summary_fg_p95": 1095.4779052734375,
  "summary_fg_stdv": 149.00375366210938,
  "tsnr": 35.10831000469625
}