{
  "aor": 0.001561101321585903,
  "aqi": 0.018108399647577097,
  "bids_meta": {
    "AcquisitionMatrixPE": 64,
    "AcquisitionNumber": 1,
    "AcquisitionTime": "09:31:29.247500",
    "BandwidthPerPixelPhaseEncode": 72.674,
    "BaseResolution": 64,
    "CoilString": "T:HEA;HEP",
    "ConversionSoftware": "dcm2niix",
    "ConversionSoftwareVersion": "v1.0.20190902",
    "DerivedVendorReportedEchoSpacing": 0.000430002,
    "DeviceSerialNumber": "35002",
    "DwellTime": 2.7e-06,
    "EchoTime": 0.028,
    "EffectiveEchoSpacing": 0.000215001,
    "FlipAngle": 90,
    "ImageOrientationPatientDICOM": [
      1,
      1.53158e-06,
      5.24718e-05,
      1.44542e-08,
      0.999566,
      -0.0294514
    ],
    "ImageType": [
      "ORIGINAL",
      "PRIMARY",
      "M",
      "ND",
      "MOSAIC"
    ],
    "ImagingFrequency": 123.256,
    "InPlanePhaseEncodingDirectionDICOM": "COL",
    "InstitutionAddress": "University_Pkwy_1700_North_685_Provo_UT_US_84601",
    "InstitutionName": "Brigham_Young_University",
    "InstitutionalDepartmentName": "MRI",
    "MRAcquisitionType": "2D",
    "MagneticFieldStrength": 3,
    "Manufacturer": "Siemens",
    "ManufacturersModelName": "TrioTim",
    "Modality": "MR",
    "ParallelReductionFactorInPlane": 2,
    "PartialFourier": 1,
    "PatientPosition": "HFS",
    "PercentPhaseFOV": 100,
    "PhaseEncodingDirection": "j-",
    "PhaseEncodingSteps": 63,
    "PhaseResolution": 1,
    "PixelBandwidth": 2894,
    "ProcedureStepDescription": "Research_KIRWAN",
    "ProtocolName": "EPI_Run_1",
    "PulseSequenceDetails": "%CustomerSeq%_ep2d_bold_PMU",
    "ReceiveCoilName": "HeadMatrix",
    "ReconMatrixPE": 64,
    "RefLinesPE": 24,
    "RepetitionTime": 2,
    "SAR": 0.18868,
    "ScanOptions": "FS",
    "ScanningSequence": "EP",
    "SequenceName": "epfid2d1_64",
    "SequenceVariant": "SK",
    "SeriesDescription": "EPI_Run_1",
    "SeriesNumber": 3,
    "ShimSetting": [
      -2706,
      -23179,
      2514,
      806,
      -77,
      -451,
      -36,
      75
    ],
    "SliceThickness": 3,
    "SliceTiming": [
      1.005,
      0,
      1.055,
      0.05,
      1.105,
      0.1025,
      1.155,
      0.1525,
      1.205,
      0.2025,
      1.255,
      0.2525,
      1.305,
      0.3025,
      1.355,
      0.3525,
      1.405,
      0.4025,
      1.4575,
      0.4525,
      1.5075,
      0.5025,
      1.5575,
      0.5525,
      1.6075,
      0.6025,
      1.6575,
      0.6525,
      1.7075,
      0.7025,
      1.7575,
      0.7525,
      1.8075,
      0.805,
      1.8575,
      0.855,
      1.9075,
      0.905,
      1.9575,
      0.955
    ],
    "SoftwareVersions": "syngo_MR_B17",
    "SpacingBetweenSlices": 3,
    "StationName": "MININT-E41B04",
    "TaskName": "RSE1",
    "TotalReadoutTime": 0.0135451,
    "TxRefAmp": 306.872,
    "dataset": "ds002363",
    "modality": "bold",
    "run_id": 1,
    "subject_id": "17",
    "task_id": "rse1"
  },
  "dummy_trs": 0,
  "dvars_nstd": 29.29702664265487,
  "dvars_std": 0.9723515262831853,
  "dvars_vstd": 0.9678700225221238,
  "efc": 0.5335388268367931,
  "fber": 827.97216796875,
  "fd_mean": 0.18736932491005712,
  "fd_num": 66,
  "fd_perc": 29.07488986784141,
  "fwhm_avg": 1.9649869292929294,
  "fwhm_x": 1.800448,
  "fwhm_y": 2.0464494545454546,
  "fwhm_z": 2.0480633333333333,
  "gcor": 0.01473,
  "gsr_x": -0.006256582215428352,
  "gsr_y": 0.030037743970751762,
  "provenance": {
    "md5sum": "d3fd107096eba9fc081af10d8f81c517",
    "settings": {
      "fd_thres": 0.2,
      "testing": false
    },
    "software": "mriqc",
    "version": "22.0.6",
    "webapi_port": null,
    "webapi_url": "https://mriqc.nimh.nih.gov/api/v1"
  },
  "size_t": 227,
  "size_x": 64,
  "size_y": 64,
  "size_z": 40,
  "snr": 5.7116385799191685,
  "spacing_tr": 2.0,
  "spacing_x": 3.4375,
  "spacing_y": 3.4375,
  "spacing_z": 3.0,
  "summary_bg_k": 42.37259677843625,
  "summary_bg_mad": 9.215645541930973,
  "summary_bg_mean": 50.20795440673828,
  "summary_bg_median": 29.171804428100586,
  "summary_bg_n": 100808.0,
  "summary_bg_p05": 21.066078186035156,
  "summary_bg_p95": 152.11453247070312,
  "summary_bg_stdv": 64.4668197631836,
  "summary_fg_k": 1.2731055618961733,
  "summary_fg_mad": 133.86529811331673,
  "summary_fg_mean": 852.5952758789062,
  "summary_fg_median": 845.4140625,
  "summary_fg_n": 30035.0,
  "summary_fg_p05": 625.2290649414062,
  "summary_fg_p95": 1096.4422607421875,
  "summary_fg_stdv": 148.01356506347656,
  "tsnr": 35.74732963554561
}