{
  "bids_meta": {
    "AcquisitionMatrixPE": 215,
    "AcquisitionNumber": 1,
    "AcquisitionTime": "10:44:29.462500",
    "BaseResolution": 256,
    "CoilString": "C:HEA;HEP",
    "ConversionSoftware": "dcm2niix",
    "ConversionSoftwareVersion": "v1.0.20190902",
    "DeviceSerialNumber": "35002",
    "DwellTime": 9.8e-06,
    "EchoTime": 0.00226,
    "FlipAngle": 9,
    "ImageOrientationPatientDICOM": [
      0,
      1,
      0,
      -0.0104717,
      0,
      -0.999945
    ],
    "ImageType": [
      "ORIGINAL",
      "PRIMARY",
      "M",
      "ND",
      "NORM"
    ],
    "ImagingFrequency": 123.256,
    "InPlanePhaseEncodingDirectionDICOM": "ROW",
    "InstitutionAddress": "University_Pkwy_1700_North_685_Provo_UT_US_84601",
    "InstitutionName": "Brigham_Young_University",
    "InstitutionalDepartmentName": "MRI",
    "InversionTime": 0.9,
    "MRAcquisitionType": "3D",
    "MagneticFieldStrength": 3,
    "Manufacturer": "Siemens",
    "ManufacturersModelName": "TrioTim",
    "Modality": "MR",
    "PartialFourier": 0.875,
    "PatientPosition": "HFS",
    "PercentPhaseFOV": 87.5,
    "PhaseEncodingSteps": 227,
    "PhaseOversampling": 0.2,
    "PhaseResolution": 0.96,
    "PixelBandwidth": 199,
    "ProcedureStepDescription": "Research_KIRWAN",
    "ProtocolName": "t1_mpr_sag_iso_mprage",
    "PulseSequenceDetails": "%SiemensSeq%_tfl",
    "ReceiveCoilName": "HeadMatrix",
    "ReconMatrixPE": 224,
    "RepetitionTime": 1.9,
    "SAR": 0.125899,
    "ScanOptions": "IR_PFP",
    "ScanningSequence": "GR_IR",
    "SequenceName": "_tfl3d1_ns",
    "SequenceVariant": "SP_MP_OSP",
    "SeriesDescription": "t1_mpr_sag_iso_mprage",
    "SeriesNumber": 2,
    "ShimSetting": [
      -2655,
      -23109,
      2059,
      81,
      -13,
      -145,
      -152,
      15
    ],
    "SliceThickness": 1,
    "SoftwareVersions": "syngo_MR_B17",
    "StationName": "MININT-E41B04",
    "TxRefAmp": 327.444,
    "dataset": "ds002363",
    "modality": "T1w",
    "subject_id": "23"
  },
  "cjv": 0.38457109142704105,
  "cnr": 3.610006010793953,
  "efc": 0.6186203974416412,
  "fber": 7073.330215750876,
  "fwhm_avg": 4.7718751191354345,
  "fwhm_x": 4.441183117406306,
  "fwhm_y": 5.12812032,
  "fwhm_z": 4.746321920000001,
  "icvs_csf": 0.23044981612688759,
  "icvs_gm": 0.3977844391190707,
  "icvs_wm": 0.3717657447540417,
  "inu_med": 0.5108605325222015,
  "inu_range": 0.23678798228502274,
  "provenance": {
    "md5sum": "808322657972bd1ff7e2be4b818dab4d",
    "settings": {
      "testing": false
    },
    "software": "mriqc",
    "version": "22.0.6",
    "warnings": {
      "large_rot_frame": true,
      "small_air_mask": false
    },
    "webapi_port": null,
    "webapi_url": "https://mriqc.nimh.nih.gov/api/v1"
  },
  "qi_1": 0.0,
  "qi_2": 0.004243969950960664,
  "rpve_csf": 19.03853953434983,
  "rpve_gm": 10.687835505719315,
  "rpve_wm": 13.496059315246635,
  "size_x": 175,
  "size_y": 224,
  "size_z": 256,
  "snr_csf": 3.087072937832001,
  "snr_gm": 12.700049773338161,
  "snr_total": 13.132207403927621,
  "snr_wm": 23.6094995006127,
  "snrd_csf": 16.982554875628082,
  "snrd_gm": 39.509625553822396,
  "snrd_total": 36.701889352016906,
  "snrd_wm": 53.61348762660024,
  "spacing_x": 1.0000015497207642,
  "spacing_y": 0.9765625,
  "spacing_z": 0.9765625,
  "summary_bg_k": 92.0932235884759,
  "summary_bg_mad": 0.0,
  "summary_bg_mean": 7.585296771568331,
  "summary_bg_median": 0.0,
  "summary_bg_n": 2543571.0,
  "summary_bg_p05": 0.0,
  "summary_bg_p95": 30.28763973712921,
  "summary_bg_stdv": 12.220183126512046,
  "summary_csf_k": 0.5414517236228393,
  "summary_csf_mad": 92.6840283668973,
  "summary_csf_mean": 320.9184776911213,
  "summary_csf_median": 316.7736223116517,
  "summary_csf_n": 55637.0,
  "summary_csf_p05": 157.67117332667112,
  "summary_csf_p95": 502.239245519042,
  "summary_csf_stdv": 102.61201529372181,
  "summary_gm_k": -0.12838026198685082,
  "summary_gm_mad": 59.96396517681096,
  "summary_gm_mean": 735.3392165333693,
  "summary_gm_median": 736.9684534817934,
  "summary_gm_n": 23842.0,
  "summary_gm_p05": 638.49207117185,
  "summary_gm_p95": 827.3235006853938,
  "summary_gm_stdv": 58.02756770373447,
  "summary_wm_k": 0.4174490528838817,
  "summary_wm_mad": 41.20811305529703,
  "summary_wm_mean": 1001.7561633212297,
  "summary_wm_median": 1000.0461535155773,
  "summary_wm_n": 222354.0,
  "summary_wm_p05": 935.6849190741777,
  "summary_wm_p95": 1073.9184455573559,
  "summary_wm_stdv": 42.35769185690581,
  "tpm_overlap_csf": 0.15964918950795498,
  "tpm_overlap_gm": 0.4546291322328638,
  "tpm_overlap_wm": 0.5077167447745805,
  "wm2max": 0.4054478982089066
}