{
  "aor": 0.0009713157894736843,
  "aqi": 0.009963589605263157,
  "bids_meta": {
    "AcquisitionMatrixPE": 64,
    "AcquisitionNumber": 1,
    "AcquisitionTime": "08:31:57.815000",
    "BandwidthPerPixelPhaseEncode": 72.674,
    "BaseResolution": 64,
    "CoilString": "T:HEA;HEP",
    "ConversionSoftware": "dcm2niix",
    "ConversionSoftwareVersion": "v1.0.20190902",
    "DerivedVendorReportedEchoSpacing": 0.000430002,
    "DeviceSerialNumber": "35002",
    "DwellTime": 2.7e-06,
    "EchoTime": 0.028,
    "EffectiveEchoSpacing": 0.000215001,
    "FlipAngle": 90,
    "ImageOrientationPatientDICOM": [
      1,
      -1.82881e-06,
      1.77742e-05,
      2.32722e-08,
      0.994881,
      0.101056
    ],
    "ImageType": [
      "ORIGINAL",
      "PRIMARY",
      "M",
      "ND",
      "MOSAIC"
    ],
    "ImagingFrequency": 123.256,
    "InPlanePhaseEncodingDirectionDICOM": "COL",
    "InstitutionAddress": "University_Pkwy_1700_North_685_Provo_UT_US_84601",
    "InstitutionName": "Brigham_Young_University",
    "InstitutionalDepartmentName": "MRI",
    "MRAcquisitionType": "2D",
    "MagneticFieldStrength": 3,
    "Manufacturer": "Siemens",
    "ManufacturersModelName": "TrioTim",
    "Modality": "MR",
    "ParallelReductionFactorInPlane": 2,
    "PartialFourier": 1,
    "PatientPosition": "HFS",
    "PercentPhaseFOV": 100,
    "PhaseEncodingDirection": "j-",
    "PhaseEncodingSteps": 63,
    "PhaseResolution": 1,
    "PixelBandwidth": 2894,
    "ProcedureStepDescription": "Research_KIRWAN",
    "ProtocolName": "EPI_Run_2",
    "PulseSequenceDetails": "%CustomerSeq%_ep2d_bold_PMU",
    "ReceiveCoilName": "HeadMatrix",
    "ReconMatrixPE": 64,
    "RefLinesPE": 24,
    "RepetitionTime": 2,
    "SAR": 0.19478,
    "ScanOptions": "FS",
    "ScanningSequence": "EP",
    "SequenceName": "epfid2d1_64",
    "SequenceVariant": "SK",
    "SeriesDescription": "EPI_Run_2",
    "SeriesNumber": 4,
    "ShimSetting": [
      -2674,
      -23338,
      2615,
      687,
      -93,
      -574,
      -33,
      72
    ],
    "SliceThickness": 3,
    "SliceTiming": [
      1.005,
      0,
      1.055,
      0.05,
      1.105,
      0.1,
      1.155,
      0.15,
      1.205,
      0.2025,
      1.255,
      0.2525,
      1.305,
      0.3025,
      1.355,
      0.3525,
      1.405,
      0.4025,
      1.455,
      0.4525,
      1.5075,
      0.5025,
      1.5575,
      0.5525,
      1.6075,
      0.6025,
      1.6575,
      0.6525,
      1.7075,
      0.7025,
      1.7575,
      0.7525,
      1.8075,
      0.8025,
      1.8575,
      0.855,
      1.9075,
      0.905,
      1.9575,
      0.955
    ],
    "SoftwareVersions": "syngo_MR_B17",
    "SpacingBetweenSlices": 3,
    "StationName": "MININT-E41B04",
    "TaskName": "RSE1",
    "TotalReadoutTime": 0.0135451,
    "TxRefAmp": 322.141,
    "dataset": "ds002363",
    "modality": "bold",
    "run_id": 2,
    "subject_id": "20",
    "task_id": "rse1"
  },
  "dummy_trs": 0,
  "dvars_nstd": 28.581756239162978,
  "dvars_std": 1.027652376651982,
  "dvars_vstd": 0.9914605961674012,
  "efc": 0.528650738074587,
  "fber": 907.560546875,
  "fd_mean": 0.09951668525676102,
  "fd_num": 11,
  "fd_perc": 4.824561403508772,
  "fwhm_avg": 1.8626808282828284,
  "fwhm_x": 1.6937861818181819,
  "fwhm_y": 1.9850996363636364,
  "fwhm_z": 1.9091566666666668,
  "gcor": 0.0269593,
  "gsr_x": -0.009443813003599644,
  "gsr_y": 0.029634619131684303,
  "provenance": {
    "md5sum": "25ab600461c5cd28134ed5f5d5113fa8",
    "settings": {
      "fd_thres": 0.2,
      "testing": false
    },
    "software": "mriqc",
    "version": "22.0.6",
    "webapi_port": null,
    "webapi_url": "https://mriqc.nimh.nih.gov/api/v1"
  },
  "size_t": 228,
  "size_x": 64,
  "size_y": 64,
  "size_z": 40,
  "snr": 5.962849467382917,
  "spacing_tr": 2.0,
  "spacing_x": 3.4375,
  "spacing_y": 3.4375,
  "spacing_z": 3.0,
  "summary_bg_k": 38.43871831733489,
  "summary_bg_mad": 8.583487718859512,
  "summary_bg_mean": 44.3696403503418,
  "summary_bg_median": 27.912281036376953,
  "summary_bg_n": 100418.0,
  "summary_bg_p05": 20.460527420043945,
  "summary_bg_p95": 127.79210662841787,
  "summary_bg_stdv": 52.079463958740234,
  "summary_fg_k": 1.6705984832909602,
  "summary_fg_mad": 126.82103726739578,
  "summary_fg_mean": 853.7125244140625,
  "summary_fg_median": 847.730224609375,
  "summary_fg_n": 30198.0,
  "summary_fg_p05": 634.8306854248046,
  "summary_fg_p95": 1089.7664245605465,
  "summary_fg_stdv": 142.16629028320312,
  "tsnr": 45.90131041791756
}