{
  "aor": 0.0008020175438596491,
  "aqi": 0.00899835298245614,
  "bids_meta": {
    "AcquisitionMatrixPE": 64,
    "AcquisitionNumber": 1,
    "AcquisitionTime": "08:23:54.460000",
    "BandwidthPerPixelPhaseEncode": 72.674,
    "BaseResolution": 64,
    "CoilString": "T:HEA;HEP",
    "ConversionSoftware": "dcm2niix",
    "ConversionSoftwareVersion": "v1.0.20190902",
    "DerivedVendorReportedEchoSpacing": 0.000430002,
    "DeviceSerialNumber": "35002",
    "DwellTime": 2.7e-06,
    "EchoTime": 0.028,
    "EffectiveEchoSpacing": 0.000215001,
    "FlipAngle": 90,
    "ImageOrientationPatientDICOM": [
      1,
      -1.82881e-06,
      1.77742e-05,
      2.32722e-08,
      0.994881,
      0.101056
    ],
    "ImageType": [
      "ORIGINAL",
      "PRIMARY",
      "M",
      "ND",
      "MOSAIC"
    ],
    "ImagingFrequency": 123.256,
    "InPlanePhaseEncodingDirectionDICOM": "COL",
    "InstitutionAddress": "University_Pkwy_1700_North_685_Provo_UT_US_84601",
    "InstitutionName": "Brigham_Young_University",
    "InstitutionalDepartmentName": "MRI",
    "MRAcquisitionType": "2D",
    "MagneticFieldStrength": 3,
    "Manufacturer": "Siemens",
    "ManufacturersModelName": "TrioTim",
    "Modality": "MR",
    "ParallelReductionFactorInPlane": 2,
    "PartialFourier": 1,
    "PatientPosition": "HFS",
    "PercentPhaseFOV": 100,
    "PhaseEncodingDirection": "j-",
    "PhaseEncodingSteps": 63,
    "PhaseResolution": 1,
    "PixelBandwidth": 2894,
    "ProcedureStepDescription": "Research_KIRWAN",
    "ProtocolName": "EPI_Run_1",
    "PulseSequenceDetails": "%CustomerSeq%_ep2d_bold_PMU",
    "ReceiveCoilName": "HeadMatrix",
    "ReconMatrixPE": 64,
    "RefLinesPE": 24,
    "RepetitionTime": 2,
    "SAR": 0.19478,
    "ScanOptions": "FS",
    "ScanningSequence": "EP",
    "SequenceName": "epfid2d1_64",
    "SequenceVariant": "SK",
    "SeriesDescription": "EPI_Run_1",
    "SeriesNumber": 3,
    "ShimSetting": [
      -2674,
      -23338,
      2615,
      687,
      -93,
      -574,
      -33,
      72
    ],
    "SliceThickness": 3,
    "SliceTiming": [
      1.0025,
      0,
      1.0525,
      0.05,
      1.1025,
      0.1,
      1.1525,
      0.15,
      1.2025,
      0.2,
      1.255,
      0.25,
      1.305,
      0.3,
      1.355,
      0.35,
      1.405,
      0.4,
      1.455,
      0.45,
      1.505,
      0.5,
      1.555,
      0.55,
      1.605,
      0.6025,
      1.655,
      0.6525,
      1.705,
      0.7025,
      1.755,
      0.7525,
      1.805,
      0.8025,
      1.855,
      0.8525,
      1.9075,
      0.9025,
      1.9575,
      0.9525
    ],
    "SoftwareVersions": "syngo_MR_B17",
    "SpacingBetweenSlices": 3,
    "StationName": "MININT-E41B04",
    "TaskName": "RSE1",
    "TotalReadoutTime": 0.0135451,
    "TxRefAmp": 322.141,
    "dataset": "ds002363",
    "modality": "bold",
    "run_id": 1,
    "subject_id": "20",
    "task_id": "rse1"
  },
  "dummy_trs": 0,
  "dvars_nstd": 29.404115685462546,
  "dvars_std": 1.0540847098678408,
  "dvars_vstd": 1.0016358769162998,
  "efc": 0.5294462631674741,
  "fber": 903.285400390625,
  "fd_mean": 0.09118779142870002,
  "fd_num": 8,
  "fd_perc": 3.508771929824561,
  "fwhm_avg": 1.858018707070707,
  "fwhm_x": 1.6802996363636364,
  "fwhm_y": 1.9771898181818182,
  "fwhm_z": 1.9165666666666665,
  "gcor": 0.0114446,
  "gsr_x": -0.009540495462715626,
  "gsr_y": 0.027103642001748085,
  "provenance": {
    "md5sum": "7f9d3d830fc9b0c2892081688c14835d",
    "settings": {
      "fd_thres": 0.2,
      "testing": false
    },
    "software": "mriqc",
    "version": "22.0.6",
    "webapi_port": null,
    "webapi_url": "https://mriqc.nimh.nih.gov/api/v1"
  },
  "size_t": 228,
  "size_x": 64,
  "size_y": 64,
  "size_z": 40,
  "snr": 5.973948420728519,
  "spacing_tr": 2.0,
  "spacing_x": 3.4375,
  "spacing_y": 3.4375,
  "spacing_z": 3.0,
  "summary_bg_k": 37.19402337444728,
  "summary_bg_mad": 8.700534815924799,
  "summary_bg_mean": 44.72369384765625,
  "summary_bg_median": 28.21929931640625,
  "summary_bg_n": 100201.0,
  "summary_bg_p05": 20.4342098236084,
  "summary_bg_p95": 129.67544555664062,
  "summary_bg_stdv": 52.80054473876953,
  "summary_fg_k": 1.6920635016064365,
  "summary_fg_mad": 127.62740130359595,
  "summary_fg_mean": 861.5114135742188,
  "summary_fg_median": 855.0745849609375,
  "summary_fg_n": 30297.0,
  "summary_fg_p05": 641.6544067382813,
  "summary_fg_p95": 1097.330712890625,
  "summary_fg_stdv": 143.1315460205078,
  "tsnr": 47.93657907471061
}