{
  "aor": 0.0008589912280701755,
  "aqi": 0.009542849385964914,
  "bids_meta": {
    "AcquisitionMatrixPE": 64,
    "AcquisitionNumber": 1,
    "AcquisitionTime": "10:02:15.565000",
    "BandwidthPerPixelPhaseEncode": 72.674,
    "BaseResolution": 64,
    "CoilString": "T:HEA;HEP",
    "ConversionSoftware": "dcm2niix",
    "ConversionSoftwareVersion": "v1.0.20190902",
    "DerivedVendorReportedEchoSpacing": 0.000430002,
    "DeviceSerialNumber": "35002",
    "DwellTime": 2.7e-06,
    "EchoTime": 0.028,
    "EffectiveEchoSpacing": 0.000215001,
    "FlipAngle": 90,
    "ImageOrientationPatientDICOM": [
      1,
      0,
      0,
      0,
      0.998441,
      0.0558215
    ],
    "ImageType": [
      "ORIGINAL",
      "PRIMARY",
      "M",
      "ND",
      "MOSAIC"
    ],
    "ImagingFrequency": 123.256,
    "InPlanePhaseEncodingDirectionDICOM": "COL",
    "InstitutionAddress": "University_Pkwy_1700_North_685_Provo_UT_US_84601",
    "InstitutionName": "Brigham_Young_University",
    "InstitutionalDepartmentName": "MRI",
    "MRAcquisitionType": "2D",
    "MagneticFieldStrength": 3,
    "Manufacturer": "Siemens",
    "ManufacturersModelName": "TrioTim",
    "Modality": "MR",
    "ParallelReductionFactorInPlane": 2,
    "PartialFourier": 1,
    "PatientPosition": "HFS",
    "PercentPhaseFOV": 100,
    "PhaseEncodingDirection": "j-",
    "PhaseEncodingSteps": 63,
    "PhaseResolution": 1,
    "PixelBandwidth": 2894,
    "ProcedureStepDescription": "Research_KIRWAN",
    "ProtocolName": "EPI_Run_2",
    "PulseSequenceDetails": "%CustomerSeq%_ep2d_bold_PMU",
    "ReceiveCoilName": "HeadMatrix",
    "ReconMatrixPE": 64,
    "RefLinesPE": 24,
    "RepetitionTime": 2,
    "SAR": 0.203937,
    "ScanOptions": "FS",
    "ScanningSequence": "EP",
    "SequenceName": "epfid2d1_64",
    "SequenceVariant": "SK",
    "SeriesDescription": "EPI_Run_2",
    "SeriesNumber": 4,
    "ShimSetting": [
      -2659,
      -23222,
      2502,
      379,
      101,
      -203,
      -132,
      -17
    ],
    "SliceThickness": 3,
    "SliceTiming": [
      1.005,
      0,
      1.055,
      0.05,
      1.105,
      0.1,
      1.155,
      0.15,
      1.205,
      0.2,
      1.255,
      0.25,
      1.305,
      0.3,
      1.355,
      0.3525,
      1.405,
      0.4025,
      1.455,
      0.4525,
      1.505,
      0.5025,
      1.555,
      0.5525,
      1.605,
      0.6025,
      1.6575,
      0.6525,
      1.7075,
      0.7025,
      1.7575,
      0.7525,
      1.8075,
      0.8025,
      1.8575,
      0.8525,
      1.9075,
      0.9025,
      1.9575,
      0.9525
    ],
    "SoftwareVersions": "syngo_MR_B17",
    "SpacingBetweenSlices": 3,
    "StationName": "MININT-E41B04",
    "TaskName": "RSE1",
    "TotalReadoutTime": 0.0135451,
    "TxRefAmp": 309.788,
    "dataset": "ds002363",
    "modality": "bold",
    "run_id": 2,
    "subject_id": "06",
    "task_id": "rse1"
  },
  "dummy_trs": 0,
  "dvars_nstd": 30.515861746343617,
  "dvars_std": 1.031984491762115,
  "dvars_vstd": 1.005059820792952,
  "efc": 0.5540896573053089,
  "fber": 759.6884155273438,
  "fd_mean": 0.10523186766463445,
  "fd_num": 11,
  "fd_perc": 4.824561403508772,
  "fwhm_avg": 1.9475697979797981,
  "fwhm_x": 1.7811170909090908,
  "fwhm_y": 2.0511156363636363,
  "fwhm_z": 2.010476666666667,
  "gcor": 0.0213515,
  "gsr_x": -0.009575489908456802,
  "gsr_y": 0.032307446002960205,
  "provenance": {
    "md5sum": "a7dcae37ccdc9fb6444cf018ed535650",
    "settings": {
      "fd_thres": 0.2,
      "testing": false
    },
    "software": "mriqc",
    "version": "22.0.6",
    "webapi_port": null,
    "webapi_url": "https://mriqc.nimh.nih.gov/api/v1"
  },
  "size_t": 228,
  "size_x": 64,
  "size_y": 64,
  "size_z": 40,
  "snr": 6.064110186885203,
  "spacing_tr": 2.0,
  "spacing_x": 3.4375,
  "spacing_y": 3.4375,
  "spacing_z": 3.0,
  "summary_bg_k": 43.02661806801459,
  "summary_bg_mad": 9.805982449380716,
  "summary_bg_mean": 54.367576599121094,
  "summary_bg_median": 30.60087776184082,
  "summary_bg_n": 97060.0,
  "summary_bg_p05": 22.311403274536133,
  "summary_bg_p95": 168.61864242553713,
  "summary_bg_stdv": 71.31836700439453,
  "summary_fg_k": 1.5900055571692944,
  "summary_fg_mad": 122.86740118776149,
  "summary_fg_mean": 853.4029541015625,
  "summary_fg_median": 853.3421020507812,
  "summary_fg_n": 32819.0,
  "summary_fg_p05": 621.5596557617188,
  "summary_fg_p95": 1079.6504760742187,
  "summary_fg_stdv": 140.7179412841797,
  "tsnr": 46.151986749027856
}