{
  "bids_meta": {
    "AcquisitionMatrixPE": 215,
    "AcquisitionNumber": 1,
    "AcquisitionTime": "08:51:15.840000",
    "BaseResolution": 256,
    "CoilString": "C:HEA;HEP",
    "ConversionSoftware": "dcm2niix",
    "ConversionSoftwareVersion": "v1.0.20190902",
    "DeviceSerialNumber": "35002",
    "DwellTime": 9.8e-06,
    "EchoTime": 0.00226,
    "FlipAngle": 9,
    "ImageOrientationPatientDICOM": [
      0,
      1,
      0,
      -0.0191974,
      0,
      -0.999816
    ],
    "ImageType": [
      "ORIGINAL",
      "PRIMARY",
      "M",
      "ND",
      "NORM"
    ],
    "ImagingFrequency": 123.256,
    "InPlanePhaseEncodingDirectionDICOM": "ROW",
    "InstitutionAddress": "University_Pkwy_1700_North_685_Provo_UT_US_84601",
    "InstitutionName": "Brigham_Young_University",
    "InstitutionalDepartmentName": "MRI",
    "InversionTime": 0.9,
    "MRAcquisitionType": "3D",
    "MagneticFieldStrength": 3,
    "Manufacturer": "Siemens",
    "ManufacturersModelName": "TrioTim",
    "Modality": "MR",
    "PartialFourier": 0.875,
    "PatientPosition": "HFS",
    "PercentPhaseFOV": 87.5,
    "PhaseEncodingSteps": 227,
    "PhaseOversampling": 0.2,
    "PhaseResolution": 0.96,
    "PixelBandwidth": 199,
    "ProcedureStepDescription": "Research_KIRWAN",
    "ProtocolName": "t1_mpr_sag_iso_mprage",
    "PulseSequenceDetails": "%SiemensSeq%_tfl",
    "ReceiveCoilName": "HeadMatrix",
    "ReconMatrixPE": 224,
    "RepetitionTime": 1.9,
    "SAR": 0.103501,
    "ScanOptions": "IR_PFP",
    "ScanningSequence": "GR_IR",
    "SequenceName": "_tfl3d1_ns",
    "SequenceVariant": "SP_MP_OSP",
    "SeriesDescription": "t1_mpr_sag_iso_mprage",
    "SeriesNumber": 2,
    "ShimSetting": [
      -2655,
      -23109,
      2059,
      81,
      -13,
      -145,
      -152,
      15
    ],
    "SliceThickness": 1,
    "SoftwareVersions": "syngo_MR_B17",
    "StationName": "MININT-E41B04",
    "TxRefAmp": 320.283,
    "dataset": "ds002363",
    "modality": "T1w",
    "subject_id": "13"
  },
  "cjv": 0.32988968888838976,
  "cnr": 4.140846133142011,
  "efc": 0.5944616376662923,
  "fber": 15398.052345679014,
  "fwhm_avg": 4.627314173258487,
  "fwhm_x": 4.3243153605129425,
  "fwhm_y": 4.9821900800000005,
  "fwhm_z": 4.575437079262517,
  "icvs_csf": 0.16655334598423213,
  "icvs_gm": 0.4624373982748671,
  "icvs_wm": 0.37100925574090077,
  "inu_med": 0.4599500596523285,
  "inu_range": 0.2251880019903182,
  "provenance": {
    "md5sum": "5a307d778305382dfb427443992e4e2a",
    "settings": {
      "testing": false
    },
    "software": "mriqc",
    "version": "22.0.6",
    "warnings": {
      "large_rot_frame": true,
      "small_air_mask": false
    },
    "webapi_port": null,
    "webapi_url": "https://mriqc.nimh.nih.gov/api/v1"
  },
  "qi_1": 0.0,
  "qi_2": 0.010263636518485431,
  "rpve_csf": 21.859321650650084,
  "rpve_gm": 8.798908664829687,
  "rpve_wm": 12.181970517000583,
  "size_x": 170,
  "size_y": 224,
  "size_z": 256,
  "snr_csf": 2.471146151928934,
  "snr_gm": 14.320131282510415,
  "snr_total": 13.753446586463838,
  "snr_wm": 24.469062324952166,
  "snrd_csf": 23.219155828675163,
  "snrd_gm": 56.68955705542553,
  "snrd_total": 52.60265922176504,
  "snrd_wm": 77.89926478119442,
  "spacing_x": 1.000001072883606,
  "spacing_y": 0.9765625,
  "spacing_z": 0.9765624403953552,
  "summary_bg_k": 6.7515046546208755,
  "summary_bg_mad": 0.0,
  "summary_bg_mean": 5.2445331088550695,
  "summary_bg_median": 0.0,
  "summary_bg_n": 2806421.0,
  "summary_bg_p05": 0.0,
  "summary_bg_p95": 21.824531257152557,
  "summary_bg_stdv": 8.410413275089837,
  "summary_csf_k": 0.522792078344215,
  "summary_csf_mad": 95.58286884995154,
  "summary_csf_mean": 303.7553457570789,
  "summary_csf_median": 298.07944791018963,
  "summary_csf_n": 25189.0,
  "summary_csf_p05": 81.40550158917904,
  "summary_csf_p95": 515.8446207940578,
  "summary_csf_stdv": 120.62157099096603,
  "summary_gm_k": 0.03783849780422477,
  "summary_gm_mad": 51.059501369405396,
  "summary_gm_mean": 727.0336667632013,
  "summary_gm_median": 727.7608193010092,
  "summary_gm_n": 52045.0,
  "summary_gm_p05": 642.5665790855885,
  "summary_gm_p95": 808.0314452648163,
  "summary_gm_stdv": 50.820332108723846,
  "summary_wm_k": 0.5760944649057667,
  "summary_wm_mad": 38.763803954719684,
  "summary_wm_mean": 1002.3024568175347,
  "summary_wm_median": 1000.0436712652445,
  "summary_wm_n": 241597.0,
  "summary_wm_p05": 939.3714743703604,
  "summary_wm_p95": 1072.6757112890482,
  "summary_wm_stdv": 40.86963318536381,
  "tpm_overlap_csf": 0.1449284437571223,
  "tpm_overlap_gm": 0.4634415053744357,
  "tpm_overlap_wm": 0.50577838631797,
  "wm2max": 0.45494656393371136
}