{
  "aor": 0.0006006607929515417,
  "aqi": 0.008314348149779736,
  "bids_meta": {
    "AcquisitionMatrixPE": 64,
    "AcquisitionNumber": 1,
    "AcquisitionTime": "11:48:29.380000",
    "BandwidthPerPixelPhaseEncode": 72.674,
    "BaseResolution": 64,
    "CoilString": "T:HEA;HEP",
    "ConversionSoftware": "dcm2niix",
    "ConversionSoftwareVersion": "v1.0.20190902",
    "DerivedVendorReportedEchoSpacing": 0.000430002,
    "DeviceSerialNumber": "35002",
    "DwellTime": 2.7e-06,
    "EchoTime": 0.028,
    "EffectiveEchoSpacing": 0.000215001,
    "FlipAngle": 90,
    "ImageOrientationPatientDICOM": [
      1,
      4.16306e-05,
      0.000384537,
      5.02282e-08,
      0.994177,
      -0.107762
    ],
    "ImageType": [
      "ORIGINAL",
      "PRIMARY",
      "M",
      "ND",
      "MOSAIC"
    ],
    "ImagingFrequency": 123.256,
    "InPlanePhaseEncodingDirectionDICOM": "COL",
    "InstitutionAddress": "University_Pkwy_1700_North_685_Provo_UT_US_84601",
    "InstitutionName": "Brigham_Young_University",
    "InstitutionalDepartmentName": "MRI",
    "MRAcquisitionType": "2D",
    "MagneticFieldStrength": 3,
    "Manufacturer": "Siemens",
    "ManufacturersModelName": "TrioTim",
    "Modality": "MR",
    "ParallelReductionFactorInPlane": 2,
    "PartialFourier": 1,
    "PatientPosition": "HFS",
    "PercentPhaseFOV": 100,
    "PhaseEncodingDirection": "j-",
    "PhaseEncodingSteps": 63,
    "PhaseResolution": 1,
    "PixelBandwidth": 2894,
    "ProcedureStepDescription": "Research_KIRWAN",
    "ProtocolName": "EPI_Run_2",
    "PulseSequenceDetails": "%CustomerSeq%_ep2d_bold_PMU",
    "ReceiveCoilName": "HeadMatrix",
    "ReconMatrixPE": 64,
    "RefLinesPE": 24,
    "RepetitionTime": 2,
    "SAR": 0.253171,
    "ScanOptions": "FS",
    "ScanningSequence": "EP",
    "SequenceName": "epfid2d1_64",
    "SequenceVariant": "SK",
    "SeriesDescription": "EPI_Run_2",
    "SeriesNumber": 4,
    "ShimSetting": [
      -2695,
      -23113,
      2488,
      582,
      40,
      -361,
      -136,
      44
    ],
    "SliceThickness": 3,
    "SliceTiming": [
      1.0025,
      0,
      1.0525,
      0.05,
      1.1025,
      0.1,
      1.155,
      0.15,
      1.205,
      0.2,
      1.255,
      0.25,
      1.305,
      0.3,
      1.355,
      0.35,
      1.405,
      0.4,
      1.455,
      0.45,
      1.505,
      0.5025,
      1.555,
      0.5525,
      1.605,
      0.6025,
      1.655,
      0.6525,
      1.705,
      0.7025,
      1.755,
      0.7525,
      1.8075,
      0.8025,
      1.8575,
      0.8525,
      1.9075,
      0.9025,
      1.9575,
      0.9525
    ],
    "SoftwareVersions": "syngo_MR_B17",
    "SpacingBetweenSlices": 3,
    "StationName": "MININT-E41B04",
    "TaskName": "RSE1",
    "TotalReadoutTime": 0.0135451,
    "TxRefAmp": 371.22,
    "dataset": "ds002363",
    "modality": "bold",
    "run_id": 2,
    "subject_id": "24",
    "task_id": "rse1"
  },
  "dummy_trs": 0,
  "dvars_nstd": 31.80399860106196,
  "dvars_std": 1.0491049287168144,
  "dvars_vstd": 1.0078821610619473,
  "efc": 0.5469912686844298,
  "fber": 670.0834350585938,
  "fd_mean": 0.13172215829686346,
  "fd_num": 12,
  "fd_perc": 5.286343612334802,
  "fwhm_avg": 1.9217216565656565,
  "fwhm_x": 1.7751505454545455,
  "fwhm_y": 1.9965410909090908,
  "fwhm_z": 1.9934733333333332,
  "gcor": 0.0106166,
  "gsr_x": -0.007384749595075846,
  "gsr_y": 0.029249459505081177,
  "provenance": {
    "md5sum": "5bba47833cd32198b035f4ae1bcea552",
    "settings": {
      "fd_thres": 0.2,
      "testing": false
    },
    "software": "mriqc",
    "version": "22.0.6",
    "webapi_port": null,
    "webapi_url": "https://mriqc.nimh.nih.gov/api/v1"
  },
  "size_t": 227,
  "size_x": 64,
  "size_y": 64,
  "size_z": 40,
  "snr": 5.869993629032718,
  "spacing_tr": 2.0,
  "spacing_x": 3.4375,
  "spacing_y": 3.4375,
  "spacing_z": 3.0,
  "summary_bg_k": 39.894789825569475,
  "summary_bg_mad": 9.359333713177897,
  "summary_bg_mean": 52.13960266113281,
  "summary_bg_median": 30.98678207397461,
  "summary_bg_n": 99009.0,
  "summary_bg_p05": 23.171804428100586,
  "summary_bg_p95": 151.43611450195274,
  "summary_bg_stdv": 62.17148208618164,
  "summary_fg_k": 0.9553674425678298,
  "summary_fg_mad": 128.40182206689985,
  "summary_fg_mean": 820.3739013671875,
  "summary_fg_median": 812.3369750976562,
  "summary_fg_n": 30582.0,
  "summary_fg_p05": 611.0336853027344,
  "summary_fg_p95": 1053.5160339355466,
  "summary_fg_stdv": 138.3857879638672,
  "tsnr": 44.97944866074249
}