{
  "aor": 0.0010921585903083699,
  "aqi": 0.00905841859030837,
  "bids_meta": {
    "AcquisitionMatrixPE": 64,
    "AcquisitionNumber": 1,
    "AcquisitionTime": "11:40:24.905000",
    "BandwidthPerPixelPhaseEncode": 72.674,
    "BaseResolution": 64,
    "CoilString": "T:HEA;HEP",
    "ConversionSoftware": "dcm2niix",
    "ConversionSoftwareVersion": "v1.0.20190902",
    "DerivedVendorReportedEchoSpacing": 0.000430002,
    "DeviceSerialNumber": "35002",
    "DwellTime": 2.7e-06,
    "EchoTime": 0.028,
    "EffectiveEchoSpacing": 0.000215001,
    "FlipAngle": 90,
    "ImageOrientationPatientDICOM": [
      1,
      4.16306e-05,
      0.000384537,
      5.02282e-08,
      0.994177,
      -0.107762
    ],
    "ImageType": [
      "ORIGINAL",
      "PRIMARY",
      "M",
      "ND",
      "MOSAIC"
    ],
    "ImagingFrequency": 123.256,
    "InPlanePhaseEncodingDirectionDICOM": "COL",
    "InstitutionAddress": "University_Pkwy_1700_North_685_Provo_UT_US_84601",
    "InstitutionName": "Brigham_Young_University",
    "InstitutionalDepartmentName": "MRI",
    "MRAcquisitionType": "2D",
    "MagneticFieldStrength": 3,
    "Manufacturer": "Siemens",
    "ManufacturersModelName": "TrioTim",
    "Modality": "MR",
    "ParallelReductionFactorInPlane": 2,
    "PartialFourier": 1,
    "PatientPosition": "HFS",
    "PercentPhaseFOV": 100,
    "PhaseEncodingDirection": "j-",
    "PhaseEncodingSteps": 63,
    "PhaseResolution": 1,
    "PixelBandwidth": 2894,
    "ProcedureStepDescription": "Research_KIRWAN",
    "ProtocolName": "EPI_Run_1",
    "PulseSequenceDetails": "%CustomerSeq%_ep2d_bold_PMU",
    "ReceiveCoilName": "HeadMatrix",
    "ReconMatrixPE": 64,
    "RefLinesPE": 24,
    "RepetitionTime": 2,
    "SAR": 0.253171,
    "ScanOptions": "FS",
    "ScanningSequence": "EP",
    "SequenceName": "epfid2d1_64",
    "SequenceVariant": "SK",
    "SeriesDescription": "EPI_Run_1",
    "SeriesNumber": 3,
    "ShimSetting": [
      -2695,
      -23113,
      2488,
      582,
      40,
      -361,
      -136,
      44
    ],
    "SliceThickness": 3,
    "SliceTiming": [
      1.0025,
      0,
      1.0525,
      0.05,
      1.1025,
      0.1,
      1.1525,
      0.15,
      1.2025,
      0.2,
      1.255,
      0.25,
      1.305,
      0.3,
      1.355,
      0.35,
      1.405,
      0.4,
      1.455,
      0.45,
      1.505,
      0.5,
      1.555,
      0.55,
      1.605,
      0.6025,
      1.655,
      0.6525,
      1.705,
      0.7025,
      1.755,
      0.7525,
      1.805,
      0.8025,
      1.855,
      0.8525,
      1.9075,
      0.9025,
      1.9575,
      0.9525
    ],
    "SoftwareVersions": "syngo_MR_B17",
    "SpacingBetweenSlices": 3,
    "StationName": "MININT-E41B04",
    "TaskName": "RSE1",
    "TotalReadoutTime": 0.0135451,
    "TxRefAmp": 371.22,
    "dataset": "ds002363",
    "modality": "bold",
    "run_id": 1,
    "subject_id": "24",
    "task_id": "rse1"
  },
  "dummy_trs": 0,
  "dvars_nstd": 31.558134897743347,
  "dvars_std": 1.0458438207522125,
  "dvars_vstd": 1.0080127531858407,
  "efc": 0.5462905374694333,
  "fber": 670.889404296875,
  "fd_mean": 0.1306433304565637,
  "fd_num": 20,
  "fd_perc": 8.810572687224669,
  "fwhm_avg": 1.9296297777777776,
  "fwhm_x": 1.7731287272727274,
  "fwhm_y": 2.0170472727272726,
  "fwhm_z": 1.9987133333333331,
  "gcor": 0.00508825,
  "gsr_x": -0.007380636874586344,
  "gsr_y": 0.03248266503214836,
  "provenance": {
    "md5sum": "66b978471d5aa442de29947c1b9bae1c",
    "settings": {
      "fd_thres": 0.2,
      "testing": false
    },
    "software": "mriqc",
    "version": "22.0.6",
    "webapi_port": null,
    "webapi_url": "https://mriqc.nimh.nih.gov/api/v1"
  },
  "size_t": 227,
  "size_x": 64,
  "size_y": 64,
  "size_z": 40,
  "snr": 5.791038466986747,
  "spacing_tr": 2.0,
  "spacing_x": 3.4375,
  "spacing_y": 3.4375,
  "spacing_z": 3.0,
  "summary_bg_k": 48.069363711443984,
  "summary_bg_mad": 9.770806956148006,
  "summary_bg_mean": 51.200252532958984,
  "summary_bg_median": 30.94713592529297,
  "summary_bg_n": 98652.0,
  "summary_bg_p05": 22.5506591796875,
  "summary_bg_p95": 144.61188735961912,
  "summary_bg_stdv": 60.33096694946289,
  "summary_fg_k": 0.8920654901077367,
  "summary_fg_mad": 131.43561857432286,
  "summary_fg_mean": 822.2210693359375,
  "summary_fg_median": 814.5418090820312,
  "summary_fg_n": 30655.0,
  "summary_fg_p05": 608.8594543457032,
  "summary_fg_p95": 1060.11845703125,
  "summary_fg_stdv": 140.6532745361328,
  "tsnr": 43.9996265375521
}