{
  "aor": 0.0005473214285714286,
  "aqi": 0.007062481875,
  "bids_meta": {
    "AcquisitionMatrixPE": 64,
    "AcquisitionNumber": 1,
    "AcquisitionTime": "10:11:17.352500",
    "BandwidthPerPixelPhaseEncode": 72.674,
    "BaseResolution": 64,
    "CoilString": "T:HEA;HEP",
    "ConversionSoftware": "dcm2niix",
    "ConversionSoftwareVersion": "v1.0.20190902",
    "DerivedVendorReportedEchoSpacing": 0.000430002,
    "DeviceSerialNumber": "35002",
    "DwellTime": 2.7e-06,
    "EchoTime": 0.028,
    "EffectiveEchoSpacing": 0.000215001,
    "FlipAngle": 90,
    "ImageOrientationPatientDICOM": [
      1,
      -3.12906e-10,
      -1.19525e-07,
      -3.12906e-10,
      0.999986,
      -0.00523576
    ],
    "ImageType": [
      "ORIGINAL",
      "PRIMARY",
      "M",
      "ND",
      "MOSAIC"
    ],
    "ImagingFrequency": 123.256,
    "InPlanePhaseEncodingDirectionDICOM": "COL",
    "InstitutionAddress": "University_Pkwy_1700_North_685_Provo_UT_US_84601",
    "InstitutionName": "Brigham_Young_University",
    "InstitutionalDepartmentName": "MRI",
    "MRAcquisitionType": "2D",
    "MagneticFieldStrength": 3,
    "Manufacturer": "Siemens",
    "ManufacturersModelName": "TrioTim",
    "Modality": "MR",
    "ParallelReductionFactorInPlane": 2,
    "PartialFourier": 1,
    "PatientPosition": "HFS",
    "PercentPhaseFOV": 100,
    "PhaseEncodingDirection": "j-",
    "PhaseEncodingSteps": 63,
    "PhaseResolution": 1,
    "PixelBandwidth": 2894,
    "ProcedureStepDescription": "Research_KIRWAN",
    "ProtocolName": "EPI_Run_1",
    "PulseSequenceDetails": "%CustomerSeq%_ep2d_bold_PMU",
    "ReceiveCoilName": "HeadMatrix",
    "ReconMatrixPE": 64,
    "RefLinesPE": 24,
    "RepetitionTime": 2,
    "SAR": 0.186501,
    "ScanOptions": "FS",
    "ScanningSequence": "EP",
    "SequenceName": "epfid2d1_64",
    "SequenceVariant": "SK",
    "SeriesDescription": "EPI_Run_1",
    "SeriesNumber": 3,
    "ShimSetting": [
      -2647,
      -23076,
      2470,
      551,
      59,
      0,
      326,
      -58
    ],
    "SliceThickness": 3,
    "SliceTiming": [
      1.005,
      0,
      1.055,
      0.05,
      1.105,
      0.1,
      1.155,
      0.15,
      1.205,
      0.2,
      1.255,
      0.25,
      1.305,
      0.3025,
      1.355,
      0.3525,
      1.405,
      0.4025,
      1.455,
      0.4525,
      1.505,
      0.5025,
      1.555,
      0.5525,
      1.6075,
      0.6025,
      1.6575,
      0.6525,
      1.7075,
      0.7025,
      1.7575,
      0.7525,
      1.8075,
      0.8025,
      1.8575,
      0.8525,
      1.9075,
      0.9025,
      1.9575,
      0.955
    ],
    "SoftwareVersions": "syngo_MR_B17",
    "SpacingBetweenSlices": 3,
    "StationName": "MININT-E41B04",
    "TaskName": "RSE1",
    "TotalReadoutTime": 0.0135451,
    "TxRefAmp": 310.41,
    "dataset": "ds002363",
    "modality": "bold",
    "run_id": 1,
    "subject_id": "22",
    "task_id": "rse1"
  },
  "dummy_trs": 2,
  "dvars_nstd": 28.025053563228703,
  "dvars_std": 1.0628455822869955,
  "dvars_vstd": 1.0038775652914798,
  "efc": 0.5226775683571923,
  "fber": 986.7716064453125,
  "fd_mean": 0.04411293109784161,
  "fd_num": 0,
  "fd_perc": 0.0,
  "fwhm_avg": 1.9186884444444445,
  "fwhm_x": 1.7561221818181818,
  "fwhm_y": 2.0427898181818183,
  "fwhm_z": 1.9571533333333333,
  "gcor": 0.00981247,
  "gsr_x": -0.01433502696454525,
  "gsr_y": 0.028650755062699318,
  "provenance": {
    "md5sum": "8085d70867c12f83cf4a200a4f08e5a3",
    "settings": {
      "fd_thres": 0.2,
      "testing": false
    },
    "software": "mriqc",
    "version": "22.0.6",
    "webapi_port": null,
    "webapi_url": "https://mriqc.nimh.nih.gov/api/v1"
  },
  "size_t": 224,
  "size_x": 64,
  "size_y": 64,
  "size_z": 40,
  "snr": 5.980803932378476,
  "spacing_tr": 2.0,
  "spacing_x": 3.4375,
  "spacing_y": 3.4375,
  "spacing_z": 3.0,
  "summary_bg_k": 39.58662154387836,
  "summary_bg_mad": 8.12783797011873,
  "summary_bg_mean": 43.480499267578125,
  "summary_bg_median": 27.790180206298828,
  "summary_bg_n": 100542.0,
  "summary_bg_p05": 20.812723255157472,
  "summary_bg_p95": 113.59152526855456,
  "summary_bg_stdv": 48.77565002441406,
  "summary_fg_k": 1.1635127776093936,
  "summary_fg_mad": 137.26648750447586,
  "summary_fg_mean": 892.8367309570312,
  "summary_fg_median": 886.2366333007812,
  "summary_fg_n": 30046.0,
  "summary_fg_p05": 658.5111694335938,
  "summary_fg_p95": 1135.7533874511719,
  "summary_fg_stdv": 148.17771911621094,
  "tsnr": 52.794728653505445
}