{
  "aor": 0.00044359649122807014,
  "aqi": 0.007635692587719298,
  "bids_meta": {
    "AcquisitionMatrixPE": 64,
    "AcquisitionNumber": 1,
    "AcquisitionTime": "10:19:23.412500",
    "BandwidthPerPixelPhaseEncode": 72.674,
    "BaseResolution": 64,
    "CoilString": "T:HEA;HEP",
    "ConversionSoftware": "dcm2niix",
    "ConversionSoftwareVersion": "v1.0.20190902",
    "DerivedVendorReportedEchoSpacing": 0.000430002,
    "DeviceSerialNumber": "35002",
    "DwellTime": 2.7e-06,
    "EchoTime": 0.028,
    "EffectiveEchoSpacing": 0.000215001,
    "FlipAngle": 90,
    "ImageOrientationPatientDICOM": [
      1,
      -3.12906e-10,
      -1.19525e-07,
      -3.12906e-10,
      0.999986,
      -0.00523576
    ],
    "ImageType": [
      "ORIGINAL",
      "PRIMARY",
      "M",
      "ND",
      "MOSAIC"
    ],
    "ImagingFrequency": 123.256,
    "InPlanePhaseEncodingDirectionDICOM": "COL",
    "InstitutionAddress": "University_Pkwy_1700_North_685_Provo_UT_US_84601",
    "InstitutionName": "Brigham_Young_University",
    "InstitutionalDepartmentName": "MRI",
    "MRAcquisitionType": "2D",
    "MagneticFieldStrength": 3,
    "Manufacturer": "Siemens",
    "ManufacturersModelName": "TrioTim",
    "Modality": "MR",
    "ParallelReductionFactorInPlane": 2,
    "PartialFourier": 1,
    "PatientPosition": "HFS",
    "PercentPhaseFOV": 100,
    "PhaseEncodingDirection": "j-",
    "PhaseEncodingSteps": 63,
    "PhaseResolution": 1,
    "PixelBandwidth": 2894,
    "ProcedureStepDescription": "Research_KIRWAN",
    "ProtocolName": "EPI_Run_2",
    "PulseSequenceDetails": "%CustomerSeq%_ep2d_bold_PMU",
    "ReceiveCoilName": "HeadMatrix",
    "ReconMatrixPE": 64,
    "RefLinesPE": 24,
    "RepetitionTime": 2,
    "SAR": 0.186501,
    "ScanOptions": "FS",
    "ScanningSequence": "EP",
    "SequenceName": "epfid2d1_64",
    "SequenceVariant": "SK",
    "SeriesDescription": "EPI_Run_2",
    "SeriesNumber": 4,
    "ShimSetting": [
      -2647,
      -23076,
      2470,
      551,
      59,
      0,
      326,
      -58
    ],
    "SliceThickness": 3,
    "SliceTiming": [
      1.0025,
      0,
      1.0525,
      0.05,
      1.105,
      0.1,
      1.155,
      0.15,
      1.205,
      0.2,
      1.255,
      0.25,
      1.305,
      0.3,
      1.355,
      0.35,
      1.405,
      0.4,
      1.455,
      0.4525,
      1.505,
      0.5025,
      1.555,
      0.5525,
      1.605,
      0.6025,
      1.655,
      0.6525,
      1.705,
      0.7025,
      1.7575,
      0.7525,
      1.8075,
      0.8025,
      1.8575,
      0.8525,
      1.9075,
      0.9025,
      1.9575,
      0.9525
    ],
    "SoftwareVersions": "syngo_MR_B17",
    "SpacingBetweenSlices": 3,
    "StationName": "MININT-E41B04",
    "TaskName": "RSE1",
    "TotalReadoutTime": 0.0135451,
    "TxRefAmp": 310.41,
    "dataset": "ds002363",
    "modality": "bold",
    "run_id": 2,
    "subject_id": "22",
    "task_id": "rse1"
  },
  "dummy_trs": 0,
  "dvars_nstd": 27.742709626123332,
  "dvars_std": 1.040815946651982,
  "dvars_vstd": 0.9993805196035244,
  "efc": 0.5229768698539984,
  "fber": 973.7681884765625,
  "fd_mean": 0.06025999186746054,
  "fd_num": 3,
  "fd_perc": 1.3157894736842106,
  "fwhm_avg": 1.9155030303030305,
  "fwhm_x": 1.760317090909091,
  "fwhm_y": 2.036512,
  "fwhm_z": 1.9496799999999999,
  "gcor": 0.0194759,
  "gsr_x": -0.014480671845376492,
  "gsr_y": 0.028661420568823814,
  "provenance": {
    "md5sum": "0e236019c2320d48fdfb4f1f9e531e00",
    "settings": {
      "fd_thres": 0.2,
      "testing": false
    },
    "software": "mriqc",
    "version": "22.0.6",
    "webapi_port": null,
    "webapi_url": "https://mriqc.nimh.nih.gov/api/v1"
  },
  "size_t": 228,
  "size_x": 64,
  "size_y": 64,
  "size_z": 40,
  "snr": 6.002023360857008,
  "spacing_tr": 2.0,
  "spacing_x": 3.4375,
  "spacing_y": 3.4375,
  "spacing_z": 3.0,
  "summary_bg_k": 38.04406772070423,
  "summary_bg_mad": 8.011254638701015,
  "summary_bg_mean": 43.690147399902344,
  "summary_bg_median": 27.88596534729004,
  "summary_bg_n": 100543.0,
  "summary_bg_p05": 21.052631378173828,
  "summary_bg_p95": 115.1043853759765,
  "summary_bg_stdv": 49.019615173339844,
  "summary_fg_k": 1.1519992227222042,
  "summary_fg_mad": 135.72316592020994,
  "summary_fg_mean": 890.087646484375,
  "summary_fg_median": 884.131591796875,
  "summary_fg_n": 29955.0,
  "summary_fg_p05": 657.7271850585937,
  "summary_fg_p95": 1132.2254760742187,
  "summary_fg_stdv": 147.30313110351562,
  "tsnr": 50.92680377373472
}