{
  "bids_meta": {
    "AcquisitionMatrixPE": 215,
    "AcquisitionNumber": 1,
    "AcquisitionTime": "10:20:28.487500",
    "BaseResolution": 256,
    "CoilString": "C:HEA;HEP",
    "ConversionSoftware": "dcm2niix",
    "ConversionSoftwareVersion": "v1.0.20190902",
    "DeviceSerialNumber": "35002",
    "DwellTime": 9.8e-06,
    "EchoTime": 0.00226,
    "FlipAngle": 9,
    "ImageOrientationPatientDICOM": [
      0.0714974,
      0.997441,
      0,
      0,
      0,
      -1
    ],
    "ImageType": [
      "ORIGINAL",
      "PRIMARY",
      "M",
      "ND",
      "NORM"
    ],
    "ImagingFrequency": 123.256,
    "InPlanePhaseEncodingDirectionDICOM": "ROW",
    "InstitutionAddress": "University_Pkwy_1700_North_685_Provo_UT_US_84601",
    "InstitutionName": "Brigham_Young_University",
    "InstitutionalDepartmentName": "MRI",
    "InversionTime": 0.9,
    "MRAcquisitionType": "3D",
    "MagneticFieldStrength": 3,
    "Manufacturer": "Siemens",
    "ManufacturersModelName": "TrioTim",
    "Modality": "MR",
    "PartialFourier": 0.875,
    "PatientPosition": "HFS",
    "PercentPhaseFOV": 87.5,
    "PhaseEncodingSteps": 227,
    "PhaseOversampling": 0.2,
    "PhaseResolution": 0.96,
    "PixelBandwidth": 199,
    "ProcedureStepDescription": "Research_KIRWAN",
    "ProtocolName": "t1_mpr_sag_iso_mprage",
    "PulseSequenceDetails": "%SiemensSeq%_tfl",
    "ReceiveCoilName": "HeadMatrix",
    "ReconMatrixPE": 224,
    "RepetitionTime": 1.9,
    "SAR": 0.0887953,
    "ScanOptions": "IR_PFP",
    "ScanningSequence": "GR_IR",
    "SequenceName": "_tfl3d1_ns",
    "SequenceVariant": "SP_MP_OSP",
    "SeriesDescription": "t1_mpr_sag_iso_mprage",
    "SeriesNumber": 2,
    "ShimSetting": [
      -2655,
      -23109,
      2059,
      81,
      -13,
      -145,
      -152,
      15
    ],
    "SliceThickness": 1,
    "SoftwareVersions": "syngo_MR_B17",
    "StationName": "MININT-E41B04",
    "TxRefAmp": 327.862,
    "dataset": "ds002363",
    "modality": "T1w",
    "subject_id": "15"
  },
  "cjv": 0.343421515780617,
  "cnr": 4.029565803942503,
  "efc": 0.5889341531889554,
  "fber": 16623.333458434976,
  "fwhm_avg": 4.838711851877549,
  "fwhm_x": 4.4406101157551285,
  "fwhm_y": 5.240873279877519,
  "fwhm_z": 4.834652159999999,
  "icvs_csf": 0.1863310462012111,
  "icvs_gm": 0.4564583500832348,
  "icvs_wm": 0.3572106037155541,
  "inu_med": 0.46033819019794464,
  "inu_range": 0.22792182117700577,
  "provenance": {
    "md5sum": "7a41373ec8b4732c0972a1a273d9236e",
    "settings": {
      "testing": false
    },
    "software": "mriqc",
    "version": "22.0.6",
    "warnings": {
      "large_rot_frame": true,
      "small_air_mask": false
    },
    "webapi_port": null,
    "webapi_url": "https://mriqc.nimh.nih.gov/api/v1"
  },
  "qi_1": 0.0,
  "qi_2": 0.007734348076727123,
  "rpve_csf": 21.209346105115603,
  "rpve_gm": 9.442319304176436,
  "rpve_wm": 13.363329704968592,
  "size_x": 166,
  "size_y": 224,
  "size_z": 256,
  "snr_csf": 2.8374409471626847,
  "snr_gm": 15.18804117454552,
  "snr_total": 14.032649892006914,
  "snr_wm": 24.07246755431254,
  "snrd_csf": 24.292325832789125,
  "snrd_gm": 59.05346927564015,
  "snrd_total": 54.38600773185495,
  "snrd_wm": 79.81222808713558,
  "spacing_x": 0.9999954700469971,
  "spacing_y": 0.9765624403953552,
  "spacing_z": 0.9765625,
  "summary_bg_k": 99.03576546183186,
  "summary_bg_mad": 0.0,
  "summary_bg_mean": 5.156138314255815,
  "summary_bg_median": 0.0,
  "summary_bg_n": 2867848.0,
  "summary_bg_p05": 0.0,
  "summary_bg_p95": 20.969458043575287,
  "summary_bg_stdv": 8.208783530919513,
  "summary_csf_k": 1.006164099788867,
  "summary_csf_mad": 88.959514570997,
  "summary_csf_mean": 312.77228132654335,
  "summary_csf_median": 304.3800408951938,
  "summary_csf_n": 29322.0,
  "summary_csf_p05": 141.50585364550352,
  "summary_csf_p95": 510.558818175271,
  "summary_csf_stdv": 107.27090227333417,
  "summary_gm_k": -0.042249150137487756,
  "summary_gm_mad": 49.45011319616041,
  "summary_gm_mean": 738.939069843194,
  "summary_gm_median": 739.9331590086222,
  "summary_gm_n": 45510.0,
  "summary_gm_p05": 657.7818881895394,
  "summary_gm_p95": 817.5429466590285,
  "summary_gm_stdv": 48.7176075646345,
  "summary_wm_k": 0.5885486125487089,
  "summary_wm_mad": 39.8754899121658,
  "summary_wm_mean": 1002.5432236389232,
  "summary_wm_median": 1000.038012675941,
  "summary_wm_n": 211705.0,
  "summary_wm_p05": 938.846702863276,
  "summary_wm_p95": 1074.0389262065291,
  "summary_wm_stdv": 41.542714661473035,
  "tpm_overlap_csf": 0.14591656179782808,
  "tpm_overlap_gm": 0.4741045479077152,
  "tpm_overlap_wm": 0.4981911678505808,
  "wm2max": 0.4908683705744248
}