{
  "aor": 0.0004539035087719298,
  "aqi": 0.008148807850877193,
  "bids_meta": {
    "AcquisitionMatrixPE": 64,
    "AcquisitionNumber": 1,
    "AcquisitionTime": "15:07:33.020000",
    "BandwidthPerPixelPhaseEncode": 72.674,
    "BaseResolution": 64,
    "CoilString": "T:HEA;HEP",
    "ConversionSoftware": "dcm2niix",
    "ConversionSoftwareVersion": "v1.0.20190902",
    "DerivedVendorReportedEchoSpacing": 0.000430002,
    "DeviceSerialNumber": "35002",
    "DwellTime": 2.7e-06,
    "EchoTime": 0.028,
    "EffectiveEchoSpacing": 0.000215001,
    "FlipAngle": 90,
    "ImageOrientationPatientDICOM": [
      1,
      2e-16,
      0,
      -2e-16,
      0.980615,
      -0.195946
    ],
    "ImageType": [
      "ORIGINAL",
      "PRIMARY",
      "M",
      "ND",
      "MOSAIC"
    ],
    "ImagingFrequency": 123.256,
    "InPlanePhaseEncodingDirectionDICOM": "COL",
    "InstitutionAddress": "University_Pkwy_1700_North_685_Provo_UT_US_84601",
    "InstitutionName": "Brigham_Young_University",
    "InstitutionalDepartmentName": "MRI",
    "MRAcquisitionType": "2D",
    "MagneticFieldStrength": 3,
    "Manufacturer": "Siemens",
    "ManufacturersModelName": "TrioTim",
    "Modality": "MR",
    "ParallelReductionFactorInPlane": 2,
    "PartialFourier": 1,
    "PatientPosition": "HFS",
    "PercentPhaseFOV": 100,
    "PhaseEncodingDirection": "j-",
    "PhaseEncodingSteps": 63,
    "PhaseResolution": 1,
    "PixelBandwidth": 2894,
    "ProcedureStepDescription": "Research_KIRWAN",
    "ProtocolName": "EPI_Run_1",
    "PulseSequenceDetails": "%CustomerSeq%_ep2d_bold_PMU",
    "ReceiveCoilName": "HeadMatrix",
    "ReconMatrixPE": 64,
    "RefLinesPE": 24,
    "RepetitionTime": 2,
    "SAR": 0.178576,
    "ScanOptions": "FS",
    "ScanningSequence": "EP",
    "SequenceName": "epfid2d1_64",
    "SequenceVariant": "SK",
    "SeriesDescription": "EPI_Run_1",
    "SeriesNumber": 3,
    "ShimSetting": [
      -2624,
      -23122,
      2595,
      752,
      210,
      79,
      -228,
      -53
    ],
    "SliceThickness": 3,
    "SliceTiming": [
      1.0025,
      0,
      1.0525,
      0.05,
      1.1025,
      0.1,
      1.1525,
      0.15,
      1.2025,
      0.2,
      1.2525,
      0.25,
      1.305,
      0.3,
      1.355,
      0.35,
      1.405,
      0.4,
      1.455,
      0.45,
      1.505,
      0.5,
      1.555,
      0.55,
      1.605,
      0.6,
      1.655,
      0.6525,
      1.705,
      0.7025,
      1.755,
      0.7525,
      1.805,
      0.8025,
      1.855,
      0.8525,
      1.905,
      0.9025,
      1.9575,
      0.9525
    ],
    "SoftwareVersions": "syngo_MR_B17",
    "SpacingBetweenSlices": 3,
    "StationName": "MININT-E41B04",
    "TaskName": "RSE1",
    "TotalReadoutTime": 0.0135451,
    "TxRefAmp": 328.072,
    "dataset": "ds002363",
    "modality": "bold",
    "run_id": 1,
    "subject_id": "04",
    "task_id": "rse1"
  },
  "dummy_trs": 0,
  "dvars_nstd": 28.078386525066083,
  "dvars_std": 1.0387066312334796,
  "dvars_vstd": 0.9995604289427313,
  "efc": 0.5420314440146305,
  "fber": 829.461669921875,
  "fd_mean": 0.04530651603746829,
  "fd_num": 0,
  "fd_perc": 0.0,
  "fwhm_avg": 1.789071595959596,
  "fwhm_x": 1.620576,
  "fwhm_y": 1.8689454545454545,
  "fwhm_z": 1.8776933333333332,
  "gcor": 0.00651697,
  "gsr_x": -0.010561520233750343,
  "gsr_y": 0.03555423021316528,
  "provenance": {
    "md5sum": "7e2bee0a8ab30ecd0731cfee102313ae",
    "settings": {
      "fd_thres": 0.2,
      "testing": false
    },
    "software": "mriqc",
    "version": "22.0.6",
    "webapi_port": null,
    "webapi_url": "https://mriqc.nimh.nih.gov/api/v1"
  },
  "size_t": 228,
  "size_x": 64,
  "size_y": 64,
  "size_z": 40,
  "snr": 6.452941801573998,
  "spacing_tr": 2.0,
  "spacing_x": 3.4375,
  "spacing_y": 3.4375,
  "spacing_z": 3.0,
  "summary_bg_k": 30.218109908967016,
  "summary_bg_mad": 8.173821465211349,
  "summary_bg_mean": 50.556575775146484,
  "summary_bg_median": 26.88596534729004,
  "summary_bg_n": 100185.0,
  "summary_bg_p05": 20.013158798217773,
  "summary_bg_p95": 176.64035034179688,
  "summary_bg_stdv": 70.5050277709961,
  "summary_fg_k": 1.347996156791396,
  "summary_fg_mad": 112.52167187626692,
  "summary_fg_mean": 785.4750366210938,
  "summary_fg_median": 780.0921020507812,
  "summary_fg_n": 30219.0,
  "summary_fg_p05": 598.885546875,
  "summary_fg_p95": 982.9482666015625,
  "summary_fg_stdv": 120.88737487792969,
  "tsnr": 50.72853244096041
}