{
  "aor": 0.0003319298245614035,
  "aqi": 0.00738863951754386,
  "bids_meta": {
    "AcquisitionMatrixPE": 64,
    "AcquisitionNumber": 1,
    "AcquisitionTime": "15:15:49.392500",
    "BandwidthPerPixelPhaseEncode": 72.674,
    "BaseResolution": 64,
    "CoilString": "T:HEA;HEP",
    "ConversionSoftware": "dcm2niix",
    "ConversionSoftwareVersion": "v1.0.20190902",
    "DerivedVendorReportedEchoSpacing": 0.000430002,
    "DeviceSerialNumber": "35002",
    "DwellTime": 2.7e-06,
    "EchoTime": 0.028,
    "EffectiveEchoSpacing": 0.000215001,
    "FlipAngle": 90,
    "ImageOrientationPatientDICOM": [
      1,
      2e-16,
      0,
      -2e-16,
      0.980615,
      -0.195946
    ],
    "ImageType": [
      "ORIGINAL",
      "PRIMARY",
      "M",
      "ND",
      "MOSAIC"
    ],
    "ImagingFrequency": 123.256,
    "InPlanePhaseEncodingDirectionDICOM": "COL",
    "InstitutionAddress": "University_Pkwy_1700_North_685_Provo_UT_US_84601",
    "InstitutionName": "Brigham_Young_University",
    "InstitutionalDepartmentName": "MRI",
    "MRAcquisitionType": "2D",
    "MagneticFieldStrength": 3,
    "Manufacturer": "Siemens",
    "ManufacturersModelName": "TrioTim",
    "Modality": "MR",
    "ParallelReductionFactorInPlane": 2,
    "PartialFourier": 1,
    "PatientPosition": "HFS",
    "PercentPhaseFOV": 100,
    "PhaseEncodingDirection": "j-",
    "PhaseEncodingSteps": 63,
    "PhaseResolution": 1,
    "PixelBandwidth": 2894,
    "ProcedureStepDescription": "Research_KIRWAN",
    "ProtocolName": "EPI_Run_2",
    "PulseSequenceDetails": "%CustomerSeq%_ep2d_bold_PMU",
    "ReceiveCoilName": "HeadMatrix",
    "ReconMatrixPE": 64,
    "RefLinesPE": 24,
    "RepetitionTime": 2,
    "SAR": 0.178576,
    "ScanOptions": "FS",
    "ScanningSequence": "EP",
    "SequenceName": "epfid2d1_64",
    "SequenceVariant": "SK",
    "SeriesDescription": "EPI_Run_2",
    "SeriesNumber": 4,
    "ShimSetting": [
      -2624,
      -23122,
      2595,
      752,
      210,
      79,
      -228,
      -53
    ],
    "SliceThickness": 3,
    "SliceTiming": [
      1.0025,
      0,
      1.0525,
      0.05,
      1.1025,
      0.1,
      1.1525,
      0.15,
      1.205,
      0.2,
      1.255,
      0.25,
      1.305,
      0.3,
      1.355,
      0.35,
      1.405,
      0.4,
      1.455,
      0.45,
      1.505,
      0.5,
      1.555,
      0.5525,
      1.605,
      0.6025,
      1.655,
      0.6525,
      1.705,
      0.7025,
      1.755,
      0.7525,
      1.805,
      0.8025,
      1.8575,
      0.8525,
      1.9075,
      0.9025,
      1.9575,
      0.9525
    ],
    "SoftwareVersions": "syngo_MR_B17",
    "SpacingBetweenSlices": 3,
    "StationName": "MININT-E41B04",
    "TaskName": "RSE1",
    "TotalReadoutTime": 0.0135451,
    "TxRefAmp": 328.072,
    "dataset": "ds002363",
    "modality": "bold",
    "run_id": 2,
    "subject_id": "04",
    "task_id": "rse1"
  },
  "dummy_trs": 0,
  "dvars_nstd": 27.930900817488975,
  "dvars_std": 1.0414591423788548,
  "dvars_vstd": 1.0015947763436122,
  "efc": 0.5423474738428292,
  "fber": 825.47802734375,
  "fd_mean": 0.06314935549599587,
  "fd_num": 0,
  "fd_perc": 0.0,
  "fwhm_avg": 1.7868414747474748,
  "fwhm_x": 1.6257774545454546,
  "fwhm_y": 1.8611636363636364,
  "fwhm_z": 1.8735833333333334,
  "gcor": 0.0277393,
  "gsr_x": -0.010710181668400764,
  "gsr_y": 0.03496284410357475,
  "provenance": {
    "md5sum": "676d93cc6dfcfca939cb849059aa8906",
    "settings": {
      "fd_thres": 0.2,
      "testing": false
    },
    "software": "mriqc",
    "version": "22.0.6",
    "webapi_port": null,
    "webapi_url": "https://mriqc.nimh.nih.gov/api/v1"
  },
  "size_t": 228,
  "size_x": 64,
  "size_y": 64,
  "size_z": 40,
  "snr": 6.43449745043619,
  "spacing_tr": 2.0,
  "spacing_x": 3.4375,
  "spacing_y": 3.4375,
  "spacing_z": 3.0,
  "summary_bg_k": 29.393669969570915,
  "summary_bg_mad": 7.907212774642982,
  "summary_bg_mean": 50.671043395996094,
  "summary_bg_median": 26.877193450927734,
  "summary_bg_n": 100187.0,
  "summary_bg_p05": 20.21491241455078,
  "summary_bg_p95": 178.82325134277343,
  "summary_bg_stdv": 70.34998321533203,
  "summary_fg_k": 1.3522146192732514,
  "summary_fg_mad": 112.45018409839709,
  "summary_fg_mean": 783.69189453125,
  "summary_fg_median": 777.9364013671875,
  "summary_fg_n": 30232.0,
  "summary_fg_p05": 596.3320495605469,
  "summary_fg_p95": 981.6171234130859,
  "summary_fg_stdv": 120.89888000488281,
  "tsnr": 52.05622931040125
}