{
  "bids_meta": {
    "AcquisitionMatrixPE": 215,
    "AcquisitionNumber": 1,
    "AcquisitionTime": "09:21:9.902500",
    "BaseResolution": 256,
    "CoilString": "C:HEA;HEP",
    "ConversionSoftware": "dcm2niix",
    "ConversionSoftwareVersion": "v1.0.20190902",
    "DeviceSerialNumber": "35002",
    "DwellTime": 9.8e-06,
    "EchoTime": 0.00226,
    "FlipAngle": 9,
    "ImageOrientationPatientDICOM": [
      1e-16,
      1,
      0,
      -0.120137,
      -1e-16,
      -0.992757
    ],
    "ImageType": [
      "ORIGINAL",
      "PRIMARY",
      "M",
      "ND",
      "NORM"
    ],
    "ImagingFrequency": 123.256,
    "InPlanePhaseEncodingDirectionDICOM": "ROW",
    "InstitutionAddress": "University_Pkwy_1700_North_685_Provo_UT_US_84601",
    "InstitutionName": "Brigham_Young_University",
    "InstitutionalDepartmentName": "MRI",
    "InversionTime": 0.9,
    "MRAcquisitionType": "3D",
    "MagneticFieldStrength": 3,
    "Manufacturer": "Siemens",
    "ManufacturersModelName": "TrioTim",
    "Modality": "MR",
    "PartialFourier": 0.875,
    "PatientPosition": "HFS",
    "PercentPhaseFOV": 87.5,
    "PhaseEncodingSteps": 227,
    "PhaseOversampling": 0.2,
    "PhaseResolution": 0.96,
    "PixelBandwidth": 199,
    "ProcedureStepDescription": "Research_KIRWAN",
    "ProtocolName": "t1_mpr_sag_iso_mprage",
    "PulseSequenceDetails": "%SiemensSeq%_tfl",
    "ReceiveCoilName": "HeadMatrix",
    "ReconMatrixPE": 224,
    "RepetitionTime": 1.9,
    "SAR": 0.114295,
    "ScanOptions": "IR_PFP",
    "ScanningSequence": "GR_IR",
    "SequenceName": "_tfl3d1_ns",
    "SequenceVariant": "SP_MP_OSP",
    "SeriesDescription": "t1_mpr_sag_iso_mprage",
    "SeriesNumber": 2,
    "ShimSetting": [
      -2655,
      -23109,
      2059,
      81,
      -13,
      -145,
      -152,
      15
    ],
    "SliceThickness": 1,
    "SoftwareVersions": "syngo_MR_B17",
    "StationName": "MININT-E41B04",
    "TxRefAmp": 306.872,
    "dataset": "ds002363",
    "modality": "T1w",
    "subject_id": "17"
  },
  "cjv": 0.3614638488337812,
  "cnr": 3.7961085598507878,
  "efc": 0.5911238634670085,
  "fber": 10354.816884661117,
  "fwhm_avg": 4.6152542102552765,
  "fwhm_x": 4.179878470765829,
  "fwhm_y": 5.11105024,
  "fwhm_z": 4.55483392,
  "icvs_csf": 0.17272695752496497,
  "icvs_gm": 0.44906230604017333,
  "icvs_wm": 0.3782107364348617,
  "inu_med": 0.43180741369724274,
  "inu_range": 0.20029703676700594,
  "provenance": {
    "md5sum": "72ce57456fbc77583e6498c1dc1a8b09",
    "settings": {
      "testing": false
    },
    "software": "mriqc",
    "version": "22.0.6",
    "warnings": {
      "large_rot_frame": true,
      "small_air_mask": false
    },
    "webapi_port": null,
    "webapi_url": "https://mriqc.nimh.nih.gov/api/v1"
  },
  "qi_1": 0.0,
  "qi_2": 0.006446873831178352,
  "rpve_csf": 22.39769501585195,
  "rpve_gm": 9.613520247728458,
  "rpve_wm": 13.026820473139967,
  "size_x": 171,
  "size_y": 224,
  "size_z": 256,
  "snr_csf": 2.5542586708556865,
  "snr_gm": 14.00680701665378,
  "snr_total": 13.527380220711668,
  "snr_wm": 24.021074974625535,
  "snrd_csf": 21.803183674958355,
  "snrd_gm": 54.33350923379221,
  "snrd_total": 49.78760868842377,
  "snrd_wm": 73.22613315652073,
  "spacing_x": 0.9999979734420776,
  "spacing_y": 0.9765625,
  "spacing_z": 0.9765625,
  "summary_bg_k": 6.294716395348129,
  "summary_bg_mad": 0.0,
  "summary_bg_mean": 6.041543013489118,
  "summary_bg_median": 0.0,
  "summary_bg_n": 2785639.0,
  "summary_bg_p05": 0.0,
  "summary_bg_p95": 23.99164103716612,
  "summary_bg_stdv": 8.9471308693298,
  "summary_csf_k": 1.1155854442848785,
  "summary_csf_mad": 95.61777514061389,
  "summary_csf_mean": 304.22587607982985,
  "summary_csf_median": 297.76385147869587,
  "summary_csf_n": 26935.0,
  "summary_csf_p05": 103.72831979431213,
  "summary_csf_p95": 509.67608154565096,
  "summary_csf_stdv": 116.57328498973597,
  "summary_gm_k": -0.040829056142293485,
  "summary_gm_mad": 53.355090340938794,
  "summary_gm_mean": 741.2019187615834,
  "summary_gm_median": 742.0271835066378,
  "summary_gm_n": 50168.0,
  "summary_gm_p05": 653.4169413484633,
  "summary_gm_p95": 827.1536220403385,
  "summary_gm_stdv": 52.97565584821195,
  "summary_wm_k": 0.56340321290627,
  "summary_wm_mad": 39.907872450133084,
  "summary_wm_mean": 1001.8650962562376,
  "summary_wm_median": 1000.0418178662658,
  "summary_wm_n": 240424.0,
  "summary_wm_p05": 937.0115135386586,
  "summary_wm_p95": 1072.8108893744648,
  "summary_wm_stdv": 41.631764572328734,
  "tpm_overlap_csf": 0.14747937705264202,
  "tpm_overlap_gm": 0.4557371709789431,
  "tpm_overlap_wm": 0.4996344075599467,
  "wm2max": 0.45274949854293606
}