{
  "aor": 0.0006027678571428572,
  "aqi": 0.007714878571428572,
  "bids_meta": {
    "AcquisitionMatrixPE": 64,
    "AcquisitionNumber": 1,
    "AcquisitionTime": "10:29:39.937500",
    "BandwidthPerPixelPhaseEncode": 72.674,
    "BaseResolution": 64,
    "CoilString": "T:HEA;HEP",
    "ConversionSoftware": "dcm2niix",
    "ConversionSoftwareVersion": "v1.0.20190902",
    "DerivedVendorReportedEchoSpacing": 0.000430002,
    "DeviceSerialNumber": "35002",
    "DwellTime": 2.7e-06,
    "EchoTime": 0.028,
    "EffectiveEchoSpacing": 0.000215001,
    "FlipAngle": 90,
    "ImageOrientationPatientDICOM": [
      1,
      -3.03329e-05,
      0.000284482,
      -3.00018e-08,
      0.994352,
      0.106128
    ],
    "ImageType": [
      "ORIGINAL",
      "PRIMARY",
      "M",
      "ND",
      "MOSAIC"
    ],
    "ImagingFrequency": 123.256,
    "InPlanePhaseEncodingDirectionDICOM": "COL",
    "InstitutionAddress": "University_Pkwy_1700_North_685_Provo_UT_US_84601",
    "InstitutionName": "Brigham_Young_University",
    "InstitutionalDepartmentName": "MRI",
    "MRAcquisitionType": "2D",
    "MagneticFieldStrength": 3,
    "Manufacturer": "Siemens",
    "ManufacturersModelName": "TrioTim",
    "Modality": "MR",
    "ParallelReductionFactorInPlane": 2,
    "PartialFourier": 1,
    "PatientPosition": "HFS",
    "PercentPhaseFOV": 100,
    "PhaseEncodingDirection": "j-",
    "PhaseEncodingSteps": 63,
    "PhaseResolution": 1,
    "PixelBandwidth": 2894,
    "ProcedureStepDescription": "Research_KIRWAN",
    "ProtocolName": "EPI_Run_2",
    "PulseSequenceDetails": "%CustomerSeq%_ep2d_bold_PMU",
    "ReceiveCoilName": "HeadMatrix",
    "ReconMatrixPE": 64,
    "RefLinesPE": 24,
    "RepetitionTime": 2,
    "SAR": 0.174013,
    "ScanOptions": "FS",
    "ScanningSequence": "EP",
    "SequenceName": "epfid2d1_64",
    "SequenceVariant": "SK",
    "SeriesDescription": "EPI_Run_2",
    "SeriesNumber": 4,
    "ShimSetting": [
      -2678,
      -23192,
      2561,
      1004,
      -78,
      -391,
      98,
      15
    ],
    "SliceThickness": 3,
    "SliceTiming": [
      1.0025,
      0,
      1.0525,
      0.05,
      1.1025,
      0.1,
      1.1525,
      0.15,
      1.2025,
      0.2,
      1.2525,
      0.25,
      1.305,
      0.3,
      1.355,
      0.35,
      1.405,
      0.4,
      1.455,
      0.45,
      1.505,
      0.5,
      1.555,
      0.55,
      1.605,
      0.6,
      1.655,
      0.6525,
      1.705,
      0.7025,
      1.755,
      0.7525,
      1.805,
      0.8025,
      1.855,
      0.8525,
      1.905,
      0.9025,
      1.9575,
      0.9525
    ],
    "SoftwareVersions": "syngo_MR_B17",
    "SpacingBetweenSlices": 3,
    "StationName": "MININT-E41B04",
    "TaskName": "RSE1",
    "TotalReadoutTime": 0.0135451,
    "TxRefAmp": 337.112,
    "dataset": "ds002363",
    "modality": "bold",
    "run_id": 2,
    "subject_id": "18",
    "task_id": "rse1"
  },
  "dummy_trs": 4,
  "dvars_nstd": 28.54152462201796,
  "dvars_std": 1.0528876882959641,
  "dvars_vstd": 0.992019827085202,
  "efc": 0.5265443246703274,
  "fber": 1069.40234375,
  "fd_mean": 0.08562564673019522,
  "fd_num": 9,
  "fd_perc": 4.017857142857143,
  "fwhm_avg": 2.1868926464646465,
  "fwhm_x": 1.9518050909090907,
  "fwhm_y": 2.267226181818182,
  "fwhm_z": 2.3416466666666667,
  "gcor": 0.0113962,
  "gsr_x": -0.016161473467946053,
  "gsr_y": 0.033399101346731186,
  "provenance": {
    "md5sum": "a6357df3d5cf9ec0c745417cf97139a5",
    "settings": {
      "fd_thres": 0.2,
      "testing": false
    },
    "software": "mriqc",
    "version": "22.0.6",
    "webapi_port": null,
    "webapi_url": "https://mriqc.nimh.nih.gov/api/v1"
  },
  "size_t": 224,
  "size_x": 64,
  "size_y": 64,
  "size_z": 40,
  "snr": 4.985207637610459,
  "spacing_tr": 2.0,
  "spacing_x": 3.4375,
  "spacing_y": 3.4375,
  "spacing_z": 3.0,
  "summary_bg_k": 42.70828910772672,
  "summary_bg_mad": 8.22050060877533,
  "summary_bg_mean": 43.4986457824707,
  "summary_bg_median": 27.348215103149414,
  "summary_bg_n": 98214.0,
  "summary_bg_p05": 20.37053680419922,
  "summary_bg_p95": 121.8946483612059,
  "summary_bg_stdv": 50.75052261352539,
  "summary_fg_k": 1.3703485981736563,
  "summary_fg_mad": 158.45320259364428,
  "summary_fg_mean": 917.6092529296875,
  "summary_fg_median": 902.24560546875,
  "summary_fg_n": 31705.0,
  "summary_fg_p05": 654.7526977539062,
  "summary_fg_p95": 1243.9045166015626,
  "summary_fg_stdv": 180.98170471191406,
  "tsnr": 49.20130384154618
}