{
  "aor": 0.000582,
  "aqi": 0.005430098444444444,
  "bids_meta": {
    "AcquisitionMatrixPE": 64,
    "AcquisitionNumber": 1,
    "AcquisitionTime": "10:21:21.557500",
    "BandwidthPerPixelPhaseEncode": 72.674,
    "BaseResolution": 64,
    "CoilString": "T:HEA;HEP",
    "ConversionSoftware": "dcm2niix",
    "ConversionSoftwareVersion": "v1.0.20190902",
    "DerivedVendorReportedEchoSpacing": 0.000430002,
    "DeviceSerialNumber": "35002",
    "DwellTime": 2.7e-06,
    "EchoTime": 0.028,
    "EffectiveEchoSpacing": 0.000215001,
    "FlipAngle": 90,
    "ImageOrientationPatientDICOM": [
      1,
      -3.03329e-05,
      0.000284482,
      -3.00018e-08,
      0.994352,
      0.106128
    ],
    "ImageType": [
      "ORIGINAL",
      "PRIMARY",
      "M",
      "ND",
      "MOSAIC"
    ],
    "ImagingFrequency": 123.256,
    "InPlanePhaseEncodingDirectionDICOM": "COL",
    "InstitutionAddress": "University_Pkwy_1700_North_685_Provo_UT_US_84601",
    "InstitutionName": "Brigham_Young_University",
    "InstitutionalDepartmentName": "MRI",
    "MRAcquisitionType": "2D",
    "MagneticFieldStrength": 3,
    "Manufacturer": "Siemens",
    "ManufacturersModelName": "TrioTim",
    "Modality": "MR",
    "ParallelReductionFactorInPlane": 2,
    "PartialFourier": 1,
    "PatientPosition": "HFS",
    "PercentPhaseFOV": 100,
    "PhaseEncodingDirection": "j-",
    "PhaseEncodingSteps": 63,
    "PhaseResolution": 1,
    "PixelBandwidth": 2894,
    "ProcedureStepDescription": "Research_KIRWAN",
    "ProtocolName": "EPI_Run_1",
    "PulseSequenceDetails": "%CustomerSeq%_ep2d_bold_PMU",
    "ReceiveCoilName": "HeadMatrix",
    "ReconMatrixPE": 64,
    "RefLinesPE": 24,
    "RepetitionTime": 2,
    "SAR": 0.174013,
    "ScanOptions": "FS",
    "ScanningSequence": "EP",
    "SequenceName": "epfid2d1_64",
    "SequenceVariant": "SK",
    "SeriesDescription": "EPI_Run_1",
    "SeriesNumber": 3,
    "ShimSetting": [
      -2678,
      -23192,
      2561,
      1004,
      -78,
      -391,
      98,
      15
    ],
    "SliceThickness": 3,
    "SliceTiming": [
      1.005,
      0,
      1.055,
      0.05,
      1.105,
      0.1,
      1.155,
      0.15,
      1.205,
      0.2,
      1.255,
      0.25,
      1.305,
      0.3025,
      1.355,
      0.3525,
      1.405,
      0.4025,
      1.455,
      0.4525,
      1.505,
      0.5025,
      1.555,
      0.5525,
      1.6075,
      0.6025,
      1.6575,
      0.6525,
      1.7075,
      0.7025,
      1.7575,
      0.7525,
      1.8075,
      0.8025,
      1.8575,
      0.8525,
      1.9075,
      0.9025,
      1.9575,
      0.955
    ],
    "SoftwareVersions": "syngo_MR_B17",
    "SpacingBetweenSlices": 3,
    "StationName": "MININT-E41B04",
    "TaskName": "RSE1",
    "TotalReadoutTime": 0.0135451,
    "TxRefAmp": 337.112,
    "dataset": "ds002363",
    "modality": "bold",
    "run_id": 1,
    "subject_id": "18",
    "task_id": "rse1"
  },
  "dummy_trs": 1,
  "dvars_nstd": 27.94831028151787,
  "dvars_std": 1.0806713765178575,
  "dvars_vstd": 1.0089177032589285,
  "efc": 0.5264317475212266,
  "fber": 1065.6572265625,
  "fd_mean": 0.06136524669063943,
  "fd_num": 4,
  "fd_perc": 1.7777777777777777,
  "fwhm_avg": 2.1955099393939395,
  "fwhm_x": 1.9563607272727273,
  "fwhm_y": 2.250429090909091,
  "fwhm_z": 2.37974,
  "gcor": 0.00679833,
  "gsr_x": -0.01655893214046955,
  "gsr_y": 0.03223152086138725,
  "provenance": {
    "md5sum": "a8cb80e5809c619ca45315ec3cf3f0fc",
    "settings": {
      "fd_thres": 0.2,
      "testing": false
    },
    "software": "mriqc",
    "version": "22.0.6",
    "webapi_port": null,
    "webapi_url": "https://mriqc.nimh.nih.gov/api/v1"
  },
  "size_t": 225,
  "size_x": 64,
  "size_y": 64,
  "size_z": 40,
  "snr": 5.006292458400722,
  "spacing_tr": 2.0,
  "spacing_x": 3.4375,
  "spacing_y": 3.4375,
  "spacing_z": 3.0,
  "summary_bg_k": 40.44707677406032,
  "summary_bg_mad": 8.361875607463015,
  "summary_bg_mean": 43.264705657958984,
  "summary_bg_median": 27.448888778686523,
  "summary_bg_n": 98235.0,
  "summary_bg_p05": 20.413333892822266,
  "summary_bg_p95": 119.1982231140137,
  "summary_bg_stdv": 49.473609924316406,
  "summary_fg_k": 1.3683933330888758,
  "summary_fg_mad": 158.94809709639128,
  "summary_fg_mean": 922.398193359375,
  "summary_fg_median": 906.0578002929688,
  "summary_fg_n": 31733.0,
  "summary_fg_p05": 660.46669921875,
  "summary_fg_p95": 1246.2329589843746,
  "summary_fg_stdv": 180.98094177246094,
  "tsnr": 55.72273185197264
}