{
  "aor": 0.0007713716814159292,
  "aqi": 0.006662645,
  "bids_meta": {
    "AcquisitionMatrixPE": 64,
    "AcquisitionNumber": 1,
    "AcquisitionTime": "10:39:20.115000",
    "BandwidthPerPixelPhaseEncode": 72.674,
    "BaseResolution": 64,
    "CoilString": "T:HEA;HEP",
    "ConversionSoftware": "dcm2niix",
    "ConversionSoftwareVersion": "v1.0.20190902",
    "DerivedVendorReportedEchoSpacing": 0.000430002,
    "DeviceSerialNumber": "35002",
    "DwellTime": 2.7e-06,
    "EchoTime": 0.028,
    "EffectiveEchoSpacing": 0.000215001,
    "FlipAngle": 90,
    "ImageOrientationPatientDICOM": [
      1,
      0,
      0,
      0,
      1,
      0
    ],
    "ImageType": [
      "ORIGINAL",
      "PRIMARY",
      "M",
      "ND",
      "MOSAIC"
    ],
    "ImagingFrequency": 123.256,
    "InPlanePhaseEncodingDirectionDICOM": "COL",
    "InstitutionAddress": "University_Pkwy_1700_North_685_Provo_UT_US_84601",
    "InstitutionName": "Brigham_Young_University",
    "InstitutionalDepartmentName": "MRI",
    "MRAcquisitionType": "2D",
    "MagneticFieldStrength": 3,
    "Manufacturer": "Siemens",
    "ManufacturersModelName": "TrioTim",
    "Modality": "MR",
    "ParallelReductionFactorInPlane": 2,
    "PartialFourier": 1,
    "PatientPosition": "HFS",
    "PercentPhaseFOV": 100,
    "PhaseEncodingDirection": "j-",
    "PhaseEncodingSteps": 63,
    "PhaseResolution": 1,
    "PixelBandwidth": 2894,
    "ProcedureStepDescription": "Research_KIRWAN",
    "ProtocolName": "EPI_Run_2",
    "PulseSequenceDetails": "%CustomerSeq%_ep2d_bold_PMU",
    "ReceiveCoilName": "HeadMatrix",
    "ReconMatrixPE": 64,
    "RefLinesPE": 24,
    "RepetitionTime": 2,
    "SAR": 0.153103,
    "ScanOptions": "FS",
    "ScanningSequence": "EP",
    "SequenceName": "epfid2d1_64",
    "SequenceVariant": "SK",
    "SeriesDescription": "EPI_Run_2",
    "SeriesNumber": 4,
    "ShimSetting": [
      -2682,
      -23146,
      2515,
      508,
      -195,
      63,
      -183,
      -11
    ],
    "SliceThickness": 3,
    "SliceTiming": [
      1.005,
      0,
      1.055,
      0.05,
      1.105,
      0.1,
      1.155,
      0.15,
      1.205,
      0.2,
      1.255,
      0.25,
      1.305,
      0.3,
      1.355,
      0.3525,
      1.405,
      0.4025,
      1.455,
      0.4525,
      1.505,
      0.5025,
      1.555,
      0.5525,
      1.605,
      0.6025,
      1.6575,
      0.6525,
      1.7075,
      0.7025,
      1.7575,
      0.7525,
      1.8075,
      0.8025,
      1.8575,
      0.8525,
      1.9075,
      0.9025,
      1.9575,
      0.9525
    ],
    "SoftwareVersions": "syngo_MR_B17",
    "SpacingBetweenSlices": 3,
    "StationName": "MININT-E41B04",
    "TaskName": "RSE1",
    "TotalReadoutTime": 0.0135451,
    "TxRefAmp": 327.862,
    "dataset": "ds002363",
    "modality": "bold",
    "run_id": 2,
    "subject_id": "15",
    "task_id": "rse1"
  },
  "dummy_trs": 1,
  "dvars_nstd": 29.740170271200004,
  "dvars_std": 1.0725309644000003,
  "dvars_vstd": 1.0134025442666668,
  "efc": 0.5404684753220946,
  "fber": 794.3062133789062,
  "fd_mean": 0.08616478965953989,
  "fd_num": 20,
  "fd_perc": 8.849557522123893,
  "fwhm_avg": 2.023089414141414,
  "fwhm_x": 1.8584116363636363,
  "fwhm_y": 2.122103272727273,
  "fwhm_z": 2.0887533333333335,
  "gcor": 0.0131828,
  "gsr_x": -0.0027223778888583183,
  "gsr_y": 0.029579147696495056,
  "provenance": {
    "md5sum": "c1eb60d19a26c9264449da7ce8ad9bc9",
    "settings": {
      "fd_thres": 0.2,
      "testing": false
    },
    "software": "mriqc",
    "version": "22.0.6",
    "webapi_port": null,
    "webapi_url": "https://mriqc.nimh.nih.gov/api/v1"
  },
  "size_t": 226,
  "size_x": 64,
  "size_y": 64,
  "size_z": 40,
  "snr": 5.628239403508364,
  "spacing_tr": 2.0,
  "spacing_x": 3.4375,
  "spacing_y": 3.4375,
  "spacing_z": 3.0,
  "summary_bg_k": 26.515864373406853,
  "summary_bg_mad": 11.073595356164313,
  "summary_bg_mean": 54.06095886230469,
  "summary_bg_median": 30.734512329101562,
  "summary_bg_n": 99370.0,
  "summary_bg_p05": 21.371681213378906,
  "summary_bg_p95": 175.12189483642572,
  "summary_bg_stdv": 69.68568420410156,
  "summary_fg_k": 1.2595203698653208,
  "summary_fg_mad": 139.18095734308756,
  "summary_fg_mean": 878.8169555664062,
  "summary_fg_median": 875.0133056640625,
  "summary_fg_n": 30642.0,
  "summary_fg_p05": 627.4075469970703,
  "summary_fg_p95": 1132.7196472167968,
  "summary_fg_stdv": 155.46585083007812,
  "tsnr": 50.51196615002118
}