{
  "aor": 0.0006015350877192982,
  "aqi": 0.008090895350877193,
  "bids_meta": {
    "AcquisitionMatrixPE": 64,
    "AcquisitionNumber": 1,
    "AcquisitionTime": "10:30:55.657500",
    "BandwidthPerPixelPhaseEncode": 72.674,
    "BaseResolution": 64,
    "CoilString": "T:HEA;HEP",
    "ConversionSoftware": "dcm2niix",
    "ConversionSoftwareVersion": "v1.0.20190902",
    "DerivedVendorReportedEchoSpacing": 0.000430002,
    "DeviceSerialNumber": "35002",
    "DwellTime": 2.7e-06,
    "EchoTime": 0.028,
    "EffectiveEchoSpacing": 0.000215001,
    "FlipAngle": 90,
    "ImageOrientationPatientDICOM": [
      1,
      0,
      0,
      0,
      1,
      0
    ],
    "ImageType": [
      "ORIGINAL",
      "PRIMARY",
      "M",
      "ND",
      "MOSAIC"
    ],
    "ImagingFrequency": 123.256,
    "InPlanePhaseEncodingDirectionDICOM": "COL",
    "InstitutionAddress": "University_Pkwy_1700_North_685_Provo_UT_US_84601",
    "InstitutionName": "Brigham_Young_University",
    "InstitutionalDepartmentName": "MRI",
    "MRAcquisitionType": "2D",
    "MagneticFieldStrength": 3,
    "Manufacturer": "Siemens",
    "ManufacturersModelName": "TrioTim",
    "Modality": "MR",
    "ParallelReductionFactorInPlane": 2,
    "PartialFourier": 1,
    "PatientPosition": "HFS",
    "PercentPhaseFOV": 100,
    "PhaseEncodingDirection": "j-",
    "PhaseEncodingSteps": 63,
    "PhaseResolution": 1,
    "PixelBandwidth": 2894,
    "ProcedureStepDescription": "Research_KIRWAN",
    "ProtocolName": "EPI_Run_1",
    "PulseSequenceDetails": "%CustomerSeq%_ep2d_bold_PMU",
    "ReceiveCoilName": "HeadMatrix",
    "ReconMatrixPE": 64,
    "RefLinesPE": 24,
    "RepetitionTime": 2,
    "SAR": 0.153103,
    "ScanOptions": "FS",
    "ScanningSequence": "EP",
    "SequenceName": "epfid2d1_64",
    "SequenceVariant": "SK",
    "SeriesDescription": "EPI_Run_1",
    "SeriesNumber": 3,
    "ShimSetting": [
      -2682,
      -23146,
      2515,
      508,
      -195,
      63,
      -183,
      -11
    ],
    "SliceThickness": 3,
    "SliceTiming": [
      1.0025,
      0,
      1.0525,
      0.05,
      1.105,
      0.1,
      1.155,
      0.15,
      1.205,
      0.2,
      1.255,
      0.25,
      1.305,
      0.3,
      1.355,
      0.35,
      1.405,
      0.4,
      1.455,
      0.4525,
      1.505,
      0.5025,
      1.555,
      0.5525,
      1.605,
      0.6025,
      1.655,
      0.6525,
      1.705,
      0.7025,
      1.7575,
      0.7525,
      1.8075,
      0.8025,
      1.8575,
      0.8525,
      1.9075,
      0.9025,
      1.9575,
      0.9525
    ],
    "SoftwareVersions": "syngo_MR_B17",
    "SpacingBetweenSlices": 3,
    "StationName": "MININT-E41B04",
    "TaskName": "RSE1",
    "TotalReadoutTime": 0.0135451,
    "TxRefAmp": 327.862,
    "dataset": "ds002363",
    "modality": "bold",
    "run_id": 1,
    "subject_id": "15",
    "task_id": "rse1"
  },
  "dummy_trs": 0,
  "dvars_nstd": 29.486708048325994,
  "dvars_std": 1.0393210313215855,
  "dvars_vstd": 0.9965460891629949,
  "efc": 0.5393998212869222,
  "fber": 805.9330444335938,
  "fd_mean": 0.11827420416940931,
  "fd_num": 29,
  "fd_perc": 12.719298245614034,
  "fwhm_avg": 2.041176181818182,
  "fwhm_x": 1.8628945454545454,
  "fwhm_y": 2.126464,
  "fwhm_z": 2.13417,
  "gcor": 0.0110274,
  "gsr_x": -0.0018706058617681265,
  "gsr_y": 0.02828074060380459,
  "provenance": {
    "md5sum": "4d4fadbfff47fac2676f5438312245d9",
    "settings": {
      "fd_thres": 0.2,
      "testing": false
    },
    "software": "mriqc",
    "version": "22.0.6",
    "webapi_port": null,
    "webapi_url": "https://mriqc.nimh.nih.gov/api/v1"
  },
  "size_t": 228,
  "size_x": 64,
  "size_y": 64,
  "size_z": 40,
  "snr": 5.654495810544728,
  "spacing_tr": 2.0,
  "spacing_x": 3.4375,
  "spacing_y": 3.4375,
  "spacing_z": 3.0,
  "summary_bg_k": 26.68205731976715,
  "summary_bg_mad": 11.363366878557516,
  "summary_bg_mean": 53.66310119628906,
  "summary_bg_median": 30.77850914001465,
  "summary_bg_n": 99336.0,
  "summary_bg_p05": 21.127193450927734,
  "summary_bg_p95": 171.97368621826172,
  "summary_bg_stdv": 69.032958984375,
  "summary_fg_k": 1.2866601146576784,
  "summary_fg_mad": 139.442656904606,
  "summary_fg_mean": 883.7890014648438,
  "summary_fg_median": 880.890380859375,
  "summary_fg_n": 30600.0,
  "summary_fg_p05": 631.3272247314453,
  "summary_fg_p95": 1139.1274169921876,
  "summary_fg_stdv": 155.78329467773438,
  "tsnr": 47.284867507521994
}