{
  "aor": 0.00047460526315789474,
  "aqi": 0.008124846622807018,
  "bids_meta": {
    "AcquisitionMatrixPE": 64,
    "AcquisitionNumber": 1,
    "AcquisitionTime": "09:13:2.295000",
    "BandwidthPerPixelPhaseEncode": 72.674,
    "BaseResolution": 64,
    "CoilString": "T:HEA;HEP",
    "ConversionSoftware": "dcm2niix",
    "ConversionSoftwareVersion": "v1.0.20190902",
    "DerivedVendorReportedEchoSpacing": 0.000430002,
    "DeviceSerialNumber": "35002",
    "DwellTime": 2.7e-06,
    "EchoTime": 0.028,
    "EffectiveEchoSpacing": 0.000215001,
    "FlipAngle": 90,
    "ImageOrientationPatientDICOM": [
      1,
      -1e-16,
      0,
      1e-16,
      0.999848,
      0.0174524
    ],
    "ImageType": [
      "ORIGINAL",
      "PRIMARY",
      "M",
      "ND",
      "MOSAIC"
    ],
    "ImagingFrequency": 123.256,
    "InPlanePhaseEncodingDirectionDICOM": "COL",
    "InstitutionAddress": "University_Pkwy_1700_North_685_Provo_UT_US_84601",
    "InstitutionName": "Brigham_Young_University",
    "InstitutionalDepartmentName": "MRI",
    "MRAcquisitionType": "2D",
    "MagneticFieldStrength": 3,
    "Manufacturer": "Siemens",
    "ManufacturersModelName": "TrioTim",
    "Modality": "MR",
    "ParallelReductionFactorInPlane": 2,
    "PartialFourier": 1,
    "PatientPosition": "HFS",
    "PercentPhaseFOV": 100,
    "PhaseEncodingDirection": "j-",
    "PhaseEncodingSteps": 63,
    "PhaseResolution": 1,
    "PixelBandwidth": 2894,
    "ProcedureStepDescription": "Research_KIRWAN",
    "ProtocolName": "EPI_Run_2",
    "PulseSequenceDetails": "%CustomerSeq%_ep2d_bold_PMU",
    "ReceiveCoilName": "HeadMatrix",
    "ReconMatrixPE": 64,
    "RefLinesPE": 24,
    "RepetitionTime": 2,
    "SAR": 0.20371,
    "ScanOptions": "FS",
    "ScanningSequence": "EP",
    "SequenceName": "epfid2d1_64",
    "SequenceVariant": "SK",
    "SeriesDescription": "EPI_Run_2",
    "SeriesNumber": 4,
    "ShimSetting": [
      -2680,
      -23215,
      2520,
      627,
      -38,
      -326,
      -284,
      -103
    ],
    "SliceThickness": 3,
    "SliceTiming": [
      1.0025,
      0,
      1.0525,
      0.05,
      1.105,
      0.1,
      1.155,
      0.15,
      1.205,
      0.2,
      1.255,
      0.25,
      1.305,
      0.3,
      1.355,
      0.35,
      1.405,
      0.4,
      1.455,
      0.4525,
      1.505,
      0.5025,
      1.555,
      0.5525,
      1.605,
      0.6025,
      1.655,
      0.6525,
      1.705,
      0.7025,
      1.7575,
      0.7525,
      1.8075,
      0.8025,
      1.8575,
      0.8525,
      1.9075,
      0.9025,
      1.9575,
      0.9525
    ],
    "SoftwareVersions": "syngo_MR_B17",
    "SpacingBetweenSlices": 3,
    "StationName": "MININT-E41B04",
    "TaskName": "RSE1",
    "TotalReadoutTime": 0.0135451,
    "TxRefAmp": 315.081,
    "dataset": "ds002363",
    "modality": "bold",
    "run_id": 2,
    "subject_id": "21",
    "task_id": "rse1"
  },
  "dummy_trs": 0,
  "dvars_nstd": 29.058428440837,
  "dvars_std": 1.01985382030837,
  "dvars_vstd": 0.9990178462995594,
  "efc": 0.5357464642283075,
  "fber": 808.23388671875,
  "fd_mean": 0.05015703944124724,
  "fd_num": 5,
  "fd_perc": 2.192982456140351,
  "fwhm_avg": 1.9340995353535355,
  "fwhm_x": 1.806144,
  "fwhm_y": 2.013431272727273,
  "fwhm_z": 1.9827233333333334,
  "gcor": 0.0179891,
  "gsr_x": 0.0016755253309383988,
  "gsr_y": 0.03497089073061943,
  "provenance": {
    "md5sum": "9dcbc942044e992424b7369d7d020a77",
    "settings": {
      "fd_thres": 0.2,
      "testing": false
    },
    "software": "mriqc",
    "version": "22.0.6",
    "webapi_port": null,
    "webapi_url": "https://mriqc.nimh.nih.gov/api/v1"
  },
  "size_t": 228,
  "size_x": 64,
  "size_y": 64,
  "size_z": 40,
  "snr": 5.9447688593023695,
  "spacing_tr": 2.0,
  "spacing_x": 3.4375,
  "spacing_y": 3.4375,
  "spacing_z": 3.0,
  "summary_bg_k": 45.54585577669561,
  "summary_bg_mad": 9.240253399645503,
  "summary_bg_mean": 46.87226104736328,
  "summary_bg_median": 28.995615005493164,
  "summary_bg_n": 99929.0,
  "summary_bg_p05": 21.171052932739258,
  "summary_bg_p95": 125.40613861083962,
  "summary_bg_stdv": 58.111175537109375,
  "summary_fg_k": 1.698906077471154,
  "summary_fg_mad": 120.00617074666478,
  "summary_fg_mean": 837.37109375,
  "summary_fg_median": 837.2061767578125,
  "summary_fg_n": 30133.0,
  "summary_fg_p05": 601.2052612304688,
  "summary_fg_p95": 1063.4491699218747,
  "summary_fg_stdv": 140.82839965820312,
  "tsnr": 47.591667714877985
}