{
  "aor": 0.0005349122807017544,
  "aqi": 0.00820309359649123,
  "bids_meta": {
    "AcquisitionMatrixPE": 64,
    "AcquisitionNumber": 1,
    "AcquisitionTime": "11:42:23.177500",
    "BandwidthPerPixelPhaseEncode": 72.674,
    "BaseResolution": 64,
    "CoilString": "T:HEA;HEP",
    "ConversionSoftware": "dcm2niix",
    "ConversionSoftwareVersion": "v1.0.20190902",
    "DerivedVendorReportedEchoSpacing": 0.000430002,
    "DeviceSerialNumber": "35002",
    "DwellTime": 2.7e-06,
    "EchoTime": 0.028,
    "EffectiveEchoSpacing": 0.000215001,
    "FlipAngle": 90,
    "ImageOrientationPatientDICOM": [
      1,
      1.49174e-06,
      1.05908e-05,
      -2.19377e-08,
      0.990509,
      -0.137444
    ],
    "ImageType": [
      "ORIGINAL",
      "PRIMARY",
      "M",
      "ND",
      "MOSAIC"
    ],
    "ImagingFrequency": 123.256,
    "InPlanePhaseEncodingDirectionDICOM": "COL",
    "InstitutionAddress": "University_Pkwy_1700_North_685_Provo_UT_US_84601",
    "InstitutionName": "Brigham_Young_University",
    "InstitutionalDepartmentName": "MRI",
    "MRAcquisitionType": "2D",
    "MagneticFieldStrength": 3,
    "Manufacturer": "Siemens",
    "ManufacturersModelName": "TrioTim",
    "Modality": "MR",
    "ParallelReductionFactorInPlane": 2,
    "PartialFourier": 1,
    "PatientPosition": "HFS",
    "PercentPhaseFOV": 100,
    "PhaseEncodingDirection": "j-",
    "PhaseEncodingSteps": 63,
    "PhaseResolution": 1,
    "PixelBandwidth": 2894,
    "ProcedureStepDescription": "Research_KIRWAN",
    "ProtocolName": "EPI_Run_1",
    "PulseSequenceDetails": "%CustomerSeq%_ep2d_bold_PMU",
    "ReceiveCoilName": "HeadMatrix",
    "ReconMatrixPE": 64,
    "RefLinesPE": 24,
    "RepetitionTime": 2,
    "SAR": 0.154905,
    "ScanOptions": "FS",
    "ScanningSequence": "EP",
    "SequenceName": "epfid2d1_64",
    "SequenceVariant": "SK",
    "SeriesDescription": "EPI_Run_1",
    "SeriesNumber": 3,
    "ShimSetting": [
      -2677,
      -23039,
      2483,
      593,
      -97,
      92,
      -253,
      -46
    ],
    "SliceThickness": 3,
    "SliceTiming": [
      1.005,
      0,
      1.055,
      0.05,
      1.105,
      0.1,
      1.155,
      0.15,
      1.205,
      0.2025,
      1.255,
      0.2525,
      1.305,
      0.3025,
      1.355,
      0.3525,
      1.405,
      0.4025,
      1.455,
      0.4525,
      1.505,
      0.5025,
      1.5575,
      0.5525,
      1.6075,
      0.6025,
      1.6575,
      0.6525,
      1.7075,
      0.7025,
      1.7575,
      0.7525,
      1.8075,
      0.8025,
      1.8575,
      0.855,
      1.9075,
      0.905,
      1.9575,
      0.955
    ],
    "SoftwareVersions": "syngo_MR_B17",
    "SpacingBetweenSlices": 3,
    "StationName": "MININT-E41B04",
    "TaskName": "RSE1",
    "TotalReadoutTime": 0.0135451,
    "TxRefAmp": 333.402,
    "dataset": "ds002363",
    "modality": "bold",
    "run_id": 1,
    "subject_id": "08",
    "task_id": "rse1"
  },
  "dummy_trs": 0,
  "dvars_nstd": 27.487696072246695,
  "dvars_std": 1.0050799978414098,
  "dvars_vstd": 0.9782474566960353,
  "efc": 0.5603528852372989,
  "fber": 786.1312866210938,
  "fd_mean": 0.09891452145775295,
  "fd_num": 11,
  "fd_perc": 4.824561403508772,
  "fwhm_avg": 1.9656740606060605,
  "fwhm_x": 1.8034938181818183,
  "fwhm_y": 2.0460683636363637,
  "fwhm_z": 2.04746,
  "gcor": 0.00794813,
  "gsr_x": -0.015816666185855865,
  "gsr_y": 0.03718460723757744,
  "provenance": {
    "md5sum": "2f1b76cac69aa5c0b167cc32c8239d85",
    "settings": {
      "fd_thres": 0.2,
      "testing": false
    },
    "software": "mriqc",
    "version": "22.0.6",
    "webapi_port": null,
    "webapi_url": "https://mriqc.nimh.nih.gov/api/v1"
  },
  "size_t": 228,
  "size_x": 64,
  "size_y": 64,
  "size_z": 40,
  "snr": 5.2955981419479325,
  "spacing_tr": 2.0,
  "spacing_x": 3.4375,
  "spacing_y": 3.4375,
  "spacing_z": 3.0,
  "summary_bg_k": 30.442143181674794,
  "summary_bg_mad": 10.293680101072404,
  "summary_bg_mean": 55.52320098876953,
  "summary_bg_median": 30.140350341796875,
  "summary_bg_n": 94756.0,
  "summary_bg_p05": 21.390350341796875,
  "summary_bg_p95": 176.8662338256836,
  "summary_bg_stdv": 77.26898193359375,
  "summary_fg_k": 0.9358355005811516,
  "summary_fg_mad": 149.22584979695137,
  "summary_fg_mean": 870.7799682617188,
  "summary_fg_median": 859.1798095703125,
  "summary_fg_n": 34412.0,
  "summary_fg_p05": 621.2109924316406,
  "summary_fg_p95": 1146.5230712890625,
  "summary_fg_stdv": 162.24179077148438,
  "tsnr": 46.3569774501957
}