{
  "bids_meta": {
    "AcquisitionMatrixPE": 215,
    "AcquisitionNumber": 1,
    "AcquisitionTime": "11:30:51.585000",
    "BaseResolution": 256,
    "CoilString": "C:HEA;HEP",
    "ConversionSoftware": "dcm2niix",
    "ConversionSoftwareVersion": "v1.0.20190902",
    "DeviceSerialNumber": "35002",
    "DwellTime": 9.8e-06,
    "EchoTime": 0.00226,
    "FlipAngle": 9,
    "ImageOrientationPatientDICOM": [
      0,
      1,
      0,
      -0.0662739,
      0,
      -0.997801
    ],
    "ImageType": [
      "ORIGINAL",
      "PRIMARY",
      "M",
      "ND",
      "NORM"
    ],
    "ImagingFrequency": 123.256,
    "InPlanePhaseEncodingDirectionDICOM": "ROW",
    "InstitutionAddress": "University_Pkwy_1700_North_685_Provo_UT_US_84601",
    "InstitutionName": "Brigham_Young_University",
    "InstitutionalDepartmentName": "MRI",
    "InversionTime": 0.9,
    "MRAcquisitionType": "3D",
    "MagneticFieldStrength": 3,
    "Manufacturer": "Siemens",
    "ManufacturersModelName": "TrioTim",
    "Modality": "MR",
    "PartialFourier": 0.875,
    "PatientPosition": "HFS",
    "PercentPhaseFOV": 87.5,
    "PhaseEncodingSteps": 227,
    "PhaseOversampling": 0.2,
    "PhaseResolution": 0.96,
    "PixelBandwidth": 199,
    "ProcedureStepDescription": "Research_KIRWAN",
    "ProtocolName": "t1_mpr_sag_iso_mprage",
    "PulseSequenceDetails": "%SiemensSeq%_tfl",
    "ReceiveCoilName": "HeadMatrix",
    "ReconMatrixPE": 224,
    "RepetitionTime": 1.9,
    "SAR": 0.146832,
    "ScanOptions": "IR_PFP",
    "ScanningSequence": "GR_IR",
    "SequenceName": "_tfl3d1_ns",
    "SequenceVariant": "SP_MP_OSP",
    "SeriesDescription": "t1_mpr_sag_iso_mprage",
    "SeriesNumber": 2,
    "ShimSetting": [
      -2655,
      -23109,
      2059,
      81,
      -13,
      -145,
      -152,
      15
    ],
    "SliceThickness": 1,
    "SoftwareVersions": "syngo_MR_B17",
    "StationName": "MININT-E41B04",
    "TxRefAmp": 371.22,
    "dataset": "ds002363",
    "modality": "T1w",
    "subject_id": "24"
  },
  "cjv": 0.3399889046499926,
  "cnr": 4.048887193558539,
  "efc": 0.6023777283230275,
  "fber": 13380.418490015592,
  "fwhm_avg": 4.233587636073188,
  "fwhm_x": 3.727184668219564,
  "fwhm_y": 4.67907584,
  "fwhm_z": 4.294502400000001,
  "icvs_csf": 0.1735671866918112,
  "icvs_gm": 0.45700242878300623,
  "icvs_wm": 0.36943038452518256,
  "inu_med": 0.44460225105285645,
  "inu_range": 0.18954237997531886,
  "provenance": {
    "md5sum": "340bff5c209363e860766851543077ea",
    "settings": {
      "testing": false
    },
    "software": "mriqc",
    "version": "22.0.6",
    "warnings": {
      "large_rot_frame": true,
      "small_air_mask": false
    },
    "webapi_port": null,
    "webapi_url": "https://mriqc.nimh.nih.gov/api/v1"
  },
  "qi_1": 0.0,
  "qi_2": 0.015141011394388695,
  "rpve_csf": 22.398450016858344,
  "rpve_gm": 9.437731357408461,
  "rpve_wm": 13.063417137288328,
  "size_x": 160,
  "size_y": 224,
  "size_z": 256,
  "snr_csf": 2.122185132437919,
  "snr_gm": 13.064798549636844,
  "snr_total": 13.350483033104899,
  "snr_wm": 24.864465417239934,
  "snrd_csf": 20.642031270003795,
  "snrd_gm": 52.35128472590201,
  "snrd_total": 48.53112402985906,
  "snrd_wm": 72.60005609367137,
  "spacing_x": 1.0000014305114746,
  "spacing_y": 0.9765625,
  "spacing_z": 0.9765625,
  "summary_bg_k": 4.99513456886773,
  "summary_bg_mad": 0.0,
  "summary_bg_mean": 5.9020466841506165,
  "summary_bg_median": 0.0,
  "summary_bg_n": 2768309.0,
  "summary_bg_p05": 0.0,
  "summary_bg_p95": 23.572076112031937,
  "summary_bg_stdv": 9.024319428448482,
  "summary_csf_k": 3.2539451909313204,
  "summary_csf_mad": 110.92633531666084,
  "summary_csf_mean": 281.6337239112097,
  "summary_csf_median": 284.33816810138524,
  "summary_csf_n": 19514.0,
  "summary_csf_p05": 50.13599265366793,
  "summary_csf_p95": 500.3331812983378,
  "summary_csf_stdv": 133.98024431061936,
  "summary_gm_k": -0.031663515714109636,
  "summary_gm_mad": 55.379158013285995,
  "summary_gm_mean": 721.3157033880174,
  "summary_gm_median": 721.124205365777,
  "summary_gm_n": 51705.0,
  "summary_gm_p05": 630.4623741656542,
  "summary_gm_p95": 812.0126911439002,
  "summary_gm_stdv": 55.19543444507299,
  "summary_wm_k": 0.2309869309646655,
  "summary_wm_mad": 39.45092931286272,
  "summary_wm_mean": 1001.1360031530473,
  "summary_wm_median": 1000.0453290529549,
  "summary_wm_n": 204660.0,
  "summary_wm_p05": 937.1713491156697,
  "summary_wm_p95": 1068.8576589338481,
  "summary_wm_stdv": 40.21976218195788,
  "tpm_overlap_csf": 0.1508916798103223,
  "tpm_overlap_gm": 0.45914870757864285,
  "tpm_overlap_wm": 0.4817792926695419,
  "wm2max": 0.4238343163435861
}