{
  "aor": 0.0019892982456140348,
  "aqi": 0.01217698035087719,
  "bids_meta": {
    "AcquisitionMatrixPE": 64,
    "AcquisitionNumber": 1,
    "AcquisitionTime": "09:46:7.055000",
    "BandwidthPerPixelPhaseEncode": 72.674,
    "BaseResolution": 64,
    "CoilString": "T:HEA;HEP",
    "ConversionSoftware": "dcm2niix",
    "ConversionSoftwareVersion": "v1.0.20190902",
    "DerivedVendorReportedEchoSpacing": 0.000430002,
    "DeviceSerialNumber": "35002",
    "DwellTime": 2.7e-06,
    "EchoTime": 0.028,
    "EffectiveEchoSpacing": 0.000215001,
    "FlipAngle": 90,
    "ImageOrientationPatientDICOM": [
      0.999998,
      -4.20918e-05,
      0.00203785,
      5.28309e-08,
      0.999787,
      0.0206247
    ],
    "ImageType": [
      "ORIGINAL",
      "PRIMARY",
      "M",
      "ND",
      "MOSAIC"
    ],
    "ImagingFrequency": 123.256,
    "InPlanePhaseEncodingDirectionDICOM": "COL",
    "InstitutionAddress": "University_Pkwy_1700_North_685_Provo_UT_US_84601",
    "InstitutionName": "Brigham_Young_University",
    "InstitutionalDepartmentName": "MRI",
    "MRAcquisitionType": "2D",
    "MagneticFieldStrength": 3,
    "Manufacturer": "Siemens",
    "ManufacturersModelName": "TrioTim",
    "Modality": "MR",
    "ParallelReductionFactorInPlane": 2,
    "PartialFourier": 1,
    "PatientPosition": "HFS",
    "PercentPhaseFOV": 100,
    "PhaseEncodingDirection": "j-",
    "PhaseEncodingSteps": 63,
    "PhaseResolution": 1,
    "PixelBandwidth": 2894,
    "ProcedureStepDescription": "Research_KIRWAN",
    "ProtocolName": "EPI_Run_1",
    "PulseSequenceDetails": "%CustomerSeq%_ep2d_bold_PMU",
    "ReceiveCoilName": "HeadMatrix",
    "ReconMatrixPE": 64,
    "RefLinesPE": 24,
    "RepetitionTime": 2,
    "SAR": 0.199851,
    "ScanOptions": "FS",
    "ScanningSequence": "EP",
    "SequenceName": "epfid2d1_64",
    "SequenceVariant": "SK",
    "SeriesDescription": "EPI_Run_1",
    "SeriesNumber": 3,
    "ShimSetting": [
      -2756,
      -23120,
      2513,
      539,
      -143,
      113,
      -128,
      -65
    ],
    "SliceThickness": 3,
    "SliceTiming": [
      1.005,
      0,
      1.055,
      0.05,
      1.105,
      0.1,
      1.155,
      0.15,
      1.205,
      0.2,
      1.255,
      0.25,
      1.305,
      0.3025,
      1.355,
      0.3525,
      1.405,
      0.4025,
      1.455,
      0.4525,
      1.505,
      0.5025,
      1.555,
      0.5525,
      1.6075,
      0.6025,
      1.6575,
      0.6525,
      1.7075,
      0.7025,
      1.7575,
      0.7525,
      1.8075,
      0.8025,
      1.8575,
      0.8525,
      1.9075,
      0.9025,
      1.9575,
      0.955
    ],
    "SoftwareVersions": "syngo_MR_B17",
    "SpacingBetweenSlices": 3,
    "StationName": "MININT-E41B04",
    "TaskName": "RSE1",
    "TotalReadoutTime": 0.0135451,
    "TxRefAmp": 319.422,
    "dataset": "ds002363",
    "modality": "bold",
    "run_id": 1,
    "subject_id": "14",
    "task_id": "rse1"
  },
  "dummy_trs": 0,
  "dvars_nstd": 29.945796958193842,
  "dvars_std": 1.0539709358149774,
  "dvars_vstd": 0.9834887998237891,
  "efc": 0.5408617669331209,
  "fber": 779.9017333984375,
  "fd_mean": 0.125151967481383,
  "fd_num": 22,
  "fd_perc": 9.649122807017545,
  "fwhm_avg": 1.9884001818181816,
  "fwhm_x": 1.8119301818181819,
  "fwhm_y": 2.0987403636363635,
  "fwhm_z": 2.05453,
  "gcor": 0.0166824,
  "gsr_x": -0.022359350696206093,
  "gsr_y": 0.04574808105826378,
  "provenance": {
    "md5sum": "13160536b8b7073c34d8f717d207f0fb",
    "settings": {
      "fd_thres": 0.2,
      "testing": false
    },
    "software": "mriqc",
    "version": "22.0.6",
    "webapi_port": null,
    "webapi_url": "https://mriqc.nimh.nih.gov/api/v1"
  },
  "size_t": 228,
  "size_x": 64,
  "size_y": 64,
  "size_z": 40,
  "snr": 5.287586087072149,
  "spacing_tr": 2.0,
  "spacing_x": 3.4375,
  "spacing_y": 3.4375,
  "spacing_z": 3.0,
  "summary_bg_k": 40.754063081669635,
  "summary_bg_mad": 12.374525865751012,
  "summary_bg_mean": 55.76050567626953,
  "summary_bg_median": 30.824562072753906,
  "summary_bg_n": 99813.0,
  "summary_bg_p05": 18.96491241455078,
  "summary_bg_p95": 182.9631591796874,
  "summary_bg_stdv": 73.66808319091797,
  "summary_fg_k": 1.4049621669429397,
  "summary_fg_mad": 145.80873401477314,
  "summary_fg_mean": 875.102783203125,
  "summary_fg_median": 864.3552856445312,
  "summary_fg_n": 30531.0,
  "summary_fg_p05": 627.5,
  "summary_fg_p95": 1150.62060546875,
  "summary_fg_stdv": 163.4661102294922,
  "tsnr": 40.09838670492172
}