{
  "aor": 0.0003184649122807018,
  "aqi": 0.00845932842105263,
  "bids_meta": {
    "AcquisitionMatrixPE": 64,
    "AcquisitionNumber": 1,
    "AcquisitionTime": "09:54:28.317500",
    "BandwidthPerPixelPhaseEncode": 72.674,
    "BaseResolution": 64,
    "CoilString": "T:HEA;HEP",
    "ConversionSoftware": "dcm2niix",
    "ConversionSoftwareVersion": "v1.0.20190902",
    "DerivedVendorReportedEchoSpacing": 0.000430002,
    "DeviceSerialNumber": "35002",
    "DwellTime": 2.7e-06,
    "EchoTime": 0.028,
    "EffectiveEchoSpacing": 0.000215001,
    "FlipAngle": 90,
    "ImageOrientationPatientDICOM": [
      0.999998,
      -4.20918e-05,
      0.00203785,
      5.28309e-08,
      0.999787,
      0.0206247
    ],
    "ImageType": [
      "ORIGINAL",
      "PRIMARY",
      "M",
      "ND",
      "MOSAIC"
    ],
    "ImagingFrequency": 123.256,
    "InPlanePhaseEncodingDirectionDICOM": "COL",
    "InstitutionAddress": "University_Pkwy_1700_North_685_Provo_UT_US_84601",
    "InstitutionName": "Brigham_Young_University",
    "InstitutionalDepartmentName": "MRI",
    "MRAcquisitionType": "2D",
    "MagneticFieldStrength": 3,
    "Manufacturer": "Siemens",
    "ManufacturersModelName": "TrioTim",
    "Modality": "MR",
    "ParallelReductionFactorInPlane": 2,
    "PartialFourier": 1,
    "PatientPosition": "HFS",
    "PercentPhaseFOV": 100,
    "PhaseEncodingDirection": "j-",
    "PhaseEncodingSteps": 63,
    "PhaseResolution": 1,
    "PixelBandwidth": 2894,
    "ProcedureStepDescription": "Research_KIRWAN",
    "ProtocolName": "EPI_Run_2",
    "PulseSequenceDetails": "%CustomerSeq%_ep2d_bold_PMU",
    "ReceiveCoilName": "HeadMatrix",
    "ReconMatrixPE": 64,
    "RefLinesPE": 24,
    "RepetitionTime": 2,
    "SAR": 0.199851,
    "ScanOptions": "FS",
    "ScanningSequence": "EP",
    "SequenceName": "epfid2d1_64",
    "SequenceVariant": "SK",
    "SeriesDescription": "EPI_Run_2",
    "SeriesNumber": 4,
    "ShimSetting": [
      -2756,
      -23120,
      2513,
      539,
      -143,
      113,
      -128,
      -65
    ],
    "SliceThickness": 3,
    "SliceTiming": [
      1.0025,
      0,
      1.0525,
      0.05,
      1.105,
      0.1,
      1.155,
      0.15,
      1.205,
      0.2,
      1.255,
      0.25,
      1.305,
      0.3,
      1.355,
      0.35,
      1.405,
      0.4,
      1.455,
      0.4525,
      1.505,
      0.5025,
      1.555,
      0.5525,
      1.605,
      0.6025,
      1.655,
      0.6525,
      1.705,
      0.7025,
      1.7575,
      0.7525,
      1.8075,
      0.8025,
      1.8575,
      0.8525,
      1.9075,
      0.9025,
      1.9575,
      0.9525
    ],
    "SoftwareVersions": "syngo_MR_B17",
    "SpacingBetweenSlices": 3,
    "StationName": "MININT-E41B04",
    "TaskName": "RSE1",
    "TotalReadoutTime": 0.0135451,
    "TxRefAmp": 319.422,
    "dataset": "ds002363",
    "modality": "bold",
    "run_id": 2,
    "subject_id": "14",
    "task_id": "rse1"
  },
  "dummy_trs": 0,
  "dvars_nstd": 29.85901473797358,
  "dvars_std": 1.0698987421585902,
  "dvars_vstd": 0.9788980575330396,
  "efc": 0.5421873239314801,
  "fber": 803.794921875,
  "fd_mean": 0.07816480369167228,
  "fd_num": 3,
  "fd_perc": 1.3157894736842106,
  "fwhm_avg": 2.0003892525252525,
  "fwhm_x": 1.828736,
  "fwhm_y": 2.103485090909091,
  "fwhm_z": 2.0689466666666667,
  "gcor": 0.0318527,
  "gsr_x": -0.02424265444278717,
  "gsr_y": 0.04516162723302841,
  "provenance": {
    "md5sum": "ab26b7c226ee8c5b195285638a39f8a2",
    "settings": {
      "fd_thres": 0.2,
      "testing": false
    },
    "software": "mriqc",
    "version": "22.0.6",
    "webapi_port": null,
    "webapi_url": "https://mriqc.nimh.nih.gov/api/v1"
  },
  "size_t": 228,
  "size_x": 64,
  "size_y": 64,
  "size_z": 40,
  "snr": 5.276329461083089,
  "spacing_tr": 2.0,
  "spacing_x": 3.4375,
  "spacing_y": 3.4375,
  "spacing_z": 3.0,
  "summary_bg_k": 40.56421096039358,
  "summary_bg_mad": 9.526368525805095,
  "summary_bg_mean": 56.12051010131836,
  "summary_bg_median": 30.0,
  "summary_bg_n": 99837.0,
  "summary_bg_p05": 22.307018280029297,
  "summary_bg_p95": 187.1333312988281,
  "summary_bg_stdv": 75.36454010009766,
  "summary_fg_k": 1.2516468942761172,
  "summary_fg_mad": 146.9077454859493,
  "summary_fg_mean": 877.12158203125,
  "summary_fg_median": 865.4210815429688,
  "summary_fg_n": 30545.0,
  "summary_fg_p05": 628.99736328125,
  "summary_fg_p95": 1155.387744140625,
  "summary_fg_stdv": 164.016845703125,
  "tsnr": 46.822206661105156
}