{
  "aor": 0.00029214912280701755,
  "aqi": 0.010863243421052632,
  "bids_meta": {
    "AcquisitionMatrixPE": 64,
    "AcquisitionNumber": 1,
    "AcquisitionTime": "09:53:43.830000",
    "BandwidthPerPixelPhaseEncode": 72.674,
    "BaseResolution": 64,
    "CoilString": "T:HEA;HEP",
    "ConversionSoftware": "dcm2niix",
    "ConversionSoftwareVersion": "v1.0.20190902",
    "DerivedVendorReportedEchoSpacing": 0.000430002,
    "DeviceSerialNumber": "35002",
    "DwellTime": 2.7e-06,
    "EchoTime": 0.028,
    "EffectiveEchoSpacing": 0.000215001,
    "FlipAngle": 90,
    "ImageOrientationPatientDICOM": [
      1,
      0,
      0,
      0,
      0.998441,
      0.0558215
    ],
    "ImageType": [
      "ORIGINAL",
      "PRIMARY",
      "M",
      "ND",
      "MOSAIC"
    ],
    "ImagingFrequency": 123.256,
    "InPlanePhaseEncodingDirectionDICOM": "COL",
    "InstitutionAddress": "University_Pkwy_1700_North_685_Provo_UT_US_84601",
    "InstitutionName": "Brigham_Young_University",
    "InstitutionalDepartmentName": "MRI",
    "MRAcquisitionType": "2D",
    "MagneticFieldStrength": 3,
    "Manufacturer": "Siemens",
    "ManufacturersModelName": "TrioTim",
    "Modality": "MR",
    "ParallelReductionFactorInPlane": 2,
    "PartialFourier": 1,
    "PatientPosition": "HFS",
    "PercentPhaseFOV": 100,
    "PhaseEncodingDirection": "j-",
    "PhaseEncodingSteps": 63,
    "PhaseResolution": 1,
    "PixelBandwidth": 2894,
    "ProcedureStepDescription": "Research_KIRWAN",
    "ProtocolName": "EPI_Run_1",
    "PulseSequenceDetails": "%CustomerSeq%_ep2d_bold_PMU",
    "ReceiveCoilName": "HeadMatrix",
    "ReconMatrixPE": 64,
    "RefLinesPE": 24,
    "RepetitionTime": 2,
    "SAR": 0.203937,
    "ScanOptions": "FS",
    "ScanningSequence": "EP",
    "SequenceName": "epfid2d1_64",
    "SequenceVariant": "SK",
    "SeriesDescription": "EPI_Run_1",
    "SeriesNumber": 3,
    "ShimSetting": [
      -2659,
      -23222,
      2502,
      379,
      101,
      -203,
      -132,
      -17
    ],
    "SliceThickness": 3,
    "SliceTiming": [
      1.005,
      0,
      1.055,
      0.05,
      1.105,
      0.1,
      1.155,
      0.15,
      1.205,
      0.2,
      1.255,
      0.2525,
      1.305,
      0.3025,
      1.355,
      0.3525,
      1.405,
      0.4025,
      1.455,
      0.4525,
      1.505,
      0.5025,
      1.5575,
      0.5525,
      1.6075,
      0.6025,
      1.6575,
      0.6525,
      1.7075,
      0.7025,
      1.7575,
      0.7525,
      1.8075,
      0.8025,
      1.8575,
      0.8525,
      1.9075,
      0.905,
      1.9575,
      0.955
    ],
    "SoftwareVersions": "syngo_MR_B17",
    "SpacingBetweenSlices": 3,
    "StationName": "MININT-E41B04",
    "TaskName": "RSE1",
    "TotalReadoutTime": 0.0135451,
    "TxRefAmp": 309.788,
    "dataset": "ds002363",
    "modality": "bold",
    "run_id": 1,
    "subject_id": "06",
    "task_id": "rse1"
  },
  "dummy_trs": 0,
  "dvars_nstd": 30.82533468352424,
  "dvars_std": 1.0045446924229073,
  "dvars_vstd": 0.9816450770925115,
  "efc": 0.5538969549653042,
  "fber": 748.201171875,
  "fd_mean": 0.10852928240778584,
  "fd_num": 8,
  "fd_perc": 3.508771929824561,
  "fwhm_avg": 1.9618452121212122,
  "fwhm_x": 1.776541090909091,
  "fwhm_y": 2.052494545454546,
  "fwhm_z": 2.0565,
  "gcor": 0.012216,
  "gsr_x": -0.01027625147253275,
  "gsr_y": 0.03288093954324722,
  "provenance": {
    "md5sum": "a846f1021bbaa37a221456b0ac05d4cb",
    "settings": {
      "fd_thres": 0.2,
      "testing": false
    },
    "software": "mriqc",
    "version": "22.0.6",
    "webapi_port": null,
    "webapi_url": "https://mriqc.nimh.nih.gov/api/v1"
  },
  "size_t": 228,
  "size_x": 64,
  "size_y": 64,
  "size_z": 40,
  "snr": 6.097296029343182,
  "spacing_tr": 2.0,
  "spacing_x": 3.4375,
  "spacing_y": 3.4375,
  "spacing_z": 3.0,
  "summary_bg_k": 44.46996241422365,
  "summary_bg_mad": 9.923029546446005,
  "summary_bg_mean": 53.9189567565918,
  "summary_bg_median": 30.828947067260742,
  "summary_bg_n": 96993.0,
  "summary_bg_p05": 22.473684310913086,
  "summary_bg_p95": 166.0368469238281,
  "summary_bg_stdv": 70.28331756591797,
  "summary_fg_k": 1.555983443402127,
  "summary_fg_mad": 122.36345759920816,
  "summary_fg_mean": 856.8297729492188,
  "summary_fg_median": 855.9912109375,
  "summary_fg_n": 32828.0,
  "summary_fg_p05": 626.4861938476563,
  "summary_fg_p95": 1085.1530456542969,
  "summary_fg_stdv": 140.3865203857422,
  "tsnr": 44.98380611697212
}