{
  "aor": 0.0011869736842105266,
  "aqi": 0.010212041315789474,
  "bids_meta": {
    "AcquisitionMatrixPE": 64,
    "AcquisitionNumber": 1,
    "AcquisitionTime": "11:50:38.620000",
    "BandwidthPerPixelPhaseEncode": 72.674,
    "BaseResolution": 64,
    "CoilString": "T:HEA;HEP",
    "ConversionSoftware": "dcm2niix",
    "ConversionSoftwareVersion": "v1.0.20190902",
    "DerivedVendorReportedEchoSpacing": 0.000430002,
    "DeviceSerialNumber": "35002",
    "DwellTime": 2.7e-06,
    "EchoTime": 0.028,
    "EffectiveEchoSpacing": 0.000215001,
    "FlipAngle": 90,
    "ImageOrientationPatientDICOM": [
      1,
      1.49174e-06,
      1.05908e-05,
      -2.19377e-08,
      0.990509,
      -0.137444
    ],
    "ImageType": [
      "ORIGINAL",
      "PRIMARY",
      "M",
      "ND",
      "MOSAIC"
    ],
    "ImagingFrequency": 123.256,
    "InPlanePhaseEncodingDirectionDICOM": "COL",
    "InstitutionAddress": "University_Pkwy_1700_North_685_Provo_UT_US_84601",
    "InstitutionName": "Brigham_Young_University",
    "InstitutionalDepartmentName": "MRI",
    "MRAcquisitionType": "2D",
    "MagneticFieldStrength": 3,
    "Manufacturer": "Siemens",
    "ManufacturersModelName": "TrioTim",
    "Modality": "MR",
    "ParallelReductionFactorInPlane": 2,
    "PartialFourier": 1,
    "PatientPosition": "HFS",
    "PercentPhaseFOV": 100,
    "PhaseEncodingDirection": "j-",
    "PhaseEncodingSteps": 63,
    "PhaseResolution": 1,
    "PixelBandwidth": 2894,
    "ProcedureStepDescription": "Research_KIRWAN",
    "ProtocolName": "EPI_Run_2",
    "PulseSequenceDetails": "%CustomerSeq%_ep2d_bold_PMU",
    "ReceiveCoilName": "HeadMatrix",
    "ReconMatrixPE": 64,
    "RefLinesPE": 24,
    "RepetitionTime": 2,
    "SAR": 0.154905,
    "ScanOptions": "FS",
    "ScanningSequence": "EP",
    "SequenceName": "epfid2d1_64",
    "SequenceVariant": "SK",
    "SeriesDescription": "EPI_Run_2",
    "SeriesNumber": 4,
    "ShimSetting": [
      -2677,
      -23039,
      2483,
      593,
      -97,
      92,
      -253,
      -46
    ],
    "SliceThickness": 3,
    "SliceTiming": [
      1.005,
      0,
      1.055,
      0.0525,
      1.105,
      0.1025,
      1.155,
      0.1525,
      1.205,
      0.2025,
      1.255,
      0.2525,
      1.305,
      0.3025,
      1.3575,
      0.3525,
      1.4075,
      0.4025,
      1.4575,
      0.4525,
      1.5075,
      0.5025,
      1.5575,
      0.5525,
      1.6075,
      0.6025,
      1.6575,
      0.6525,
      1.7075,
      0.705,
      1.7575,
      0.755,
      1.8075,
      0.805,
      1.8575,
      0.855,
      1.9075,
      0.905,
      1.9575,
      0.955
    ],
    "SoftwareVersions": "syngo_MR_B17",
    "SpacingBetweenSlices": 3,
    "StationName": "MININT-E41B04",
    "TaskName": "RSE1",
    "TotalReadoutTime": 0.0135451,
    "TxRefAmp": 333.402,
    "dataset": "ds002363",
    "modality": "bold",
    "run_id": 2,
    "subject_id": "08",
    "task_id": "rse1"
  },
  "dummy_trs": 0,
  "dvars_nstd": 28.23902178074889,
  "dvars_std": 1.001546573215859,
  "dvars_vstd": 0.9816413433480178,
  "efc": 0.5584757454200523,
  "fber": 778.9472045898438,
  "fd_mean": 0.1566403058821329,
  "fd_num": 49,
  "fd_perc": 21.49122807017544,
  "fwhm_avg": 1.9665824444444446,
  "fwhm_x": 1.7879505454545457,
  "fwhm_y": 2.0561134545454545,
  "fwhm_z": 2.055683333333333,
  "gcor": 0.0114641,
  "gsr_x": -0.010951366275548935,
  "gsr_y": 0.037540774792432785,
  "provenance": {
    "md5sum": "c82a1c3b2ce52cdf3b0170724f43d371",
    "settings": {
      "fd_thres": 0.2,
      "testing": false
    },
    "software": "mriqc",
    "version": "22.0.6",
    "webapi_port": null,
    "webapi_url": "https://mriqc.nimh.nih.gov/api/v1"
  },
  "size_t": 228,
  "size_x": 64,
  "size_y": 64,
  "size_z": 40,
  "snr": 5.2961653174095815,
  "spacing_tr": 2.0,
  "spacing_x": 3.4375,
  "spacing_y": 3.4375,
  "spacing_z": 3.0,
  "summary_bg_k": 34.34055473666696,
  "summary_bg_mad": 11.659235222512718,
  "summary_bg_mean": 52.97468566894531,
  "summary_bg_median": 30.140350341796875,
  "summary_bg_n": 94489.0,
  "summary_bg_p05": 18.412281036376953,
  "summary_bg_p95": 167.48245239257812,
  "summary_bg_stdv": 70.41473388671875,
  "summary_fg_k": 1.111883882068355,
  "summary_fg_mad": 147.17754397926439,
  "summary_fg_mean": 864.685302734375,
  "summary_fg_median": 853.0263671875,
  "summary_fg_n": 34348.0,
  "summary_fg_p05": 624.6265563964844,
  "summary_fg_p95": 1140.7798034667967,
  "summary_fg_stdv": 161.06256103515625,
  "tsnr": 43.26764041138813
}