{
  "bids_meta": {
    "AcquisitionMatrixPE": 215,
    "AcquisitionNumber": 1,
    "AcquisitionTime": "09:43:14.202500",
    "BaseResolution": 256,
    "CoilString": "C:HEA;HEP",
    "ConversionSoftware": "dcm2niix",
    "ConversionSoftwareVersion": "v1.0.20190902",
    "DeviceSerialNumber": "35002",
    "DwellTime": 9.8e-06,
    "EchoTime": 0.00226,
    "FlipAngle": 9,
    "ImageOrientationPatientDICOM": [
      0,
      1,
      0,
      0,
      0,
      -1
    ],
    "ImageType": [
      "ORIGINAL",
      "PRIMARY",
      "M",
      "ND",
      "NORM"
    ],
    "ImagingFrequency": 123.256,
    "InPlanePhaseEncodingDirectionDICOM": "ROW",
    "InstitutionAddress": "University_Pkwy_1700_North_685_Provo_UT_US_84601",
    "InstitutionName": "Brigham_Young_University",
    "InstitutionalDepartmentName": "MRI",
    "InversionTime": 0.9,
    "MRAcquisitionType": "3D",
    "MagneticFieldStrength": 3,
    "Manufacturer": "Siemens",
    "ManufacturersModelName": "TrioTim",
    "Modality": "MR",
    "PartialFourier": 0.875,
    "PatientPosition": "HFS",
    "PercentPhaseFOV": 87.5,
    "PhaseEncodingSteps": 227,
    "PhaseOversampling": 0.2,
    "PhaseResolution": 0.96,
    "PixelBandwidth": 199,
    "ProcedureStepDescription": "Research_KIRWAN",
    "ProtocolName": "t1_mpr_sag_iso_mprage",
    "PulseSequenceDetails": "%SiemensSeq%_tfl",
    "ReceiveCoilName": "HeadMatrix",
    "ReconMatrixPE": 224,
    "RepetitionTime": 1.9,
    "SAR": 0.122208,
    "ScanOptions": "IR_PFP",
    "ScanningSequence": "GR_IR",
    "SequenceName": "_tfl3d1_ns",
    "SequenceVariant": "SP_MP_OSP",
    "SeriesDescription": "t1_mpr_sag_iso_mprage",
    "SeriesNumber": 2,
    "ShimSetting": [
      -2655,
      -23109,
      2059,
      81,
      -13,
      -145,
      -152,
      15
    ],
    "SliceThickness": 1,
    "SoftwareVersions": "syngo_MR_B17",
    "StationName": "MININT-E41B04",
    "TxRefAmp": 309.788,
    "dataset": "ds002363",
    "modality": "T1w",
    "subject_id": "06"
  },
  "cjv": 0.3370671811244773,
  "cnr": 4.092933764499383,
  "efc": 0.634680557483862,
  "fber": 18964.628328741965,
  "fwhm_avg": 4.83106696,
  "fwhm_x": 4.49807,
  "fwhm_y": 5.195202559999999,
  "fwhm_z": 4.79992832,
  "icvs_csf": 0.17389562212348603,
  "icvs_gm": 0.4497586435492987,
  "icvs_wm": 0.3763457343272153,
  "inu_med": 0.4368443340063095,
  "inu_range": 0.22336004227399825,
  "provenance": {
    "md5sum": "fc76cd0e32a225bd55e1422c9079cf42",
    "settings": {
      "testing": false
    },
    "software": "mriqc",
    "version": "22.0.6",
    "warnings": {
      "large_rot_frame": true,
      "small_air_mask": false
    },
    "webapi_port": null,
    "webapi_url": "https://mriqc.nimh.nih.gov/api/v1"
  },
  "qi_1": 0.0,
  "qi_2": 0.0071006951738027775,
  "rpve_csf": 20.498154558875935,
  "rpve_gm": 8.792669959793223,
  "rpve_wm": 11.876961450242659,
  "size_x": 170,
  "size_y": 224,
  "size_z": 256,
  "snr_csf": 2.446455312888361,
  "snr_gm": 14.06928886904008,
  "snr_total": 14.438441104195661,
  "snr_wm": 26.79957913065854,
  "snrd_csf": 25.70697062440668,
  "snrd_gm": 64.07123673703965,
  "snrd_total": 58.969138707271945,
  "snrd_wm": 87.1292087603695,
  "spacing_x": 1.0,
  "spacing_y": 0.9765625,
  "spacing_z": 0.9765625,
  "summary_bg_k": 6.519425123588443,
  "summary_bg_mad": 0.0,
  "summary_bg_mean": 4.233596215005471,
  "summary_bg_median": 0.0,
  "summary_bg_n": 2267880.0,
  "summary_bg_p05": 0.0,
  "summary_bg_p95": 20.05604473873973,
  "summary_bg_stdv": 7.519437311386174,
  "summary_csf_k": 0.3300354541285486,
  "summary_csf_mad": 102.7672429507676,
  "summary_csf_mean": 297.5247285296142,
  "summary_csf_median": 295.05604340694845,
  "summary_csf_n": 27880.0,
  "summary_csf_p05": 80.54443515837193,
  "summary_csf_p95": 513.4507581219077,
  "summary_csf_stdv": 120.60336858359503,
  "summary_gm_k": 0.043374348069067814,
  "summary_gm_mad": 52.52613919227798,
  "summary_gm_mean": 734.2167416551409,
  "summary_gm_median": 735.3883070871234,
  "summary_gm_n": 69852.0,
  "summary_gm_p05": 646.5172106400132,
  "summary_gm_p95": 817.8322618519886,
  "summary_gm_stdv": 52.268671857573466,
  "summary_wm_k": 0.1830564384437232,
  "summary_wm_mad": 36.6792700800314,
  "summary_wm_mean": 1000.822802391342,
  "summary_wm_median": 1000.0400271825492,
  "summary_wm_n": 279182.0,
  "summary_wm_p05": 940.9927896782756,
  "summary_wm_p95": 1063.370691407472,
  "summary_wm_stdv": 37.31544556305417,
  "tpm_overlap_csf": 0.15939150189280088,
  "tpm_overlap_gm": 0.4717702149023075,
  "tpm_overlap_wm": 0.520745769516532,
  "wm2max": 0.47849905185128433
}