{
  "bids_meta": {
    "AcquisitionMatrixPE": 215,
    "AcquisitionNumber": 1,
    "AcquisitionTime": "15:41:58.837500",
    "BaseResolution": 256,
    "CoilString": "C:HEA;HEP",
    "ConversionSoftware": "dcm2niix",
    "ConversionSoftwareVersion": "v1.0.20190902",
    "DeviceSerialNumber": "35002",
    "DwellTime": 9.8e-06,
    "EchoTime": 0.00226,
    "FlipAngle": 9,
    "ImageOrientationPatientDICOM": [
      0,
      1,
      0,
      0,
      0,
      -1
    ],
    "ImageType": [
      "ORIGINAL",
      "PRIMARY",
      "M",
      "ND",
      "NORM"
    ],
    "ImagingFrequency": 123.256,
    "InPlanePhaseEncodingDirectionDICOM": "ROW",
    "InstitutionAddress": "University_Pkwy_1700_North_685_Provo_UT_US_84601",
    "InstitutionName": "Brigham_Young_University",
    "InstitutionalDepartmentName": "MRI",
    "InversionTime": 0.9,
    "MRAcquisitionType": "3D",
    "MagneticFieldStrength": 3,
    "Manufacturer": "Siemens",
    "ManufacturersModelName": "TrioTim",
    "Modality": "MR",
    "PartialFourier": 0.875,
    "PatientPosition": "HFS",
    "PercentPhaseFOV": 87.5,
    "PhaseEncodingSteps": 227,
    "PhaseOversampling": 0.2,
    "PhaseResolution": 0.96,
    "PixelBandwidth": 199,
    "ProcedureStepDescription": "Research_KIRWAN",
    "ProtocolName": "t1_mpr_sag_iso_(mprage)",
    "PulseSequenceDetails": "%SiemensSeq%_tfl",
    "ReceiveCoilName": "HeadMatrix",
    "ReconMatrixPE": 224,
    "RepetitionTime": 1.9,
    "SAR": 0.113653,
    "ScanOptions": "IR_PFP",
    "ScanningSequence": "GR_IR",
    "SequenceName": "_tfl3d1_ns",
    "SequenceVariant": "SP_MP_OSP",
    "SeriesDescription": "t1_mpr_sag_iso_(mprage)",
    "SeriesNumber": 2,
    "ShimSetting": [
      -2655,
      -23109,
      2059,
      81,
      -13,
      -145,
      -152,
      15
    ],
    "SliceThickness": 1,
    "SoftwareVersions": "syngo_MR_B17",
    "StationName": "MININT-E41B04",
    "TxRefAmp": 304.06,
    "dataset": "ds002363",
    "modality": "T1w",
    "subject_id": "05"
  },
  "cjv": 0.33861277180423466,
  "cnr": 4.100869898287301,
  "efc": 0.5890992884223376,
  "fber": 11332.81525396571,
  "fwhm_avg": 4.592525546666667,
  "fwhm_x": 4.2878,
  "fwhm_y": 5.004748800000001,
  "fwhm_z": 4.48502784,
  "icvs_csf": 0.17318317715148082,
  "icvs_gm": 0.4587476923389702,
  "icvs_wm": 0.3680691305095489,
  "inu_med": 0.4080314487218857,
  "inu_range": 0.1821397513151169,
  "provenance": {
    "md5sum": "608696cff0939eb7b79c7f289a88aba2",
    "settings": {
      "testing": false
    },
    "software": "mriqc",
    "version": "22.0.6",
    "warnings": {
      "large_rot_frame": true,
      "small_air_mask": false
    },
    "webapi_port": null,
    "webapi_url": "https://mriqc.nimh.nih.gov/api/v1"
  },
  "qi_1": 0.0,
  "qi_2": 0.005184207216881013,
  "rpve_csf": 24.81596129373669,
  "rpve_gm": 10.53056493343354,
  "rpve_wm": 14.705235576269134,
  "size_x": 173,
  "size_y": 224,
  "size_z": 256,
  "snr_csf": 2.4455978850578033,
  "snr_gm": 14.86765555608195,
  "snr_total": 14.56424316902085,
  "snr_wm": 26.3794760659228,
  "snrd_csf": 23.582529405846866,
  "snrd_gm": 57.954247738455024,
  "snrd_total": 53.2513567037551,
  "snrd_wm": 78.2172929669634,
  "spacing_x": 1.0,
  "spacing_y": 0.9765625,
  "spacing_z": 0.9765625,
  "summary_bg_k": 4.935824846909441,
  "summary_bg_mad": 0.0,
  "summary_bg_mean": 5.61631307112672,
  "summary_bg_median": 0.0,
  "summary_bg_n": 2601087.0,
  "summary_bg_p05": 0.0,
  "summary_bg_p95": 22.658878326416016,
  "summary_bg_stdv": 8.376222026867511,
  "summary_csf_k": 0.33815532828495165,
  "summary_csf_mad": 106.62190981023133,
  "summary_csf_mean": 306.1755899335383,
  "summary_csf_median": 301.51355085521936,
  "summary_csf_n": 21521.0,
  "summary_csf_p05": 90.10444584488869,
  "summary_csf_p95": 517.7022630125284,
  "summary_csf_stdv": 123.28541315608162,
  "summary_gm_k": -0.0604474305844831,
  "summary_gm_mad": 50.6536088452299,
  "summary_gm_mean": 741.0577640207038,
  "summary_gm_median": 740.9718746468425,
  "summary_gm_n": 50672.0,
  "summary_gm_p05": 659.8756606053561,
  "summary_gm_p95": 822.8890304714441,
  "summary_gm_stdv": 49.83735064099201,
  "summary_wm_k": 0.1942774970783474,
  "summary_wm_mad": 37.07161787248043,
  "summary_wm_mean": 1001.148112571726,
  "summary_wm_median": 1000.0442842617631,
  "summary_wm_n": 212570.0,
  "summary_wm_p05": 940.7417511418462,
  "summary_wm_p95": 1065.498348802328,
  "summary_wm_stdv": 37.909848152001366,
  "tpm_overlap_csf": 0.14742706853275853,
  "tpm_overlap_gm": 0.4791448399901776,
  "tpm_overlap_wm": 0.5237365073783463,
  "wm2max": 0.42293915517618275
}