{
  "aor": 0.0038835526315789477,
  "aqi": 0.018548823684210524,
  "bids_meta": {
    "AcquisitionMatrixPE": 64,
    "AcquisitionNumber": 1,
    "AcquisitionTime": "10:55:49.565000",
    "BandwidthPerPixelPhaseEncode": 72.674,
    "BaseResolution": 64,
    "CoilString": "T:HEA;HEP",
    "ConversionSoftware": "dcm2niix",
    "ConversionSoftwareVersion": "v1.0.20190902",
    "DerivedVendorReportedEchoSpacing": 0.000430002,
    "DeviceSerialNumber": "35002",
    "DwellTime": 2.7e-06,
    "EchoTime": 0.028,
    "EffectiveEchoSpacing": 0.000215001,
    "FlipAngle": 90,
    "ImageOrientationPatientDICOM": [
      1,
      4.87967e-06,
      4.97334e-05,
      -3.52354e-09,
      0.995228,
      -0.0975775
    ],
    "ImageType": [
      "ORIGINAL",
      "PRIMARY",
      "M",
      "ND",
      "MOSAIC"
    ],
    "ImagingFrequency": 123.256,
    "InPlanePhaseEncodingDirectionDICOM": "COL",
    "InstitutionAddress": "University_Pkwy_1700_North_685_Provo_UT_US_84601",
    "InstitutionName": "Brigham_Young_University",
    "InstitutionalDepartmentName": "MRI",
    "MRAcquisitionType": "2D",
    "MagneticFieldStrength": 3,
    "Manufacturer": "Siemens",
    "ManufacturersModelName": "TrioTim",
    "Modality": "MR",
    "ParallelReductionFactorInPlane": 2,
    "PartialFourier": 1,
    "PatientPosition": "HFS",
    "PercentPhaseFOV": 100,
    "PhaseEncodingDirection": "j-",
    "PhaseEncodingSteps": 63,
    "PhaseResolution": 1,
    "PixelBandwidth": 2894,
    "ProcedureStepDescription": "Research_KIRWAN",
    "ProtocolName": "EPI_Run_1",
    "PulseSequenceDetails": "%CustomerSeq%_ep2d_bold_PMU",
    "ReceiveCoilName": "HeadMatrix",
    "ReconMatrixPE": 64,
    "RefLinesPE": 24,
    "RepetitionTime": 2,
    "SAR": 0.217079,
    "ScanOptions": "FS",
    "ScanningSequence": "EP",
    "SequenceName": "epfid2d1_64",
    "SequenceVariant": "SK",
    "SeriesDescription": "EPI_Run_1",
    "SeriesNumber": 3,
    "ShimSetting": [
      -2655,
      -23071,
      2557,
      383,
      139,
      274,
      -33,
      -49
    ],
    "SliceThickness": 3,
    "SliceTiming": [
      1.0025,
      0,
      1.0525,
      0.05,
      1.1025,
      0.1,
      1.1525,
      0.15,
      1.2025,
      0.2,
      1.2525,
      0.25,
      1.305,
      0.3,
      1.355,
      0.35,
      1.405,
      0.4,
      1.455,
      0.45,
      1.505,
      0.5,
      1.555,
      0.55,
      1.605,
      0.6,
      1.655,
      0.6525,
      1.705,
      0.7025,
      1.755,
      0.7525,
      1.805,
      0.8025,
      1.855,
      0.8525,
      1.905,
      0.9025,
      1.955,
      0.9525
    ],
    "SoftwareVersions": "syngo_MR_B17",
    "SpacingBetweenSlices": 3,
    "StationName": "MININT-E41B04",
    "TaskName": "RSE1",
    "TotalReadoutTime": 0.0135451,
    "TxRefAmp": 327.444,
    "dataset": "ds002363",
    "modality": "bold",
    "run_id": 1,
    "subject_id": "23",
    "task_id": "rse1"
  },
  "dummy_trs": 0,
  "dvars_nstd": 34.775723596696054,
  "dvars_std": 1.0330403373568275,
  "dvars_vstd": 0.9890024747577094,
  "efc": 0.5344385397954702,
  "fber": 759.4142456054688,
  "fd_mean": 0.17512133978078323,
  "fd_num": 25,
  "fd_perc": 10.964912280701755,
  "fwhm_avg": 1.8933360202020202,
  "fwhm_x": 1.7689396363636363,
  "fwhm_y": 1.997565090909091,
  "fwhm_z": 1.9135033333333331,
  "gcor": 0.0130759,
  "gsr_x": -0.014006122015416622,
  "gsr_y": 0.036805301904678345,
  "provenance": {
    "md5sum": "74d5fd40f2a3d4ec4d8263732bc12ae6",
    "settings": {
      "fd_thres": 0.2,
      "testing": false
    },
    "software": "mriqc",
    "version": "22.0.6",
    "webapi_port": null,
    "webapi_url": "https://mriqc.nimh.nih.gov/api/v1"
  },
  "size_t": 228,
  "size_x": 64,
  "size_y": 64,
  "size_z": 40,
  "snr": 5.78269848234361,
  "spacing_tr": 2.0,
  "spacing_x": 3.4375,
  "spacing_y": 3.4375,
  "spacing_z": 3.0,
  "summary_bg_k": 65.05074518690978,
  "summary_bg_mad": 9.363801699294761,
  "summary_bg_mean": 53.24029541015625,
  "summary_bg_median": 29.021930694580078,
  "summary_bg_n": 102047.0,
  "summary_bg_p05": 21.302631378173828,
  "summary_bg_p95": 160.10131988525387,
  "summary_bg_stdv": 78.10503387451172,
  "summary_fg_k": 1.496735650501753,
  "summary_fg_mad": 124.29145582110027,
  "summary_fg_mean": 818.4767456054688,
  "summary_fg_median": 808.4078979492188,
  "summary_fg_n": 28901.0,
  "summary_fg_p05": 610.3333129882812,
  "summary_fg_p95": 1051.0921630859375,
  "summary_fg_stdv": 139.79527282714844,
  "tsnr": 35.38093341875356
}