{
  "aor": 0.0006963596491228071,
  "aqi": 0.006761191184210527,
  "bids_meta": {
    "AcquisitionMatrixPE": 64,
    "AcquisitionNumber": 1,
    "AcquisitionTime": "10:18:37.320000",
    "BandwidthPerPixelPhaseEncode": 72.674,
    "BaseResolution": 64,
    "CoilString": "T:HEA;HEP",
    "ConversionSoftware": "dcm2niix",
    "ConversionSoftwareVersion": "v1.0.20190902",
    "DerivedVendorReportedEchoSpacing": 0.000430002,
    "DeviceSerialNumber": "35002",
    "DwellTime": 2.7e-06,
    "EchoTime": 0.028,
    "EffectiveEchoSpacing": 0.000215001,
    "FlipAngle": 90,
    "ImageOrientationPatientDICOM": [
      0.999998,
      -0.000126015,
      0.00209103,
      3.15451e-08,
      0.99819,
      0.0601402
    ],
    "ImageType": [
      "ORIGINAL",
      "PRIMARY",
      "M",
      "ND",
      "MOSAIC"
    ],
    "ImagingFrequency": 123.256,
    "InPlanePhaseEncodingDirectionDICOM": "COL",
    "InstitutionAddress": "University_Pkwy_1700_North_685_Provo_UT_US_84601",
    "InstitutionName": "Brigham_Young_University",
    "InstitutionalDepartmentName": "MRI",
    "MRAcquisitionType": "2D",
    "MagneticFieldStrength": 3,
    "Manufacturer": "Siemens",
    "ManufacturersModelName": "TrioTim",
    "Modality": "MR",
    "ParallelReductionFactorInPlane": 2,
    "PartialFourier": 1,
    "PatientPosition": "HFS",
    "PercentPhaseFOV": 100,
    "PhaseEncodingDirection": "j-",
    "PhaseEncodingSteps": 63,
    "PhaseResolution": 1,
    "PixelBandwidth": 2894,
    "ProcedureStepDescription": "Research_KIRWAN",
    "ProtocolName": "EPI_Run_1",
    "PulseSequenceDetails": "%CustomerSeq%_ep2d_bold_PMU",
    "ReceiveCoilName": "HeadMatrix",
    "ReconMatrixPE": 64,
    "RefLinesPE": 24,
    "RepetitionTime": 2,
    "SAR": 0.185555,
    "ScanOptions": "FS",
    "ScanningSequence": "EP",
    "SequenceName": "epfid2d1_64",
    "SequenceVariant": "SK",
    "SeriesDescription": "EPI_Run_1",
    "SeriesNumber": 3,
    "ShimSetting": [
      -2772,
      -23154,
      2522,
      700,
      -223,
      -268,
      -121,
      207
    ],
    "SliceThickness": 3,
    "SliceTiming": [
      1.005,
      0,
      1.055,
      0.0525,
      1.105,
      0.1025,
      1.155,
      0.1525,
      1.205,
      0.2025,
      1.255,
      0.2525,
      1.305,
      0.3025,
      1.3575,
      0.3525,
      1.4075,
      0.4025,
      1.4575,
      0.4525,
      1.5075,
      0.5025,
      1.5575,
      0.5525,
      1.6075,
      0.6025,
      1.6575,
      0.6525,
      1.7075,
      0.705,
      1.7575,
      0.755,
      1.8075,
      0.805,
      1.8575,
      0.855,
      1.9075,
      0.905,
      1.9575,
      0.955
    ],
    "SoftwareVersions": "syngo_MR_B17",
    "SpacingBetweenSlices": 3,
    "StationName": "MININT-E41B04",
    "TaskName": "RSE1",
    "TotalReadoutTime": 0.0135451,
    "TxRefAmp": 329.158,
    "dataset": "ds002363",
    "modality": "bold",
    "run_id": 1,
    "subject_id": "10",
    "task_id": "rse1"
  },
  "dummy_trs": 0,
  "dvars_nstd": 28.157853576123376,
  "dvars_std": 1.0181238770925112,
  "dvars_vstd": 0.9959167703083702,
  "efc": 0.5589833724132087,
  "fber": 734.9566040039062,
  "fd_mean": 0.1360067077058523,
  "fd_num": 22,
  "fd_perc": 9.649122807017545,
  "fwhm_avg": 2.089261558444015,
  "fwhm_x": 1.8682501818181818,
  "fwhm_y": 2.220768,
  "fwhm_z": 2.1787664935138626,
  "gcor": 0.0121598,
  "gsr_x": -0.014970008283853531,
  "gsr_y": 0.04433786869049072,
  "provenance": {
    "md5sum": "ebadb33ac46d27a43cc66b4a6f3cd8b7",
    "settings": {
      "fd_thres": 0.2,
      "testing": false
    },
    "software": "mriqc",
    "version": "22.0.6",
    "webapi_port": null,
    "webapi_url": "https://mriqc.nimh.nih.gov/api/v1"
  },
  "size_t": 228,
  "size_x": 64,
  "size_y": 64,
  "size_z": 40,
  "snr": 4.926439887066228,
  "spacing_tr": 2.0,
  "spacing_x": 3.4375,
  "spacing_y": 3.4375,
  "spacing_z": 3.000000238418579,
  "summary_bg_k": 37.42350728173476,
  "summary_bg_mad": 11.789290380424575,
  "summary_bg_mean": 54.64814376831055,
  "summary_bg_median": 32.20614242553711,
  "summary_bg_n": 94477.0,
  "summary_bg_p05": 22.5473690032959,
  "summary_bg_p95": 161.623681640625,
  "summary_bg_stdv": 66.4006576538086,
  "summary_fg_k": 0.7038843481936019,
  "summary_fg_mad": 172.62560931091062,
  "summary_fg_mean": 908.3549194335938,
  "summary_fg_median": 895.2192993164062,
  "summary_fg_n": 34373.0,
  "summary_fg_p05": 629.5535278320312,
  "summary_fg_p95": 1218.5789794921875,
  "summary_fg_stdv": 181.7146453857422,
  "tsnr": 46.11157700687181
}