{
  "aor": 0.0026488596491228075,
  "aqi": 0.0103689825,
  "bids_meta": {
    "AcquisitionMatrixPE": 64,
    "AcquisitionNumber": 1,
    "AcquisitionTime": "10:27:14.712500",
    "BandwidthPerPixelPhaseEncode": 72.674,
    "BaseResolution": 64,
    "CoilString": "T:HEA;HEP",
    "ConversionSoftware": "dcm2niix",
    "ConversionSoftwareVersion": "v1.0.20190902",
    "DerivedVendorReportedEchoSpacing": 0.000430002,
    "DeviceSerialNumber": "35002",
    "DwellTime": 2.7e-06,
    "EchoTime": 0.028,
    "EffectiveEchoSpacing": 0.000215001,
    "FlipAngle": 90,
    "ImageOrientationPatientDICOM": [
      0.999998,
      -0.000126015,
      0.00209103,
      3.15451e-08,
      0.99819,
      0.0601402
    ],
    "ImageType": [
      "ORIGINAL",
      "PRIMARY",
      "M",
      "ND",
      "MOSAIC"
    ],
    "ImagingFrequency": 123.256,
    "InPlanePhaseEncodingDirectionDICOM": "COL",
    "InstitutionAddress": "University_Pkwy_1700_North_685_Provo_UT_US_84601",
    "InstitutionName": "Brigham_Young_University",
    "InstitutionalDepartmentName": "MRI",
    "MRAcquisitionType": "2D",
    "MagneticFieldStrength": 3,
    "Manufacturer": "Siemens",
    "ManufacturersModelName": "TrioTim",
    "Modality": "MR",
    "ParallelReductionFactorInPlane": 2,
    "PartialFourier": 1,
    "PatientPosition": "HFS",
    "PercentPhaseFOV": 100,
    "PhaseEncodingDirection": "j-",
    "PhaseEncodingSteps": 63,
    "PhaseResolution": 1,
    "PixelBandwidth": 2894,
    "ProcedureStepDescription": "Research_KIRWAN",
    "ProtocolName": "EPI_Run_2",
    "PulseSequenceDetails": "%CustomerSeq%_ep2d_bold_PMU",
    "ReceiveCoilName": "HeadMatrix",
    "ReconMatrixPE": 64,
    "RefLinesPE": 24,
    "RepetitionTime": 2,
    "SAR": 0.185555,
    "ScanOptions": "FS",
    "ScanningSequence": "EP",
    "SequenceName": "epfid2d1_64",
    "SequenceVariant": "SK",
    "SeriesDescription": "EPI_Run_2",
    "SeriesNumber": 4,
    "ShimSetting": [
      -2772,
      -23154,
      2522,
      700,
      -223,
      -268,
      -121,
      207
    ],
    "SliceThickness": 3,
    "SliceTiming": [
      1.0025,
      0,
      1.0525,
      0.05,
      1.105,
      0.1,
      1.155,
      0.15,
      1.205,
      0.2,
      1.255,
      0.25,
      1.305,
      0.3,
      1.355,
      0.35,
      1.405,
      0.4,
      1.455,
      0.4525,
      1.505,
      0.5025,
      1.555,
      0.5525,
      1.605,
      0.6025,
      1.655,
      0.6525,
      1.705,
      0.7025,
      1.7575,
      0.7525,
      1.8075,
      0.8025,
      1.8575,
      0.8525,
      1.9075,
      0.9025,
      1.9575,
      0.9525
    ],
    "SoftwareVersions": "syngo_MR_B17",
    "SpacingBetweenSlices": 3,
    "StationName": "MININT-E41B04",
    "TaskName": "RSE1",
    "TotalReadoutTime": 0.0135451,
    "TxRefAmp": 329.158,
    "dataset": "ds002363",
    "modality": "bold",
    "run_id": 2,
    "subject_id": "10",
    "task_id": "rse1"
  },
  "dummy_trs": 0,
  "dvars_nstd": 29.36757558237887,
  "dvars_std": 1.0064942668722474,
  "dvars_vstd": 0.9978702281497797,
  "efc": 0.5589000824028522,
  "fber": 725.1478881835938,
  "fd_mean": 0.1982502631763618,
  "fd_num": 62,
  "fd_perc": 27.19298245614035,
  "fwhm_avg": 2.0756544284595813,
  "fwhm_x": 1.8846632727272727,
  "fwhm_y": 2.213690181818182,
  "fwhm_z": 2.1286098308332897,
  "gcor": 0.0155524,
  "gsr_x": -0.014560887590050697,
  "gsr_y": 0.04398730397224426,
  "provenance": {
    "md5sum": "bf9bd1cad6f3466e30813570f46496cb",
    "settings": {
      "fd_thres": 0.2,
      "testing": false
    },
    "software": "mriqc",
    "version": "22.0.6",
    "webapi_port": null,
    "webapi_url": "https://mriqc.nimh.nih.gov/api/v1"
  },
  "size_t": 228,
  "size_x": 64,
  "size_y": 64,
  "size_z": 40,
  "snr": 4.915971025024182,
  "spacing_tr": 2.0,
  "spacing_x": 3.4375,
  "spacing_y": 3.4375,
  "spacing_z": 3.000000238418579,
  "summary_bg_k": 37.66699572941775,
  "summary_bg_mad": 13.031291546537004,
  "summary_bg_mean": 54.89067459106445,
  "summary_bg_median": 32.425437927246094,
  "summary_bg_n": 94508.0,
  "summary_bg_p05": 21.045394897460938,
  "summary_bg_p95": 165.32412109374985,
  "summary_bg_stdv": 67.4034194946289,
  "summary_fg_k": 0.8496617938284796,
  "summary_fg_mad": 170.53174134618888,
  "summary_fg_mean": 903.831787109375,
  "summary_fg_median": 890.0,
  "summary_fg_n": 34195.0,
  "summary_fg_p05": 627.5855285644532,
  "summary_fg_p95": 1213.49697265625,
  "summary_fg_stdv": 181.0399169921875,
  "tsnr": 38.50779364001937
}