{
  "bids_meta": {
    "AcquisitionMatrixPE": 215,
    "AcquisitionNumber": 1,
    "AcquisitionTime": "08:54:37.745000",
    "BaseResolution": 256,
    "CoilString": "C:HEA;HEP",
    "ConversionSoftware": "dcm2niix",
    "ConversionSoftwareVersion": "v1.0.20190902",
    "DeviceSerialNumber": "35002",
    "DwellTime": 9.8e-06,
    "EchoTime": 0.00226,
    "FlipAngle": 9,
    "ImageOrientationPatientDICOM": [
      0,
      1,
      0,
      0,
      0,
      -1
    ],
    "ImageType": [
      "ORIGINAL",
      "PRIMARY",
      "M",
      "ND",
      "NORM"
    ],
    "ImagingFrequency": 123.256,
    "InPlanePhaseEncodingDirectionDICOM": "ROW",
    "InstitutionAddress": "University_Pkwy_1700_North_685_Provo_UT_US_84601",
    "InstitutionName": "Brigham_Young_University",
    "InstitutionalDepartmentName": "MRI",
    "InversionTime": 0.9,
    "MRAcquisitionType": "3D",
    "MagneticFieldStrength": 3,
    "Manufacturer": "Siemens",
    "ManufacturersModelName": "TrioTim",
    "Modality": "MR",
    "PartialFourier": 0.875,
    "PatientPosition": "HFS",
    "PercentPhaseFOV": 87.5,
    "PhaseEncodingSteps": 227,
    "PhaseOversampling": 0.2,
    "PhaseResolution": 0.96,
    "PixelBandwidth": 199,
    "ProcedureStepDescription": "Research_KIRWAN",
    "ProtocolName": "t1_mpr_sag_iso_mprage",
    "PulseSequenceDetails": "%SiemensSeq%_tfl",
    "ReceiveCoilName": "HeadMatrix",
    "ReconMatrixPE": 224,
    "RepetitionTime": 1.9,
    "SAR": 0.118146,
    "ScanOptions": "IR_PFP",
    "ScanningSequence": "GR_IR",
    "SequenceName": "_tfl3d1_ns",
    "SequenceVariant": "SP_MP_OSP",
    "SeriesDescription": "t1_mpr_sag_iso_mprage",
    "SeriesNumber": 2,
    "ShimSetting": [
      -2655,
      -23109,
      2059,
      81,
      -13,
      -145,
      -152,
      15
    ],
    "SliceThickness": 1,
    "SoftwareVersions": "syngo_MR_B17",
    "StationName": "MININT-E41B04",
    "TxRefAmp": 315.081,
    "dataset": "ds002363",
    "modality": "T1w",
    "subject_id": "21"
  },
  "cjv": 0.34400514795993187,
  "cnr": 4.02750527187653,
  "efc": 0.6413583158939478,
  "fber": 9954.000389542934,
  "fwhm_avg": 4.623712373333333,
  "fwhm_x": 4.29174,
  "fwhm_y": 4.9893376,
  "fwhm_z": 4.59005952,
  "icvs_csf": 0.17416155204848804,
  "icvs_gm": 0.449332254263257,
  "icvs_wm": 0.37650619368825494,
  "inu_med": 0.4612681567668915,
  "inu_range": 0.2333913624286652,
  "provenance": {
    "md5sum": "c573de30043dc2975593cd5a6ff1e6b3",
    "settings": {
      "testing": false
    },
    "software": "mriqc",
    "version": "22.0.6",
    "warnings": {
      "large_rot_frame": true,
      "small_air_mask": false
    },
    "webapi_port": null,
    "webapi_url": "https://mriqc.nimh.nih.gov/api/v1"
  },
  "qi_1": 0.00013630406864907887,
  "qi_2": 0.006060740938973563,
  "rpve_csf": 20.65988016998142,
  "rpve_gm": 8.8723523925007,
  "rpve_wm": 11.982754895728874,
  "size_x": 169,
  "size_y": 224,
  "size_z": 256,
  "snr_csf": 2.7121623337692737,
  "snr_gm": 13.8351603502163,
  "snr_total": 14.185625896273189,
  "snr_wm": 26.00955500483399,
  "snrd_csf": 19.00772626157072,
  "snrd_gm": 45.198235172885866,
  "snrd_total": 41.95810977860824,
  "snrd_wm": 61.66836790136813,
  "spacing_x": 1.0,
  "spacing_y": 0.9765625,
  "spacing_z": 0.9765625,
  "summary_bg_k": 156.7789140375537,
  "summary_bg_mad": 0.0,
  "summary_bg_mean": 5.494875833748636,
  "summary_bg_median": 0.0,
  "summary_bg_n": 1629643.0,
  "summary_bg_p05": 0.0,
  "summary_bg_p95": 23.178157716989517,
  "summary_bg_stdv": 10.62406220242,
  "summary_csf_k": 1.4055310345670309,
  "summary_csf_mad": 89.69583322068704,
  "summary_csf_mean": 312.4419568241863,
  "summary_csf_median": 308.24003387615085,
  "summary_csf_n": 28157.0,
  "summary_csf_p05": 99.88214575499296,
  "summary_csf_p95": 508.9373444467783,
  "summary_csf_stdv": 113.6490085400188,
  "summary_gm_k": -0.08034307740407565,
  "summary_gm_mad": 54.021354098822876,
  "summary_gm_mean": 732.8952850199371,
  "summary_gm_median": 732.9601315334439,
  "summary_gm_n": 60031.0,
  "summary_gm_p05": 646.287571426481,
  "summary_gm_p95": 819.7063510399312,
  "summary_gm_stdv": 52.97763149161012,
  "summary_wm_k": 0.1911552539743293,
  "summary_wm_mad": 37.85863090483544,
  "summary_wm_mean": 1001.4237211171438,
  "summary_wm_median": 1000.0491142086685,
  "summary_wm_n": 259822.0,
  "summary_wm_p05": 940.7778507247567,
  "summary_wm_p95": 1066.9809552431107,
  "summary_wm_stdv": 38.44922335395763,
  "tpm_overlap_csf": 0.16519265594551608,
  "tpm_overlap_gm": 0.46361451186352226,
  "tpm_overlap_wm": 0.4984747564967974,
  "wm2max": 0.38654682291585085
}