{
  "bids_meta": {
    "AcquisitionMatrixPE": 215,
    "AcquisitionNumber": 1,
    "AcquisitionTime": "10:07:0.987500",
    "BaseResolution": 256,
    "CoilString": "C:HEA;HEP",
    "ConversionSoftware": "dcm2niix",
    "ConversionSoftwareVersion": "v1.0.20190902",
    "DeviceSerialNumber": "35002",
    "DwellTime": 9.8e-06,
    "EchoTime": 0.00226,
    "FlipAngle": 9,
    "ImageOrientationPatientDICOM": [
      0.0296662,
      0.99956,
      -1.60996e-08,
      -0.168415,
      0.00499843,
      -0.985703
    ],
    "ImageType": [
      "ORIGINAL",
      "PRIMARY",
      "M",
      "ND",
      "NORM"
    ],
    "ImagingFrequency": 123.256,
    "InPlanePhaseEncodingDirectionDICOM": "ROW",
    "InstitutionAddress": "University_Pkwy_1700_North_685_Provo_UT_US_84601",
    "InstitutionName": "Brigham_Young_University",
    "InstitutionalDepartmentName": "MRI",
    "InversionTime": 0.9,
    "MRAcquisitionType": "3D",
    "MagneticFieldStrength": 3,
    "Manufacturer": "Siemens",
    "ManufacturersModelName": "TrioTim",
    "Modality": "MR",
    "PartialFourier": 0.875,
    "PatientPosition": "HFS",
    "PercentPhaseFOV": 87.5,
    "PhaseEncodingSteps": 227,
    "PhaseOversampling": 0.2,
    "PhaseResolution": 0.96,
    "PixelBandwidth": 199,
    "ProcedureStepDescription": "Research_KIRWAN",
    "ProtocolName": "t1_mpr_sag_iso_mprage",
    "PulseSequenceDetails": "%SiemensSeq%_tfl",
    "ReceiveCoilName": "HeadMatrix",
    "ReconMatrixPE": 224,
    "RepetitionTime": 1.9,
    "SAR": 0.107617,
    "ScanOptions": "IR_PFP",
    "ScanningSequence": "GR_IR",
    "SequenceName": "_tfl3d1_ns",
    "SequenceVariant": "SP_MP_OSP",
    "SeriesDescription": "t1_mpr_sag_iso_mprage",
    "SeriesNumber": 2,
    "ShimSetting": [
      -2655,
      -23109,
      2059,
      81,
      -13,
      -145,
      -152,
      15
    ],
    "SliceThickness": 1,
    "SoftwareVersions": "syngo_MR_B17",
    "StationName": "MININT-E41B04",
    "TxRefAmp": 329.158,
    "dataset": "ds002363",
    "modality": "T1w",
    "subject_id": "10"
  },
  "cjv": 0.3129384423441973,
  "cnr": 4.3826923468542995,
  "efc": 0.606303426766634,
  "fber": 8924.242340205152,
  "fwhm_avg": 4.709739285849131,
  "fwhm_x": 4.405733697547391,
  "fwhm_y": 5.07488256,
  "fwhm_z": 4.6486016,
  "icvs_csf": 0.17779577933109098,
  "icvs_gm": 0.47419341763707756,
  "icvs_wm": 0.34801080303183146,
  "inu_med": 0.4754101037979126,
  "inu_range": 0.23906221985816956,
  "provenance": {
    "md5sum": "40ec430bf5e51f2d80ffab66b94eff5a",
    "settings": {
      "testing": false
    },
    "software": "mriqc",
    "version": "22.0.6",
    "warnings": {
      "large_rot_frame": true,
      "small_air_mask": false
    },
    "webapi_port": null,
    "webapi_url": "https://mriqc.nimh.nih.gov/api/v1"
  },
  "qi_1": 0.0,
  "qi_2": 0.016040885781261834,
  "rpve_csf": 19.380826175094853,
  "rpve_gm": 8.239814762274582,
  "rpve_wm": 12.356642802320168,
  "size_x": 173,
  "size_y": 224,
  "size_z": 256,
  "snr_csf": 2.621117275627323,
  "snr_gm": 14.89149061111542,
  "snr_total": 14.11180751818164,
  "snr_wm": 24.822814667802177,
  "snrd_csf": 22.668438612577575,
  "snrd_gm": 56.706132758047616,
  "snrd_total": 52.65828071110305,
  "snrd_wm": 78.60027076268396,
  "spacing_x": 1.0000014305114746,
  "spacing_y": 0.9765625,
  "spacing_z": 0.9765625,
  "summary_bg_k": 4.772031775350459,
  "summary_bg_mad": 0.0,
  "summary_bg_mean": 5.673412067511747,
  "summary_bg_median": 0.0,
  "summary_bg_n": 2597133.0,
  "summary_bg_p05": 0.0,
  "summary_bg_p95": 23.045378133654594,
  "summary_bg_stdv": 8.335040199993243,
  "summary_csf_k": 1.0440910245628707,
  "summary_csf_mad": 89.21784102281754,
  "summary_csf_mean": 296.1422730863747,
  "summary_csf_median": 288.4015406668186,
  "summary_csf_n": 31378.0,
  "summary_csf_p05": 99.82838800624015,
  "summary_csf_p95": 494.0715110898018,
  "summary_csf_stdv": 110.02824929308485,
  "summary_gm_k": 0.0854930074605611,
  "summary_gm_mad": 48.30980873161453,
  "summary_gm_mean": 721.1179036591702,
  "summary_gm_median": 721.4496036618948,
  "summary_gm_n": 79047.0,
  "summary_gm_p05": 641.0805189907551,
  "summary_gm_p95": 799.9465299546719,
  "summary_gm_stdv": 48.446798179301844,
  "summary_wm_k": 0.3570116097049749,
  "summary_wm_mad": 38.859326312160526,
  "summary_wm_mean": 1001.2539689974269,
  "summary_wm_median": 1000.0000252425671,
  "summary_wm_n": 252135.0,
  "summary_wm_p05": 937.550170764327,
  "summary_wm_p95": 1069.5373364388943,
  "summary_wm_stdv": 40.28544125872342,
  "tpm_overlap_csf": 0.15208625851047514,
  "tpm_overlap_gm": 0.4737005894651429,
  "tpm_overlap_wm": 0.49842903791016147,
  "wm2max": 0.42940204253463216
}