{
  "aor": 0.0004126754385964912,
  "aqi": 0.010164951798245616,
  "bids_meta": {
    "AcquisitionMatrixPE": 64,
    "AcquisitionNumber": 1,
    "AcquisitionTime": "09:04:56.967500",
    "BandwidthPerPixelPhaseEncode": 72.674,
    "BaseResolution": 64,
    "CoilString": "T:HEA;HEP",
    "ConversionSoftware": "dcm2niix",
    "ConversionSoftwareVersion": "v1.0.20190902",
    "DerivedVendorReportedEchoSpacing": 0.000430002,
    "DeviceSerialNumber": "35002",
    "DwellTime": 2.7e-06,
    "EchoTime": 0.028,
    "EffectiveEchoSpacing": 0.000215001,
    "FlipAngle": 90,
    "ImageOrientationPatientDICOM": [
      1,
      -1e-16,
      0,
      1e-16,
      0.999848,
      0.0174524
    ],
    "ImageType": [
      "ORIGINAL",
      "PRIMARY",
      "M",
      "ND",
      "MOSAIC"
    ],
    "ImagingFrequency": 123.256,
    "InPlanePhaseEncodingDirectionDICOM": "COL",
    "InstitutionAddress": "University_Pkwy_1700_North_685_Provo_UT_US_84601",
    "InstitutionName": "Brigham_Young_University",
    "InstitutionalDepartmentName": "MRI",
    "MRAcquisitionType": "2D",
    "MagneticFieldStrength": 3,
    "Manufacturer": "Siemens",
    "ManufacturersModelName": "TrioTim",
    "Modality": "MR",
    "ParallelReductionFactorInPlane": 2,
    "PartialFourier": 1,
    "PatientPosition": "HFS",
    "PercentPhaseFOV": 100,
    "PhaseEncodingDirection": "j-",
    "PhaseEncodingSteps": 63,
    "PhaseResolution": 1,
    "PixelBandwidth": 2894,
    "ProcedureStepDescription": "Research_KIRWAN",
    "ProtocolName": "EPI_Run_1",
    "PulseSequenceDetails": "%CustomerSeq%_ep2d_bold_PMU",
    "ReceiveCoilName": "HeadMatrix",
    "ReconMatrixPE": 64,
    "RefLinesPE": 24,
    "RepetitionTime": 2,
    "SAR": 0.20371,
    "ScanOptions": "FS",
    "ScanningSequence": "EP",
    "SequenceName": "epfid2d1_64",
    "SequenceVariant": "SK",
    "SeriesDescription": "EPI_Run_1",
    "SeriesNumber": 3,
    "ShimSetting": [
      -2680,
      -23215,
      2520,
      627,
      -38,
      -326,
      -284,
      -103
    ],
    "SliceThickness": 3,
    "SliceTiming": [
      1.005,
      0,
      1.055,
      0.05,
      1.105,
      0.1,
      1.155,
      0.15,
      1.205,
      0.2,
      1.255,
      0.2525,
      1.305,
      0.3025,
      1.355,
      0.3525,
      1.405,
      0.4025,
      1.455,
      0.4525,
      1.505,
      0.5025,
      1.5575,
      0.5525,
      1.6075,
      0.6025,
      1.6575,
      0.6525,
      1.7075,
      0.7025,
      1.7575,
      0.7525,
      1.8075,
      0.8025,
      1.8575,
      0.8525,
      1.9075,
      0.905,
      1.9575,
      0.955
    ],
    "SoftwareVersions": "syngo_MR_B17",
    "SpacingBetweenSlices": 3,
    "StationName": "MININT-E41B04",
    "TaskName": "RSE1",
    "TotalReadoutTime": 0.0135451,
    "TxRefAmp": 315.081,
    "dataset": "ds002363",
    "modality": "bold",
    "run_id": 1,
    "subject_id": "21",
    "task_id": "rse1"
  },
  "dummy_trs": 0,
  "dvars_nstd": 29.252204138546247,
  "dvars_std": 1.0084786075330396,
  "dvars_vstd": 0.9866480777973566,
  "efc": 0.5397493077779059,
  "fber": 767.3020629882812,
  "fd_mean": 0.04345147478214652,
  "fd_num": 0,
  "fd_perc": 0.0,
  "fwhm_avg": 1.9728995757575758,
  "fwhm_x": 1.831933090909091,
  "fwhm_y": 2.044395636363636,
  "fwhm_z": 2.04237,
  "gcor": 0.00545557,
  "gsr_x": -0.0013217688538134098,
  "gsr_y": 0.034734196960926056,
  "provenance": {
    "md5sum": "d366ab7305f015a20e5e43b37ab17cba",
    "settings": {
      "fd_thres": 0.2,
      "testing": false
    },
    "software": "mriqc",
    "version": "22.0.6",
    "webapi_port": null,
    "webapi_url": "https://mriqc.nimh.nih.gov/api/v1"
  },
  "size_t": 228,
  "size_x": 64,
  "size_y": 64,
  "size_z": 40,
  "snr": 5.890485316527392,
  "spacing_tr": 2.0,
  "spacing_x": 3.4375,
  "spacing_y": 3.4375,
  "spacing_z": 3.0,
  "summary_bg_k": 46.57415571125634,
  "summary_bg_mad": 9.897019080431496,
  "summary_bg_mean": 48.26444625854492,
  "summary_bg_median": 29.872806549072266,
  "summary_bg_n": 99324.0,
  "summary_bg_p05": 21.513158798217773,
  "summary_bg_p95": 128.6866256713866,
  "summary_bg_stdv": 59.523841857910156,
  "summary_fg_k": 1.5591433305698938,
  "summary_fg_mad": 123.91428992469334,
  "summary_fg_mean": 843.2330932617188,
  "summary_fg_median": 844.5701904296875,
  "summary_fg_n": 30471.0,
  "summary_fg_p05": 598.88818359375,
  "summary_fg_p95": 1071.9144897460938,
  "summary_fg_stdv": 143.37635803222656,
  "tsnr": 44.8138016613666
}