{
  "bids_meta": {
    "AcquisitionMatrixPE": 215,
    "AcquisitionNumber": 1,
    "AcquisitionTime": "10:09:33.525000",
    "BaseResolution": 256,
    "CoilString": "C:HEA;HEP",
    "ConversionSoftware": "dcm2niix",
    "ConversionSoftwareVersion": "v1.0.20190902",
    "DeviceSerialNumber": "35002",
    "DwellTime": 9.8e-06,
    "EchoTime": 0.00226,
    "FlipAngle": 9,
    "ImageOrientationPatientDICOM": [
      1e-16,
      1,
      0,
      -0.050593,
      -1e-16,
      -0.998719
    ],
    "ImageType": [
      "ORIGINAL",
      "PRIMARY",
      "M",
      "ND",
      "NORM"
    ],
    "ImagingFrequency": 123.256,
    "InPlanePhaseEncodingDirectionDICOM": "ROW",
    "InstitutionAddress": "University_Pkwy_1700_North_685_Provo_UT_US_84601",
    "InstitutionName": "Brigham_Young_University",
    "InstitutionalDepartmentName": "MRI",
    "InversionTime": 0.9,
    "MRAcquisitionType": "3D",
    "MagneticFieldStrength": 3,
    "Manufacturer": "Siemens",
    "ManufacturersModelName": "TrioTim",
    "Modality": "MR",
    "PartialFourier": 0.875,
    "PatientPosition": "HFS",
    "PercentPhaseFOV": 87.5,
    "PhaseEncodingSteps": 227,
    "PhaseOversampling": 0.2,
    "PhaseResolution": 0.96,
    "PixelBandwidth": 199,
    "ProcedureStepDescription": "Research_KIRWAN",
    "ProtocolName": "t1_mpr_sag_iso_mprage",
    "PulseSequenceDetails": "%SiemensSeq%_tfl",
    "ReceiveCoilName": "HeadMatrix",
    "ReconMatrixPE": 224,
    "RepetitionTime": 1.9,
    "SAR": 0.100923,
    "ScanOptions": "IR_PFP",
    "ScanningSequence": "GR_IR",
    "SequenceName": "_tfl3d1_ns",
    "SequenceVariant": "SP_MP_OSP",
    "SeriesDescription": "t1_mpr_sag_iso_mprage",
    "SeriesNumber": 2,
    "ShimSetting": [
      -2655,
      -23109,
      2059,
      81,
      -13,
      -145,
      -152,
      15
    ],
    "SliceThickness": 1,
    "SoftwareVersions": "syngo_MR_B17",
    "StationName": "MININT-E41B04",
    "TxRefAmp": 337.112,
    "dataset": "ds002363",
    "modality": "T1w",
    "subject_id": "18"
  },
  "cjv": 0.32688413713611514,
  "cnr": 4.140606589956481,
  "efc": 0.5846438216766661,
  "fber": 14178.343055129162,
  "fwhm_avg": 4.768055089448232,
  "fwhm_x": 4.3960436683446975,
  "fwhm_y": 5.11746048,
  "fwhm_z": 4.790661119999999,
  "icvs_csf": 0.2073652217310509,
  "icvs_gm": 0.4419911637893375,
  "icvs_wm": 0.35064361447961157,
  "inu_med": 0.4511018991470337,
  "inu_range": 0.19693827629089355,
  "provenance": {
    "md5sum": "a5a9c11216a1ac27fa8a03b84dff9e04",
    "settings": {
      "testing": false
    },
    "software": "mriqc",
    "version": "22.0.6",
    "warnings": {
      "large_rot_frame": true,
      "small_air_mask": false
    },
    "webapi_port": null,
    "webapi_url": "https://mriqc.nimh.nih.gov/api/v1"
  },
  "qi_1": 0.0,
  "qi_2": 0.008129628239505656,
  "rpve_csf": 18.732163616418706,
  "rpve_gm": 9.379596480922418,
  "rpve_wm": 13.4362630479301,
  "size_x": 171,
  "size_y": 224,
  "size_z": 256,
  "snr_csf": 2.9785502703557096,
  "snr_gm": 15.543078046997037,
  "snr_total": 15.227644204452337,
  "snr_wm": 27.16130429600426,
  "snrd_csf": 26.928155264099782,
  "snrd_gm": 65.6012300069412,
  "snrd_total": 60.10252601331885,
  "snrd_wm": 87.77819276891557,
  "spacing_x": 0.9999991655349731,
  "spacing_y": 0.9765625,
  "spacing_z": 0.9765625,
  "summary_bg_k": 6.842460114946473,
  "summary_bg_mad": 0.0,
  "summary_bg_mean": 4.864409689210819,
  "summary_bg_median": 0.0,
  "summary_bg_n": 1864826.0,
  "summary_bg_p05": 0.0,
  "summary_bg_p95": 19.72753396630287,
  "summary_bg_stdv": 7.463845788709651,
  "summary_csf_k": 0.9754017837111921,
  "summary_csf_mad": 86.06608802497219,
  "summary_csf_mean": 322.00877706856386,
  "summary_csf_median": 306.7874083407223,
  "summary_csf_n": 43285.0,
  "summary_csf_p05": 183.98350940048695,
  "summary_csf_p95": 522.4805030755695,
  "summary_csf_stdv": 102.99771253355313,
  "summary_gm_k": 0.13045617177804614,
  "summary_gm_mad": 46.988727723940244,
  "summary_gm_mean": 746.1804840011856,
  "summary_gm_median": 747.3824753463268,
  "summary_gm_n": 44567.0,
  "summary_gm_p05": 665.3312956508249,
  "summary_gm_p95": 822.9777387008071,
  "summary_gm_stdv": 48.08404668033473,
  "summary_wm_k": 0.36775643127493085,
  "summary_wm_mad": 35.60115340308738,
  "summary_wm_mean": 1002.0152441759226,
  "summary_wm_median": 1000.0404411032796,
  "summary_wm_n": 230922.0,
  "summary_wm_p05": 944.9812172055244,
  "summary_wm_p95": 1065.4889605529606,
  "summary_wm_stdv": 36.81849239939504,
  "tpm_overlap_csf": 0.15071556107967551,
  "tpm_overlap_gm": 0.4642684619454076,
  "tpm_overlap_wm": 0.49620123737905386,
  "wm2max": 0.44640465737670676
}