{
  "bids_meta": {
    "AcquisitionMatrixPE": 215,
    "AcquisitionNumber": 1,
    "AcquisitionTime": "14:59:14.987500",
    "BaseResolution": 256,
    "CoilString": "C:HEA;HEP",
    "ConversionSoftware": "dcm2niix",
    "ConversionSoftwareVersion": "v1.0.20190902",
    "DeviceSerialNumber": "35002",
    "DwellTime": 9.8e-06,
    "EchoTime": 0.00226,
    "FlipAngle": 9,
    "ImageOrientationPatientDICOM": [
      0,
      1,
      0,
      0,
      0,
      -1
    ],
    "ImageType": [
      "ORIGINAL",
      "PRIMARY",
      "M",
      "ND",
      "NORM"
    ],
    "ImagingFrequency": 123.256,
    "InPlanePhaseEncodingDirectionDICOM": "ROW",
    "InstitutionAddress": "University_Pkwy_1700_North_685_Provo_UT_US_84601",
    "InstitutionName": "Brigham_Young_University",
    "InstitutionalDepartmentName": "MRI",
    "InversionTime": 0.9,
    "MRAcquisitionType": "3D",
    "MagneticFieldStrength": 3,
    "Manufacturer": "Siemens",
    "ManufacturersModelName": "TrioTim",
    "Modality": "MR",
    "PartialFourier": 0.875,
    "PatientPosition": "HFS",
    "PercentPhaseFOV": 87.5,
    "PhaseEncodingSteps": 227,
    "PhaseOversampling": 0.2,
    "PhaseResolution": 0.96,
    "PixelBandwidth": 199,
    "ProcedureStepDescription": "Research_KIRWAN",
    "ProtocolName": "t1_mpr_sag_iso_(mprage)",
    "PulseSequenceDetails": "%SiemensSeq%_tfl",
    "ReceiveCoilName": "HeadMatrix",
    "ReconMatrixPE": 224,
    "RepetitionTime": 1.9,
    "SAR": 0.103569,
    "ScanOptions": "IR_PFP",
    "ScanningSequence": "GR_IR",
    "SequenceName": "_tfl3d1_ns",
    "SequenceVariant": "SP_MP_OSP",
    "SeriesDescription": "t1_mpr_sag_iso_(mprage)",
    "SeriesNumber": 2,
    "ShimSetting": [
      -2655,
      -23109,
      2059,
      81,
      -13,
      -145,
      -152,
      15
    ],
    "SliceThickness": 1,
    "SoftwareVersions": "syngo_MR_B17",
    "StationName": "MININT-E41B04",
    "TxRefAmp": 328.072,
    "dataset": "ds002363",
    "modality": "T1w",
    "subject_id": "04"
  },
  "cjv": 0.33113208268118,
  "cnr": 4.138629535385743,
  "efc": 0.6214436200293963,
  "fber": 13700.77611645109,
  "fwhm_avg": 4.5245172,
  "fwhm_x": 4.17231,
  "fwhm_y": 4.8581632,
  "fwhm_z": 4.543078400000001,
  "icvs_csf": 0.17032384862287908,
  "icvs_gm": 0.47033225019112496,
  "icvs_wm": 0.359343901185996,
  "inu_med": 0.40210849046707153,
  "inu_range": 0.1779336720705032,
  "provenance": {
    "md5sum": "84dac7d507178c9c8dddd654bac699d4",
    "settings": {
      "testing": false
    },
    "software": "mriqc",
    "version": "22.0.6",
    "warnings": {
      "large_rot_frame": true,
      "small_air_mask": false
    },
    "webapi_port": null,
    "webapi_url": "https://mriqc.nimh.nih.gov/api/v1"
  },
  "qi_1": 0.0,
  "qi_2": 0.0076640389853450406,
  "rpve_csf": 23.106142104614253,
  "rpve_gm": 9.567552450376592,
  "rpve_wm": 13.878045165658756,
  "size_x": 168,
  "size_y": 224,
  "size_z": 256,
  "snr_csf": 2.6035244727613387,
  "snr_gm": 13.944427673783872,
  "snr_total": 14.667645902021805,
  "snr_wm": 27.454985559520203,
  "snrd_csf": 26.33588659680267,
  "snrd_gm": 63.231652175698066,
  "snrd_total": 58.595820580419264,
  "snrd_wm": 86.21992296875706,
  "spacing_x": 1.0,
  "spacing_y": 0.9765625,
  "spacing_z": 0.9765625,
  "summary_bg_k": 6.5336520893829135,
  "summary_bg_mad": 0.0,
  "summary_bg_mean": 4.7870642879892396,
  "summary_bg_median": 0.0,
  "summary_bg_n": 2080560.0,
  "summary_bg_p05": 0.0,
  "summary_bg_p95": 20.456960435956717,
  "summary_bg_stdv": 7.598433977003211,
  "summary_csf_k": 0.8112452022785459,
  "summary_csf_mad": 93.29567515341482,
  "summary_csf_mean": 306.5892228421297,
  "summary_csf_median": 305.4501253962517,
  "summary_csf_n": 21484.0,
  "summary_csf_p05": 86.08433174919337,
  "summary_csf_p95": 504.3798330567775,
  "summary_csf_stdv": 117.31904951445532,
  "summary_gm_k": -0.017022511763466586,
  "summary_gm_mad": 53.28769865517722,
  "summary_gm_mean": 732.8785480208361,
  "summary_gm_median": 733.3763385973871,
  "summary_gm_n": 68946.0,
  "summary_gm_p05": 646.3868148140609,
  "summary_gm_p95": 817.7091142721474,
  "summary_gm_stdv": 52.59240732219405,
  "summary_wm_k": 0.4359136980450513,
  "summary_wm_mad": 34.99994568481545,
  "summary_wm_mean": 1001.5727501421788,
  "summary_wm_median": 999.9999880641699,
  "summary_wm_n": 227613.0,
  "summary_wm_p05": 944.7775809504092,
  "summary_wm_p95": 1063.8758033029735,
  "summary_wm_stdv": 36.42317673716433,
  "tpm_overlap_csf": 0.1571680970688808,
  "tpm_overlap_gm": 0.48943016331116374,
  "tpm_overlap_wm": 0.5254846278543472,
  "wm2max": 0.49907934181456376
}