{
  "bids_meta": {
    "AcquisitionMatrixPE": 215,
    "AcquisitionNumber": 1,
    "AcquisitionTime": "10:00:41.287500",
    "BaseResolution": 256,
    "CoilString": "C:HEA;HEP",
    "ConversionSoftware": "dcm2niix",
    "ConversionSoftwareVersion": "v1.0.20190902",
    "DeviceSerialNumber": "35002",
    "DwellTime": 9.8e-06,
    "EchoTime": 0.00226,
    "FlipAngle": 9,
    "ImageOrientationPatientDICOM": [
      0,
      1,
      0,
      0.00872651,
      0,
      -0.999962
    ],
    "ImageType": [
      "ORIGINAL",
      "PRIMARY",
      "M",
      "ND",
      "NORM"
    ],
    "ImagingFrequency": 123.256,
    "InPlanePhaseEncodingDirectionDICOM": "ROW",
    "InstitutionAddress": "University_Pkwy_1700_North_685_Provo_UT_US_84601",
    "InstitutionName": "Brigham_Young_University",
    "InstitutionalDepartmentName": "MRI",
    "InversionTime": 0.9,
    "MRAcquisitionType": "3D",
    "MagneticFieldStrength": 3,
    "Manufacturer": "Siemens",
    "ManufacturersModelName": "TrioTim",
    "Modality": "MR",
    "PartialFourier": 0.875,
    "PatientPosition": "HFS",
    "PercentPhaseFOV": 87.5,
    "PhaseEncodingSteps": 227,
    "PhaseOversampling": 0.2,
    "PhaseResolution": 0.96,
    "PixelBandwidth": 199,
    "ProcedureStepDescription": "Research_KIRWAN",
    "ProtocolName": "t1_mpr_sag_iso_mprage",
    "PulseSequenceDetails": "%SiemensSeq%_tfl",
    "ReceiveCoilName": "HeadMatrix",
    "ReconMatrixPE": 224,
    "RepetitionTime": 1.9,
    "SAR": 0.108165,
    "ScanOptions": "IR_PFP",
    "ScanningSequence": "GR_IR",
    "SequenceName": "_tfl3d1_ns",
    "SequenceVariant": "SP_MP_OSP",
    "SeriesDescription": "t1_mpr_sag_iso_mprage",
    "SeriesNumber": 2,
    "ShimSetting": [
      -2655,
      -23109,
      2059,
      81,
      -13,
      -145,
      -152,
      15
    ],
    "SliceThickness": 1,
    "SoftwareVersions": "syngo_MR_B17",
    "StationName": "MININT-E41B04",
    "TxRefAmp": 310.41,
    "dataset": "ds002363",
    "modality": "T1w",
    "subject_id": "22"
  },
  "cjv": 0.2984429978445384,
  "cnr": 4.590909304629014,
  "efc": 0.5670120501347152,
  "fber": 9581.579365655392,
  "fwhm_avg": 4.914346275575742,
  "fwhm_x": 4.474940266727225,
  "fwhm_y": 5.4435737600000005,
  "fwhm_z": 4.8245248,
  "icvs_csf": 0.18980080601613275,
  "icvs_gm": 0.47199597271563,
  "icvs_wm": 0.33820322126823726,
  "inu_med": 0.4593963921070099,
  "inu_range": 0.22437193393707278,
  "provenance": {
    "md5sum": "85c0a2f5f297c7dded1a5960cf49cb47",
    "settings": {
      "testing": false
    },
    "software": "mriqc",
    "version": "22.0.6",
    "warnings": {
      "large_rot_frame": true,
      "small_air_mask": false
    },
    "webapi_port": null,
    "webapi_url": "https://mriqc.nimh.nih.gov/api/v1"
  },
  "qi_1": 0.0,
  "qi_2": 0.01591224912219763,
  "rpve_csf": 22.189685400379826,
  "rpve_gm": 9.746313449912096,
  "rpve_wm": 14.775859082247608,
  "size_x": 171,
  "size_y": 224,
  "size_z": 256,
  "snr_csf": 2.4270769137497674,
  "snr_gm": 14.945105110640302,
  "snr_total": 14.360332379995569,
  "snr_wm": 25.708815115596632,
  "snrd_csf": 25.14276381449513,
  "snrd_gm": 61.13560856122559,
  "snrd_total": 57.26881135667528,
  "snrd_wm": 85.52806169430512,
  "spacing_x": 0.9999999403953552,
  "spacing_y": 0.9765625,
  "spacing_z": 0.9765625,
  "summary_bg_k": 26.2995432725904,
  "summary_bg_mad": 0.0,
  "summary_bg_mean": 4.980608689090749,
  "summary_bg_median": 0.0,
  "summary_bg_n": 2697114.0,
  "summary_bg_p05": 0.0,
  "summary_bg_p95": 20.341460529714823,
  "summary_bg_stdv": 7.66022912181332,
  "summary_csf_k": -0.03736990055644318,
  "summary_csf_mad": 109.95344372255677,
  "summary_csf_mean": 297.55969643092465,
  "summary_csf_median": 293.9835606366396,
  "summary_csf_n": 38072.0,
  "summary_csf_p05": 73.7775742320344,
  "summary_csf_p95": 501.26863411068916,
  "summary_csf_stdv": 121.12500352027172,
  "summary_gm_k": 0.13910999363814813,
  "summary_gm_mad": 47.628427057552855,
  "summary_gm_mean": 714.5010080386186,
  "summary_gm_median": 714.832467071712,
  "summary_gm_n": 77954.0,
  "summary_gm_p05": 635.6168850511312,
  "summary_gm_p95": 792.026804599911,
  "summary_gm_stdv": 47.83023450164446,
  "summary_wm_k": 0.25634809971245787,
  "summary_wm_mad": 37.4906494107645,
  "summary_wm_mean": 1000.0066588335069,
  "summary_wm_median": 1000.0429665073752,
  "summary_wm_n": 210052.0,
  "summary_wm_p05": 935.6211739629507,
  "summary_wm_p95": 1063.733670618385,
  "summary_wm_stdv": 38.89874276751942,
  "tpm_overlap_csf": 0.1339021954252173,
  "tpm_overlap_gm": 0.48039031163926843,
  "tpm_overlap_wm": 0.5066286882513112,
  "wm2max": 0.4473808227865047
}