{
  "aor": 0.0009173684210526316,
  "aqi": 0.006511599780701755,
  "bids_meta": {
    "AcquisitionMatrixPE": 64,
    "AcquisitionNumber": 1,
    "AcquisitionTime": "11:09:9.405000",
    "BandwidthPerPixelPhaseEncode": 72.674,
    "BaseResolution": 64,
    "CoilString": "T:HEA;HEP",
    "ConversionSoftware": "dcm2niix",
    "ConversionSoftwareVersion": "v1.0.20190902",
    "DerivedVendorReportedEchoSpacing": 0.000430002,
    "DeviceSerialNumber": "35002",
    "DwellTime": 2.7e-06,
    "EchoTime": 0.028,
    "EffectiveEchoSpacing": 0.000215001,
    "FlipAngle": 90,
    "ImageOrientationPatientDICOM": [
      1,
      0,
      0,
      0,
      0.971961,
      -0.235142
    ],
    "ImageType": [
      "ORIGINAL",
      "PRIMARY",
      "M",
      "ND",
      "MOSAIC"
    ],
    "ImagingFrequency": 123.256,
    "InPlanePhaseEncodingDirectionDICOM": "COL",
    "InstitutionAddress": "University_Pkwy_1700_North_685_Provo_UT_US_84601",
    "InstitutionName": "Brigham_Young_University",
    "InstitutionalDepartmentName": "MRI",
    "MRAcquisitionType": "2D",
    "MagneticFieldStrength": 3,
    "Manufacturer": "Siemens",
    "ManufacturersModelName": "TrioTim",
    "Modality": "MR",
    "ParallelReductionFactorInPlane": 2,
    "PartialFourier": 1,
    "PatientPosition": "HFS",
    "PercentPhaseFOV": 100,
    "PhaseEncodingDirection": "j-",
    "PhaseEncodingSteps": 63,
    "PhaseResolution": 1,
    "PixelBandwidth": 2894,
    "ProcedureStepDescription": "Research_KIRWAN",
    "ProtocolName": "EPI_Run_1",
    "PulseSequenceDetails": "%CustomerSeq%_ep2d_bold_PMU",
    "ReceiveCoilName": "HeadMatrix",
    "ReconMatrixPE": 64,
    "RefLinesPE": 24,
    "RepetitionTime": 2,
    "SAR": 0.158184,
    "ScanOptions": "FS",
    "ScanningSequence": "EP",
    "SequenceName": "epfid2d1_64",
    "SequenceVariant": "SK",
    "SeriesDescription": "EPI_Run_1",
    "SeriesNumber": 3,
    "ShimSetting": [
      -2610,
      -23074,
      2562,
      790,
      269,
      132,
      -394,
      99
    ],
    "SliceThickness": 3,
    "SliceTiming": [
      1.0025,
      0,
      1.0525,
      0.05,
      1.1025,
      0.1,
      1.1525,
      0.15,
      1.2025,
      0.2,
      1.2525,
      0.25,
      1.305,
      0.3,
      1.355,
      0.35,
      1.405,
      0.4,
      1.455,
      0.45,
      1.505,
      0.5,
      1.555,
      0.55,
      1.605,
      0.6,
      1.655,
      0.6525,
      1.705,
      0.7025,
      1.755,
      0.7525,
      1.805,
      0.8025,
      1.855,
      0.8525,
      1.905,
      0.9025,
      1.9575,
      0.9525
    ],
    "SoftwareVersions": "syngo_MR_B17",
    "SpacingBetweenSlices": 3,
    "StationName": "MININT-E41B04",
    "TaskName": "RSE1",
    "TotalReadoutTime": 0.0135451,
    "TxRefAmp": 324.335,
    "dataset": "ds002363",
    "modality": "bold",
    "run_id": 1,
    "subject_id": "11",
    "task_id": "rse1"
  },
  "dummy_trs": 0,
  "dvars_nstd": 26.835744555110153,
  "dvars_std": 1.035830891013216,
  "dvars_vstd": 0.9992704000881059,
  "efc": 0.536254844749905,
  "fber": 876.287109375,
  "fd_mean": 0.06536157154195166,
  "fd_num": 3,
  "fd_perc": 1.3157894736842106,
  "fwhm_avg": 2.0353194545454545,
  "fwhm_x": 1.8846836363636363,
  "fwhm_y": 2.1036247272727273,
  "fwhm_z": 2.11765,
  "gcor": 0.00755032,
  "gsr_x": -0.005443241447210312,
  "gsr_y": 0.032018713653087616,
  "provenance": {
    "md5sum": "df84ede649c9f2d0cba5f666b57575d2",
    "settings": {
      "fd_thres": 0.2,
      "testing": false
    },
    "software": "mriqc",
    "version": "22.0.6",
    "webapi_port": null,
    "webapi_url": "https://mriqc.nimh.nih.gov/api/v1"
  },
  "size_t": 228,
  "size_x": 64,
  "size_y": 64,
  "size_z": 40,
  "snr": 5.2210758668645925,
  "spacing_tr": 2.0,
  "spacing_x": 3.4375,
  "spacing_y": 3.4375,
  "spacing_z": 3.0,
  "summary_bg_k": 42.12183928521621,
  "summary_bg_mad": 10.560291619480086,
  "summary_bg_mean": 54.84896469116211,
  "summary_bg_median": 29.88157844543457,
  "summary_bg_n": 99249.0,
  "summary_bg_p05": 20.86842155456543,
  "summary_bg_p95": 179.05087585449215,
  "summary_bg_stdv": 76.37964630126953,
  "summary_fg_k": 1.1180544172818996,
  "summary_fg_mad": 153.96304621655395,
  "summary_fg_mean": 908.7354736328125,
  "summary_fg_median": 890.3442993164062,
  "summary_fg_n": 30928.0,
  "summary_fg_p05": 661.5489166259765,
  "summary_fg_p95": 1208.028088378906,
  "summary_fg_stdv": 170.52613830566406,
  "tsnr": 51.080149970948696
}