{
  "aor": 0.0007736111111111111,
  "aqi": 0.005083903703703703,
  "bids_meta": {
    "AcquisitionMatrixPE": 64,
    "AcquisitionNumber": 1,
    "AcquisitionTime": "11:17:26.205000",
    "BandwidthPerPixelPhaseEncode": 72.674,
    "BaseResolution": 64,
    "CoilString": "T:HEA;HEP",
    "ConversionSoftware": "dcm2niix",
    "ConversionSoftwareVersion": "v1.0.20190902",
    "DerivedVendorReportedEchoSpacing": 0.000430002,
    "DeviceSerialNumber": "35002",
    "DwellTime": 2.7e-06,
    "EchoTime": 0.028,
    "EffectiveEchoSpacing": 0.000215001,
    "FlipAngle": 90,
    "ImageOrientationPatientDICOM": [
      1,
      0,
      0,
      0,
      0.971961,
      -0.235142
    ],
    "ImageType": [
      "ORIGINAL",
      "PRIMARY",
      "M",
      "ND",
      "MOSAIC"
    ],
    "ImagingFrequency": 123.256,
    "InPlanePhaseEncodingDirectionDICOM": "COL",
    "InstitutionAddress": "University_Pkwy_1700_North_685_Provo_UT_US_84601",
    "InstitutionName": "Brigham_Young_University",
    "InstitutionalDepartmentName": "MRI",
    "MRAcquisitionType": "2D",
    "MagneticFieldStrength": 3,
    "Manufacturer": "Siemens",
    "ManufacturersModelName": "TrioTim",
    "Modality": "MR",
    "ParallelReductionFactorInPlane": 2,
    "PartialFourier": 1,
    "PatientPosition": "HFS",
    "PercentPhaseFOV": 100,
    "PhaseEncodingDirection": "j-",
    "PhaseEncodingSteps": 63,
    "PhaseResolution": 1,
    "PixelBandwidth": 2894,
    "ProcedureStepDescription": "Research_KIRWAN",
    "ProtocolName": "EPI_Run_2",
    "PulseSequenceDetails": "%CustomerSeq%_ep2d_bold_PMU",
    "ReceiveCoilName": "HeadMatrix",
    "ReconMatrixPE": 64,
    "RefLinesPE": 24,
    "RepetitionTime": 2,
    "SAR": 0.158184,
    "ScanOptions": "FS",
    "ScanningSequence": "EP",
    "SequenceName": "epfid2d1_64",
    "SequenceVariant": "SK",
    "SeriesDescription": "EPI_Run_2",
    "SeriesNumber": 4,
    "ShimSetting": [
      -2610,
      -23074,
      2562,
      790,
      269,
      132,
      -394,
      99
    ],
    "SliceThickness": 3,
    "SliceTiming": [
      1.0025,
      0,
      1.0525,
      0.05,
      1.1025,
      0.1,
      1.1525,
      0.15,
      1.2025,
      0.2,
      1.255,
      0.25,
      1.305,
      0.3,
      1.355,
      0.35,
      1.405,
      0.4,
      1.455,
      0.45,
      1.505,
      0.5,
      1.555,
      0.55,
      1.605,
      0.6025,
      1.655,
      0.6525,
      1.705,
      0.7025,
      1.755,
      0.7525,
      1.805,
      0.8025,
      1.855,
      0.8525,
      1.9075,
      0.9025,
      1.9575,
      0.9525
    ],
    "SoftwareVersions": "syngo_MR_B17",
    "SpacingBetweenSlices": 3,
    "StationName": "MININT-E41B04",
    "TaskName": "RSE1",
    "TotalReadoutTime": 0.0135451,
    "TxRefAmp": 324.335,
    "dataset": "ds002363",
    "modality": "bold",
    "run_id": 2,
    "subject_id": "11",
    "task_id": "rse1"
  },
  "dummy_trs": 0,
  "dvars_nstd": 26.372204397383186,
  "dvars_std": 1.0285866689719627,
  "dvars_vstd": 0.9995618173831774,
  "efc": 0.5354890589128267,
  "fber": 896.36962890625,
  "fd_mean": 0.058990652452092895,
  "fd_num": 1,
  "fd_perc": 0.9259259259259259,
  "fwhm_avg": 2.0051622222222223,
  "fwhm_x": 1.856154181818182,
  "fwhm_y": 2.0646458181818184,
  "fwhm_z": 2.0946866666666666,
  "gcor": 0.0102723,
  "gsr_x": -0.0069932094775140285,
  "gsr_y": 0.031513214111328125,
  "provenance": {
    "md5sum": "df2829bd8736b61c1f19ed309ad07b75",
    "settings": {
      "fd_thres": 0.2,
      "testing": false
    },
    "software": "mriqc",
    "version": "22.0.6",
    "webapi_port": null,
    "webapi_url": "https://mriqc.nimh.nih.gov/api/v1"
  },
  "size_t": 108,
  "size_x": 64,
  "size_y": 64,
  "size_z": 40,
  "snr": 5.2363529204225765,
  "spacing_tr": 2.0,
  "spacing_x": 3.4375,
  "spacing_y": 3.4375,
  "spacing_z": 3.0,
  "summary_bg_k": 39.45071460034353,
  "summary_bg_mad": 9.664369912190615,
  "summary_bg_mean": 55.210418701171875,
  "summary_bg_median": 29.41666603088379,
  "summary_bg_n": 99645.0,
  "summary_bg_p05": 21.342592239379883,
  "summary_bg_p95": 183.56296997070248,
  "summary_bg_stdv": 78.87244415283203,
  "summary_fg_k": 1.2088916163508792,
  "summary_fg_mad": 151.93926342140205,
  "summary_fg_mean": 903.6633911132812,
  "summary_fg_median": 885.9120483398438,
  "summary_fg_n": 30774.0,
  "summary_fg_p05": 658.5583465576171,
  "summary_fg_p95": 1198.83662109375,
  "summary_fg_stdv": 169.18218994140625,
  "tsnr": 55.53244943183381
}