{
  "bids_meta": {
    "AcquisitionMatrixPE": 215,
    "AcquisitionNumber": 1,
    "AcquisitionTime": "08:13:14.357500",
    "BaseResolution": 256,
    "CoilString": "C:HEA;HEP",
    "ConversionSoftware": "dcm2niix",
    "ConversionSoftwareVersion": "v1.0.20190902",
    "DeviceSerialNumber": "35002",
    "DwellTime": 9.8e-06,
    "EchoTime": 0.00226,
    "FlipAngle": 9,
    "ImageOrientationPatientDICOM": [
      0,
      1,
      1e-16,
      -0.00349062,
      0,
      -0.999994
    ],
    "ImageType": [
      "ORIGINAL",
      "PRIMARY",
      "M",
      "ND",
      "NORM"
    ],
    "ImagingFrequency": 123.256,
    "InPlanePhaseEncodingDirectionDICOM": "ROW",
    "InstitutionAddress": "University_Pkwy_1700_North_685_Provo_UT_US_84601",
    "InstitutionName": "Brigham_Young_University",
    "InstitutionalDepartmentName": "MRI",
    "InversionTime": 0.9,
    "MRAcquisitionType": "3D",
    "MagneticFieldStrength": 3,
    "Manufacturer": "Siemens",
    "ManufacturersModelName": "TrioTim",
    "Modality": "MR",
    "PartialFourier": 0.875,
    "PatientPosition": "HFS",
    "PercentPhaseFOV": 87.5,
    "PhaseEncodingSteps": 227,
    "PhaseOversampling": 0.2,
    "PhaseResolution": 0.96,
    "PixelBandwidth": 199,
    "ProcedureStepDescription": "Research_KIRWAN",
    "ProtocolName": "t1_mpr_sag_iso_mprage",
    "PulseSequenceDetails": "%SiemensSeq%_tfl",
    "ReceiveCoilName": "HeadMatrix",
    "ReconMatrixPE": 224,
    "RepetitionTime": 1.9,
    "SAR": 0.112967,
    "ScanOptions": "IR_PFP",
    "ScanningSequence": "GR_IR",
    "SequenceName": "_tfl3d1_ns",
    "SequenceVariant": "SP_MP_OSP",
    "SeriesDescription": "t1_mpr_sag_iso_mprage",
    "SeriesNumber": 2,
    "ShimSetting": [
      -2655,
      -23109,
      2059,
      81,
      -13,
      -145,
      -152,
      15
    ],
    "SliceThickness": 1,
    "SoftwareVersions": "syngo_MR_B17",
    "StationName": "MININT-E41B04",
    "TxRefAmp": 322.141,
    "dataset": "ds002363",
    "modality": "T1w",
    "subject_id": "20"
  },
  "cjv": 0.350259434801296,
  "cnr": 3.856312440270024,
  "efc": 0.5902053294987967,
  "fber": 13794.433003046111,
  "fwhm_avg": 4.561647170062444,
  "fwhm_x": 4.330793670187333,
  "fwhm_y": 4.81734656,
  "fwhm_z": 4.53680128,
  "icvs_csf": 0.2253058128762543,
  "icvs_gm": 0.43011239396178386,
  "icvs_wm": 0.34458179316196186,
  "inu_med": 0.47308823466300964,
  "inu_range": 0.2161976277828216,
  "provenance": {
    "md5sum": "f2ac222acb37daaf359cdfb61fc22e78",
    "settings": {
      "testing": false
    },
    "software": "mriqc",
    "version": "22.0.6",
    "warnings": {
      "large_rot_frame": true,
      "small_air_mask": false
    },
    "webapi_port": null,
    "webapi_url": "https://mriqc.nimh.nih.gov/api/v1"
  },
  "qi_1": 0.0,
  "qi_2": 0.009866619560547945,
  "rpve_csf": 18.2092627863882,
  "rpve_gm": 9.821602940424725,
  "rpve_wm": 14.11330109016907,
  "size_x": 174,
  "size_y": 224,
  "size_z": 256,
  "snr_csf": 3.105976913009983,
  "snr_gm": 13.760395120041707,
  "snr_total": 14.474698865124806,
  "snr_wm": 26.557724562322726,
  "snrd_csf": 24.733447173250926,
  "snrd_gm": 63.1365538919831,
  "snrd_total": 57.57140418886271,
  "snrd_wm": 84.84421150135408,
  "spacing_x": 1.000006079673767,
  "spacing_y": 0.9765625,
  "spacing_z": 0.9765625,
  "summary_bg_k": 4.824435082964122,
  "summary_bg_mad": 0.0,
  "summary_bg_mean": 5.160960734073285,
  "summary_bg_median": 0.0,
  "summary_bg_n": 2613754.0,
  "summary_bg_p05": 0.0,
  "summary_bg_p95": 20.956191178411245,
  "summary_bg_stdv": 7.721910040976072,
  "summary_csf_k": 1.244192594317476,
  "summary_csf_mad": 71.92348279057006,
  "summary_csf_mean": 302.1564793372245,
  "summary_csf_median": 291.5262441150844,
  "summary_csf_n": 54424.0,
  "summary_csf_p05": 163.79352004546672,
  "summary_csf_p95": 481.6010042531415,
  "summary_csf_stdv": 93.85889656620459,
  "summary_gm_k": 0.014485755710377468,
  "summary_gm_mad": 53.55228928472981,
  "summary_gm_mean": 741.975191279927,
  "summary_gm_median": 744.17295306921,
  "summary_gm_n": 34368.0,
  "summary_gm_p05": 649.0802865661681,
  "summary_gm_p95": 827.8222052939236,
  "summary_gm_stdv": 54.0799969739284,
  "summary_wm_k": 0.45372042660578904,
  "summary_wm_mad": 36.065827477471096,
  "summary_wm_mean": 1000.8219622104174,
  "summary_wm_median": 1000.0350594334304,
  "summary_wm_n": 201952.0,
  "summary_wm_p05": 940.6065306812525,
  "summary_wm_p95": 1063.9216054044664,
  "summary_wm_stdv": 37.65505516713061,
  "tpm_overlap_csf": 0.15276975354846392,
  "tpm_overlap_gm": 0.4578021974302306,
  "tpm_overlap_wm": 0.5001704273787626,
  "wm2max": 0.5450867785556046
}