{
  "bids_meta": {
    "AcquisitionMatrixPE": 215,
    "AcquisitionNumber": 1,
    "AcquisitionTime": "09:34:37.720000",
    "BaseResolution": 256,
    "CoilString": "C:HEA;HEP",
    "ConversionSoftware": "dcm2niix",
    "ConversionSoftwareVersion": "v1.0.20190902",
    "DeviceSerialNumber": "35002",
    "DwellTime": 9.8e-06,
    "EchoTime": 0.00226,
    "FlipAngle": 9,
    "ImageOrientationPatientDICOM": [
      0.0968508,
      0.995299,
      -3.69552e-08,
      -0.143016,
      0.0139166,
      -0.989623
    ],
    "ImageType": [
      "ORIGINAL",
      "PRIMARY",
      "M",
      "ND",
      "NORM"
    ],
    "ImagingFrequency": 123.256,
    "InPlanePhaseEncodingDirectionDICOM": "ROW",
    "InstitutionAddress": "University_Pkwy_1700_North_685_Provo_UT_US_84601",
    "InstitutionName": "Brigham_Young_University",
    "InstitutionalDepartmentName": "MRI",
    "InversionTime": 0.9,
    "MRAcquisitionType": "3D",
    "MagneticFieldStrength": 3,
    "Manufacturer": "Siemens",
    "ManufacturersModelName": "TrioTim",
    "Modality": "MR",
    "PartialFourier": 0.875,
    "PatientPosition": "HFS",
    "PercentPhaseFOV": 87.5,
    "PhaseEncodingSteps": 227,
    "PhaseOversampling": 0.2,
    "PhaseResolution": 0.96,
    "PixelBandwidth": 199,
    "ProcedureStepDescription": "Research_KIRWAN",
    "ProtocolName": "t1_mpr_sag_iso_mprage",
    "PulseSequenceDetails": "%SiemensSeq%_tfl",
    "ReceiveCoilName": "HeadMatrix",
    "ReconMatrixPE": 224,
    "RepetitionTime": 1.9,
    "SAR": 0.115908,
    "ScanOptions": "IR_PFP",
    "ScanningSequence": "GR_IR",
    "SequenceName": "_tfl3d1_ns",
    "SequenceVariant": "SP_MP_OSP",
    "SeriesDescription": "t1_mpr_sag_iso_mprage",
    "SeriesNumber": 2,
    "ShimSetting": [
      -2655,
      -23109,
      2059,
      81,
      -13,
      -145,
      -152,
      15
    ],
    "SliceThickness": 1,
    "SoftwareVersions": "syngo_MR_B17",
    "StationName": "MININT-E41B04",
    "TxRefAmp": 319.422,
    "dataset": "ds002363",
    "modality": "T1w",
    "subject_id": "14"
  },
  "cjv": 0.3220484148451577,
  "cnr": 4.235058526398867,
  "efc": 0.6148239731152377,
  "fber": 23085.969620798624,
  "fwhm_avg": 4.71761728184795,
  "fwhm_x": 4.3668326028350615,
  "fwhm_y": 5.206056642247519,
  "fwhm_z": 4.5799626004612675,
  "icvs_csf": 0.1959474157471179,
  "icvs_gm": 0.4575347927165333,
  "icvs_wm": 0.34651779153634876,
  "inu_med": 0.4730629622936249,
  "inu_range": 0.21991982758045203,
  "provenance": {
    "md5sum": "1ebda44c36fd9cb763fe36a35c77b15c",
    "settings": {
      "testing": false
    },
    "software": "mriqc",
    "version": "22.0.6",
    "warnings": {
      "large_rot_frame": true,
      "small_air_mask": false
    },
    "webapi_port": null,
    "webapi_url": "https://mriqc.nimh.nih.gov/api/v1"
  },
  "qi_1": 0.0,
  "qi_2": 0.004038872863674892,
  "rpve_csf": 20.03745375920973,
  "rpve_gm": 9.379575319023726,
  "rpve_wm": 13.821397011312559,
  "size_x": 172,
  "size_y": 224,
  "size_z": 256,
  "snr_csf": 2.8610618519723836,
  "snr_gm": 13.758287731795352,
  "snr_total": 14.247499345996522,
  "snr_wm": 26.123148454221827,
  "snrd_csf": 25.15793208257747,
  "snrd_gm": 62.11985489747001,
  "snrd_total": 57.73960871880226,
  "snrd_wm": 85.94103917635928,
  "spacing_x": 0.9999994039535522,
  "spacing_y": 0.9765625596046448,
  "spacing_z": 0.9765625596046448,
  "summary_bg_k": 16.796935052756837,
  "summary_bg_mad": 0.0,
  "summary_bg_mean": 4.076441437373364,
  "summary_bg_median": 0.0,
  "summary_bg_n": 2435910.0,
  "summary_bg_p05": 0.0,
  "summary_bg_p95": 20.279582925140858,
  "summary_bg_stdv": 7.623091563052923,
  "summary_csf_k": 0.8794670469112895,
  "summary_csf_mad": 88.21468748302959,
  "summary_csf_mean": 299.3852221834269,
  "summary_csf_median": 292.7347950786352,
  "summary_csf_n": 34998.0,
  "summary_csf_p05": 134.94782657176256,
  "summary_csf_p95": 481.4451742090286,
  "summary_csf_stdv": 102.31537381211471,
  "summary_gm_k": 0.0562336101175509,
  "summary_gm_mad": 52.42673021823996,
  "summary_gm_mean": 722.6177578825615,
  "summary_gm_median": 722.8194644153118,
  "summary_gm_n": 66709.0,
  "summary_gm_p05": 636.1094807237387,
  "summary_gm_p95": 807.9385837376117,
  "summary_gm_stdv": 52.536628160410366,
  "summary_wm_k": 0.4393161724961496,
  "summary_wm_mad": 36.83882713553387,
  "summary_wm_mean": 1001.136572702867,
  "summary_wm_median": 1000.0000162795186,
  "summary_wm_n": 224885.0,
  "summary_wm_p05": 940.5001137554646,
  "summary_wm_p95": 1065.5641047656536,
  "summary_wm_stdv": 38.28014049190127,
  "tpm_overlap_csf": 0.15514457254825736,
  "tpm_overlap_gm": 0.47830692360206983,
  "tpm_overlap_wm": 0.5139653166467478,
  "wm2max": 0.4938699786688787
}