{
  "bids_meta": {
    "AcquisitionMatrixPE": 215,
    "AcquisitionNumber": 1,
    "AcquisitionTime": "11:29:38.740000",
    "BaseResolution": 256,
    "CoilString": "C:HEA;HEP",
    "ConversionSoftware": "dcm2niix",
    "ConversionSoftwareVersion": "v1.0.20190902",
    "DeviceSerialNumber": "35002",
    "DwellTime": 9.8e-06,
    "EchoTime": 0.00226,
    "FlipAngle": 9,
    "ImageOrientationPatientDICOM": [
      0,
      1,
      0,
      -0.00174528,
      0,
      -0.999998
    ],
    "ImageType": [
      "ORIGINAL",
      "PRIMARY",
      "M",
      "ND",
      "NORM"
    ],
    "ImagingFrequency": 123.256,
    "InPlanePhaseEncodingDirectionDICOM": "ROW",
    "InstitutionAddress": "University_Pkwy_1700_North_685_Provo_UT_US_84601",
    "InstitutionName": "Brigham_Young_University",
    "InstitutionalDepartmentName": "MRI",
    "InversionTime": 0.9,
    "MRAcquisitionType": "3D",
    "MagneticFieldStrength": 3,
    "Manufacturer": "Siemens",
    "ManufacturersModelName": "TrioTim",
    "Modality": "MR",
    "PartialFourier": 0.875,
    "PatientPosition": "HFS",
    "PercentPhaseFOV": 87.5,
    "PhaseEncodingSteps": 227,
    "PhaseOversampling": 0.2,
    "PhaseResolution": 0.96,
    "PixelBandwidth": 199,
    "ProcedureStepDescription": "Research_KIRWAN",
    "ProtocolName": "t1_mpr_sag_iso_mprage",
    "PulseSequenceDetails": "%SiemensSeq%_tfl",
    "ReceiveCoilName": "HeadMatrix",
    "ReconMatrixPE": 224,
    "RepetitionTime": 1.9,
    "SAR": 0.0898402,
    "ScanOptions": "IR_PFP",
    "ScanningSequence": "GR_IR",
    "SequenceName": "_tfl3d1_ns",
    "SequenceVariant": "SP_MP_OSP",
    "SeriesDescription": "t1_mpr_sag_iso_mprage",
    "SeriesNumber": 2,
    "ShimSetting": [
      -2655,
      -23109,
      2059,
      81,
      -13,
      -145,
      -152,
      15
    ],
    "SliceThickness": 1,
    "SoftwareVersions": "syngo_MR_B17",
    "StationName": "MININT-E41B04",
    "TxRefAmp": 333.402,
    "dataset": "ds002363",
    "modality": "T1w",
    "subject_id": "08"
  },
  "cjv": 0.3205461610341835,
  "cnr": 4.283213842287827,
  "efc": 0.6232376107900851,
  "fber": 14168.728326867937,
  "fwhm_avg": 4.82934449207957,
  "fwhm_x": 4.3645032362387095,
  "fwhm_y": 5.37411584,
  "fwhm_z": 4.7494144,
  "icvs_csf": 0.15083263416557566,
  "icvs_gm": 0.4704930637433468,
  "icvs_wm": 0.37867430209107755,
  "inu_med": 0.41556257009506226,
  "inu_range": 0.198251450061798,
  "provenance": {
    "md5sum": "7129fa3e96dcfdd834b4bce165e028e8",
    "settings": {
      "testing": false
    },
    "software": "mriqc",
    "version": "22.0.6",
    "warnings": {
      "large_rot_frame": true,
      "small_air_mask": false
    },
    "webapi_port": null,
    "webapi_url": "https://mriqc.nimh.nih.gov/api/v1"
  },
  "qi_1": 0.0,
  "qi_2": 0.007252592020230405,
  "rpve_csf": 22.0116047691843,
  "rpve_gm": 8.350879766691707,
  "rpve_wm": 11.636659821137675,
  "size_x": 168,
  "size_y": 224,
  "size_z": 256,
  "snr_csf": 2.4770467097405753,
  "snr_gm": 13.98962444535872,
  "snr_total": 14.148084121119624,
  "snr_wm": 25.977581208259572,
  "snrd_csf": 27.635546788203865,
  "snrd_gm": 64.73307910966835,
  "snrd_total": 60.66040040501327,
  "snrd_wm": 89.6125753171676,
  "spacing_x": 1.0000015497207642,
  "spacing_y": 0.9765625,
  "spacing_z": 0.9765625,
  "summary_bg_k": 6.946251202988227,
  "summary_bg_mad": 0.0,
  "summary_bg_mean": 4.246527761531159,
  "summary_bg_median": 0.0,
  "summary_bg_n": 2133458.0,
  "summary_bg_p05": 0.0,
  "summary_bg_p95": 19.184651792049408,
  "summary_bg_stdv": 7.311042213738464,
  "summary_csf_k": 0.0325742630376924,
  "summary_csf_mad": 111.31790955421772,
  "summary_csf_mean": 309.1097559725592,
  "summary_csf_median": 308.40089051425457,
  "summary_csf_n": 17536.0,
  "summary_csf_p05": 84.18978889100254,
  "summary_csf_p95": 518.528021575883,
  "summary_csf_stdv": 124.4999118552676,
  "summary_gm_k": 0.0015133890602672118,
  "summary_gm_mad": 52.258749935211966,
  "summary_gm_mean": 722.6412063307969,
  "summary_gm_median": 722.3934954553843,
  "summary_gm_n": 80459.0,
  "summary_gm_p05": 638.4225790798664,
  "summary_gm_p95": 807.468290604651,
  "summary_gm_stdv": 51.63748384100136,
  "summary_wm_k": 0.5252050729019015,
  "summary_wm_mad": 36.739142773026984,
  "summary_wm_mean": 1001.4920622957496,
  "summary_wm_median": 1000.0380394458771,
  "summary_wm_n": 280932.0,
  "summary_wm_p05": 940.9995574429631,
  "summary_wm_p95": 1066.7656080797315,
  "summary_wm_stdv": 38.49612677828921,
  "tpm_overlap_csf": 0.14980251859657326,
  "tpm_overlap_gm": 0.4662035975982477,
  "tpm_overlap_wm": 0.506706950641915,
  "wm2max": 0.49764173280548557
}