{
  "bids_meta": {
    "AcquisitionMatrixPE": 215,
    "AcquisitionNumber": 1,
    "AcquisitionTime": "10:41:16.395000",
    "BaseResolution": 256,
    "CoilString": "C:HEA;HEP",
    "ConversionSoftware": "dcm2niix",
    "ConversionSoftwareVersion": "v1.0.20190902",
    "DeviceSerialNumber": "35002",
    "DwellTime": 9.8e-06,
    "EchoTime": 0.00226,
    "FlipAngle": 9,
    "ImageOrientationPatientDICOM": [
      0,
      1,
      0,
      0,
      0,
      -1
    ],
    "ImageType": [
      "ORIGINAL",
      "PRIMARY",
      "M",
      "ND",
      "NORM"
    ],
    "ImagingFrequency": 123.256,
    "InPlanePhaseEncodingDirectionDICOM": "ROW",
    "InstitutionAddress": "University_Pkwy_1700_North_685_Provo_UT_US_84601",
    "InstitutionName": "Brigham_Young_University",
    "InstitutionalDepartmentName": "MRI",
    "InversionTime": 0.9,
    "MRAcquisitionType": "3D",
    "MagneticFieldStrength": 3,
    "Manufacturer": "Siemens",
    "ManufacturersModelName": "TrioTim",
    "Modality": "MR",
    "PartialFourier": 0.875,
    "PatientPosition": "HFS",
    "PercentPhaseFOV": 87.5,
    "PhaseEncodingSteps": 227,
    "PhaseOversampling": 0.2,
    "PhaseResolution": 0.96,
    "PixelBandwidth": 199,
    "ProcedureStepDescription": "Research_KIRWAN",
    "ProtocolName": "t1_mpr_sag_iso_mprage",
    "PulseSequenceDetails": "%SiemensSeq%_tfl",
    "ReceiveCoilName": "HeadMatrix",
    "ReconMatrixPE": 224,
    "RepetitionTime": 1.9,
    "SAR": 0.111171,
    "ScanOptions": "IR_PFP",
    "ScanningSequence": "GR_IR",
    "SequenceName": "_tfl3d1_ns",
    "SequenceVariant": "SP_MP_OSP",
    "SeriesDescription": "t1_mpr_sag_iso_mprage",
    "SeriesNumber": 2,
    "ShimSetting": [
      -2655,
      -23109,
      2059,
      81,
      -13,
      -145,
      -152,
      15
    ],
    "SliceThickness": 1,
    "SoftwareVersions": "syngo_MR_B17",
    "StationName": "MININT-E41B04",
    "TxRefAmp": 305.729,
    "dataset": "ds002363",
    "modality": "T1w",
    "subject_id": "07"
  },
  "cjv": 0.33489514498212625,
  "cnr": 4.190495111329837,
  "efc": 0.5809621825513652,
  "fber": 14021.52015625,
  "fwhm_avg": 4.504588586666666,
  "fwhm_x": 4.23224,
  "fwhm_y": 4.90527744,
  "fwhm_z": 4.376248319999999,
  "icvs_csf": 0.1944304383287904,
  "icvs_gm": 0.45391333160048636,
  "icvs_wm": 0.3516562300707233,
  "inu_med": 0.46046118438243866,
  "inu_range": 0.20991018116474147,
  "provenance": {
    "md5sum": "ad5f1ebc6f36b1b92358de866faa17df",
    "settings": {
      "testing": false
    },
    "software": "mriqc",
    "version": "22.0.6",
    "warnings": {
      "large_rot_frame": true,
      "small_air_mask": false
    },
    "webapi_port": null,
    "webapi_url": "https://mriqc.nimh.nih.gov/api/v1"
  },
  "qi_1": 0.0,
  "qi_2": 0.008451772148997602,
  "rpve_csf": 22.441326191338803,
  "rpve_gm": 10.499800428564784,
  "rpve_wm": 15.21331261838778,
  "size_x": 172,
  "size_y": 224,
  "size_z": 256,
  "snr_csf": 2.3281219735504055,
  "snr_gm": 13.871597931793097,
  "snr_total": 14.147251297995107,
  "snr_wm": 26.242033988641822,
  "snrd_csf": 25.119987381020948,
  "snrd_gm": 64.01664928700865,
  "snrd_total": 59.07455136212061,
  "snrd_wm": 88.08701741833222,
  "spacing_x": 1.0,
  "spacing_y": 0.9765625,
  "spacing_z": 0.9765625,
  "summary_bg_k": 7.191536419112994,
  "summary_bg_mad": 0.0,
  "summary_bg_mean": 4.826710595527379,
  "summary_bg_median": 0.0,
  "summary_bg_n": 2813541.0,
  "summary_bg_p05": 0.0,
  "summary_bg_p95": 19.770871594548225,
  "summary_bg_stdv": 7.437662131369967,
  "summary_csf_k": 1.2405076100713028,
  "summary_csf_mad": 103.9565478697594,
  "summary_csf_mean": 293.1862372000373,
  "summary_csf_median": 285.1833280585706,
  "summary_csf_n": 29705.0,
  "summary_csf_p05": 82.74646181315184,
  "summary_csf_p95": 510.91610502004613,
  "summary_csf_stdv": 122.49294968221369,
  "summary_gm_k": -0.07721819759881221,
  "summary_gm_mad": 53.90970706470037,
  "summary_gm_mean": 725.4831630030056,
  "summary_gm_median": 726.7711093127728,
  "summary_gm_n": 53018.0,
  "summary_gm_p05": 638.5301843471825,
  "summary_gm_p95": 809.4945817403495,
  "summary_gm_stdv": 52.39225205708248,
  "summary_wm_k": 0.1252679264986627,
  "summary_wm_mad": 37.60613917474357,
  "summary_wm_mean": 1000.9335199143369,
  "summary_wm_median": 1000.0382725149393,
  "summary_wm_n": 195517.0,
  "summary_wm_p05": 939.6911353804171,
  "summary_wm_p95": 1064.6384459808469,
  "summary_wm_stdv": 38.108163243910596,
  "tpm_overlap_csf": 0.14918982445808635,
  "tpm_overlap_gm": 0.4635297443545526,
  "tpm_overlap_wm": 0.5005051950729873,
  "wm2max": 0.4913365090049672
}