{
  "bids_meta": {
    "AcquisitionMatrixPE": 215,
    "AcquisitionNumber": 1,
    "AcquisitionTime": "15:25:33.395000",
    "BaseResolution": 256,
    "CoilString": "C:HEA;HEP",
    "ConversionSoftware": "dcm2niix",
    "ConversionSoftwareVersion": "v1.0.20190902",
    "DeviceSerialNumber": "35002",
    "DwellTime": 9.8e-06,
    "EchoTime": 0.00226,
    "FlipAngle": 9,
    "ImageOrientationPatientDICOM": [
      0,
      1,
      0,
      0,
      0,
      -1
    ],
    "ImageType": [
      "ORIGINAL",
      "PRIMARY",
      "M",
      "ND",
      "NORM"
    ],
    "ImagingFrequency": 123.256,
    "InPlanePhaseEncodingDirectionDICOM": "ROW",
    "InstitutionAddress": "University_Pkwy_1700_North_685_Provo_UT_US_84601",
    "InstitutionName": "Brigham_Young_University",
    "InstitutionalDepartmentName": "MRI",
    "InversionTime": 0.9,
    "MRAcquisitionType": "3D",
    "MagneticFieldStrength": 3,
    "Manufacturer": "Siemens",
    "ManufacturersModelName": "TrioTim",
    "Modality": "MR",
    "PartialFourier": 0.875,
    "PatientPosition": "HFS",
    "PercentPhaseFOV": 87.5,
    "PhaseEncodingSteps": 227,
    "PhaseOversampling": 0.2,
    "PhaseResolution": 0.96,
    "PixelBandwidth": 199,
    "ProcedureStepDescription": "Research_KIRWAN",
    "ProtocolName": "t1_mpr_sag_iso_(mprage)",
    "PulseSequenceDetails": "%SiemensSeq%_tfl",
    "ReceiveCoilName": "HeadMatrix",
    "ReconMatrixPE": 224,
    "RepetitionTime": 1.9,
    "SAR": 0.127649,
    "ScanOptions": "IR_PFP",
    "ScanningSequence": "GR_IR",
    "SequenceName": "_tfl3d1_ns",
    "SequenceVariant": "SP_MP_OSP",
    "SeriesDescription": "t1_mpr_sag_iso_(mprage)",
    "SeriesNumber": 2,
    "ShimSetting": [
      -2655,
      -23109,
      2059,
      81,
      -13,
      -145,
      -152,
      15
    ],
    "SliceThickness": 1,
    "SoftwareVersions": "syngo_MR_B17",
    "StationName": "MININT-E41B04",
    "TxRefAmp": 330.771,
    "dataset": "ds002363",
    "modality": "T1w",
    "subject_id": "02"
  },
  "cjv": 0.37274247668945354,
  "cnr": 3.7180774372255763,
  "efc": 0.6112861644756186,
  "fber": 12490.358838431226,
  "fwhm_avg": 4.4181091200000004,
  "fwhm_x": 4.0346,
  "fwhm_y": 4.8351846400000005,
  "fwhm_z": 4.384542720000001,
  "icvs_csf": 0.19527834121051363,
  "icvs_gm": 0.4223439445533429,
  "icvs_wm": 0.3823777142361435,
  "inu_med": 0.382047563791275,
  "inu_range": 0.1395861804485321,
  "provenance": {
    "md5sum": "cc51ec158760e61e75b5556ec47b6c97",
    "settings": {
      "testing": false
    },
    "software": "mriqc",
    "version": "22.0.6",
    "warnings": {
      "large_rot_frame": true,
      "small_air_mask": false
    },
    "webapi_port": null,
    "webapi_url": "https://mriqc.nimh.nih.gov/api/v1"
  },
  "qi_1": 0.0,
  "qi_2": 0.011574727982426139,
  "rpve_csf": 20.66651484631932,
  "rpve_gm": 10.125854715535239,
  "rpve_wm": 13.097788633843635,
  "size_x": 170,
  "size_y": 224,
  "size_z": 256,
  "snr_csf": 2.8803838786761826,
  "snr_gm": 13.09060783101749,
  "snr_total": 14.475992322830578,
  "snr_wm": 27.456985258798067,
  "snrd_csf": 26.68826640113164,
  "snrd_gm": 64.87724190689528,
  "snrd_total": 59.47989679880062,
  "snrd_wm": 86.87418208837494,
  "spacing_x": 1.0,
  "spacing_y": 0.9765625,
  "spacing_z": 0.9765625,
  "summary_bg_k": 6.2518223596084415,
  "summary_bg_mad": 0.0,
  "summary_bg_mean": 4.703829551156089,
  "summary_bg_median": 0.0,
  "summary_bg_n": 2319884.0,
  "summary_bg_p05": 0.0,
  "summary_bg_p95": 20.57078555226326,
  "summary_bg_stdv": 7.541536148710335,
  "summary_csf_k": 1.498168559856282,
  "summary_csf_mad": 80.32287086848801,
  "summary_csf_mean": 315.5075386892627,
  "summary_csf_median": 307.21926885843277,
  "summary_csf_n": 35387.0,
  "summary_csf_p05": 128.3183949291706,
  "summary_csf_p95": 509.393279957771,
  "summary_csf_stdv": 106.6576334678187,
  "summary_gm_k": -0.14857888985690515,
  "summary_gm_mad": 58.74934200213152,
  "summary_gm_mean": 745.933702792945,
  "summary_gm_median": 746.8277828395367,
  "summary_gm_n": 39662.0,
  "summary_gm_p05": 651.2927240431309,
  "summary_gm_p95": 838.2919914424419,
  "summary_gm_stdv": 57.04993820893692,
  "summary_wm_k": 0.23861621666743904,
  "summary_wm_mad": 35.63484678817814,
  "summary_wm_mean": 1000.9444348066662,
  "summary_wm_median": 1000.0433262586594,
  "summary_wm_n": 240547.0,
  "summary_wm_p05": 942.5750474631786,
  "summary_wm_p95": 1062.1887520849705,
  "summary_wm_stdv": 36.42210672965744,
  "tpm_overlap_csf": 0.17022939477531085,
  "tpm_overlap_gm": 0.45788437224694256,
  "tpm_overlap_wm": 0.517747388054909,
  "wm2max": 0.4578134347009764
}