{
  "aor": 0.00031692982456140345,
  "aqi": 0.0060850114473684205,
  "bids_meta": {
    "AcquisitionMatrixPE": 64,
    "AcquisitionNumber": 1,
    "AcquisitionTime": "10:54:5.100000",
    "BandwidthPerPixelPhaseEncode": 72.674,
    "BaseResolution": 64,
    "CoilString": "T:HEA;HEP",
    "ConversionSoftware": "dcm2niix",
    "ConversionSoftwareVersion": "v1.0.20190902",
    "DerivedVendorReportedEchoSpacing": 0.000430002,
    "DeviceSerialNumber": "35002",
    "DwellTime": 2.7e-06,
    "EchoTime": 0.028,
    "EffectiveEchoSpacing": 0.000215001,
    "FlipAngle": 90,
    "ImageOrientationPatientDICOM": [
      1,
      -1e-16,
      0,
      1e-16,
      0.994338,
      0.106264
    ],
    "ImageType": [
      "ORIGINAL",
      "PRIMARY",
      "M",
      "ND",
      "MOSAIC"
    ],
    "ImagingFrequency": 123.256,
    "InPlanePhaseEncodingDirectionDICOM": "COL",
    "InstitutionAddress": "University_Pkwy_1700_North_685_Provo_UT_US_84601",
    "InstitutionName": "Brigham_Young_University",
    "InstitutionalDepartmentName": "MRI",
    "MRAcquisitionType": "2D",
    "MagneticFieldStrength": 3,
    "Manufacturer": "Siemens",
    "ManufacturersModelName": "TrioTim",
    "Modality": "MR",
    "ParallelReductionFactorInPlane": 2,
    "PartialFourier": 1,
    "PatientPosition": "HFS",
    "PercentPhaseFOV": 100,
    "PhaseEncodingDirection": "j-",
    "PhaseEncodingSteps": 63,
    "PhaseResolution": 1,
    "PixelBandwidth": 2894,
    "ProcedureStepDescription": "Research_KIRWAN",
    "ProtocolName": "EPI_Run_1",
    "PulseSequenceDetails": "%CustomerSeq%_ep2d_bold_PMU",
    "ReceiveCoilName": "HeadMatrix",
    "ReconMatrixPE": 64,
    "RefLinesPE": 24,
    "RepetitionTime": 2,
    "SAR": 0.191684,
    "ScanOptions": "FS",
    "ScanningSequence": "EP",
    "SequenceName": "epfid2d1_64",
    "SequenceVariant": "SK",
    "SeriesDescription": "EPI_Run_1",
    "SeriesNumber": 3,
    "ShimSetting": [
      -2646,
      -23126,
      2471,
      723,
      159,
      29,
      60,
      -62
    ],
    "SliceThickness": 3,
    "SliceTiming": [
      1.005,
      0,
      1.055,
      0.05,
      1.105,
      0.1,
      1.155,
      0.15,
      1.205,
      0.2025,
      1.255,
      0.2525,
      1.305,
      0.3025,
      1.355,
      0.3525,
      1.405,
      0.4025,
      1.455,
      0.4525,
      1.5075,
      0.5025,
      1.5575,
      0.5525,
      1.6075,
      0.6025,
      1.6575,
      0.6525,
      1.7075,
      0.7025,
      1.7575,
      0.7525,
      1.8075,
      0.8025,
      1.8575,
      0.855,
      1.9075,
      0.905,
      1.9575,
      0.955
    ],
    "SoftwareVersions": "syngo_MR_B17",
    "SpacingBetweenSlices": 3,
    "StationName": "MININT-E41B04",
    "TaskName": "RSE1",
    "TotalReadoutTime": 0.0135451,
    "TxRefAmp": 305.729,
    "dataset": "ds002363",
    "modality": "bold",
    "run_id": 1,
    "subject_id": "07",
    "task_id": "rse1"
  },
  "dummy_trs": 0,
  "dvars_nstd": 27.259659166343607,
  "dvars_std": 1.029803245198238,
  "dvars_vstd": 1.00002004030837,
  "efc": 0.5121389707560717,
  "fber": 913.0067749023438,
  "fd_mean": 0.11409300201149108,
  "fd_num": 2,
  "fd_perc": 0.8771929824561403,
  "fwhm_avg": 1.880293203103373,
  "fwhm_x": 1.715872,
  "fwhm_y": 1.9776174545454546,
  "fwhm_z": 1.9473901547646646,
  "gcor": 0.00912456,
  "gsr_x": -0.01320755947381258,
  "gsr_y": 0.023712577298283577,
  "provenance": {
    "md5sum": "907b27250e77cb90022f0bd26e4035bf",
    "settings": {
      "fd_thres": 0.2,
      "testing": false
    },
    "software": "mriqc",
    "version": "22.0.6",
    "webapi_port": null,
    "webapi_url": "https://mriqc.nimh.nih.gov/api/v1"
  },
  "size_t": 228,
  "size_x": 64,
  "size_y": 64,
  "size_z": 40,
  "snr": 5.799468265472129,
  "spacing_tr": 2.0,
  "spacing_x": 3.4375,
  "spacing_y": 3.4375,
  "spacing_z": 2.999999761581421,
  "summary_bg_k": 72.13730736359994,
  "summary_bg_mad": 7.725136684702109,
  "summary_bg_mean": 45.86100769042969,
  "summary_bg_median": 28.043859481811523,
  "summary_bg_n": 104603.0,
  "summary_bg_p05": 21.320175170898438,
  "summary_bg_p95": 142.18332824707025,
  "summary_bg_stdv": 56.46967697143555,
  "summary_fg_k": 1.4933299538614957,
  "summary_fg_mad": 134.30227846690337,
  "summary_fg_mean": 860.6689453125,
  "summary_fg_median": 857.4364013671875,
  "summary_fg_n": 26870.0,
  "summary_fg_p05": 625.978726196289,
  "summary_fg_p95": 1100.5600708007812,
  "summary_fg_stdv": 147.84466552734375,
  "tsnr": 52.95284621999599
}