{
  "aor": 0.00033491228070175436,
  "aqi": 0.006149694692982456,
  "bids_meta": {
    "AcquisitionMatrixPE": 64,
    "AcquisitionNumber": 1,
    "AcquisitionTime": "11:02:46.607500",
    "BandwidthPerPixelPhaseEncode": 72.674,
    "BaseResolution": 64,
    "CoilString": "T:HEA;HEP",
    "ConversionSoftware": "dcm2niix",
    "ConversionSoftwareVersion": "v1.0.20190902",
    "DerivedVendorReportedEchoSpacing": 0.000430002,
    "DeviceSerialNumber": "35002",
    "DwellTime": 2.7e-06,
    "EchoTime": 0.028,
    "EffectiveEchoSpacing": 0.000215001,
    "FlipAngle": 90,
    "ImageOrientationPatientDICOM": [
      1,
      -1e-16,
      0,
      1e-16,
      0.994338,
      0.106264
    ],
    "ImageType": [
      "ORIGINAL",
      "PRIMARY",
      "M",
      "ND",
      "MOSAIC"
    ],
    "ImagingFrequency": 123.256,
    "InPlanePhaseEncodingDirectionDICOM": "COL",
    "InstitutionAddress": "University_Pkwy_1700_North_685_Provo_UT_US_84601",
    "InstitutionName": "Brigham_Young_University",
    "InstitutionalDepartmentName": "MRI",
    "MRAcquisitionType": "2D",
    "MagneticFieldStrength": 3,
    "Manufacturer": "Siemens",
    "ManufacturersModelName": "TrioTim",
    "Modality": "MR",
    "ParallelReductionFactorInPlane": 2,
    "PartialFourier": 1,
    "PatientPosition": "HFS",
    "PercentPhaseFOV": 100,
    "PhaseEncodingDirection": "j-",
    "PhaseEncodingSteps": 63,
    "PhaseResolution": 1,
    "PixelBandwidth": 2894,
    "ProcedureStepDescription": "Research_KIRWAN",
    "ProtocolName": "EPI_Run_2",
    "PulseSequenceDetails": "%CustomerSeq%_ep2d_bold_PMU",
    "ReceiveCoilName": "HeadMatrix",
    "ReconMatrixPE": 64,
    "RefLinesPE": 24,
    "RepetitionTime": 2,
    "SAR": 0.191684,
    "ScanOptions": "FS",
    "ScanningSequence": "EP",
    "SequenceName": "epfid2d1_64",
    "SequenceVariant": "SK",
    "SeriesDescription": "EPI_Run_2",
    "SeriesNumber": 4,
    "ShimSetting": [
      -2646,
      -23126,
      2471,
      723,
      159,
      29,
      60,
      -62
    ],
    "SliceThickness": 3,
    "SliceTiming": [
      1.0025,
      0,
      1.0525,
      0.05,
      1.1025,
      0.1,
      1.1525,
      0.15,
      1.205,
      0.2,
      1.255,
      0.25,
      1.305,
      0.3,
      1.355,
      0.35,
      1.405,
      0.4,
      1.455,
      0.45,
      1.505,
      0.5,
      1.555,
      0.5525,
      1.605,
      0.6025,
      1.655,
      0.6525,
      1.705,
      0.7025,
      1.755,
      0.7525,
      1.805,
      0.8025,
      1.855,
      0.8525,
      1.9075,
      0.9025,
      1.9575,
      0.9525
    ],
    "SoftwareVersions": "syngo_MR_B17",
    "SpacingBetweenSlices": 3,
    "StationName": "MININT-E41B04",
    "TaskName": "RSE1",
    "TotalReadoutTime": 0.0135451,
    "TxRefAmp": 305.729,
    "dataset": "ds002363",
    "modality": "bold",
    "run_id": 2,
    "subject_id": "07",
    "task_id": "rse1"
  },
  "dummy_trs": 0,
  "dvars_nstd": 26.531238068986777,
  "dvars_std": 1.0219144138325988,
  "dvars_vstd": 0.9990132388546252,
  "efc": 0.5125193519131406,
  "fber": 916.6767578125,
  "fd_mean": 0.10289770902243921,
  "fd_num": 0,
  "fd_perc": 0.0,
  "fwhm_avg": 1.8763322130034934,
  "fwhm_x": 1.7123141818181817,
  "fwhm_y": 1.9768756363636364,
  "fwhm_z": 1.939806820828662,
  "gcor": 0.0186791,
  "gsr_x": -0.013362453319132328,
  "gsr_y": 0.023640727624297142,
  "provenance": {
    "md5sum": "09fd0a8def685bb6a10c38ea27405ab3",
    "settings": {
      "fd_thres": 0.2,
      "testing": false
    },
    "software": "mriqc",
    "version": "22.0.6",
    "webapi_port": null,
    "webapi_url": "https://mriqc.nimh.nih.gov/api/v1"
  },
  "size_t": 228,
  "size_x": 64,
  "size_y": 64,
  "size_z": 40,
  "snr": 5.783033379269756,
  "spacing_tr": 2.0,
  "spacing_x": 3.4375,
  "spacing_y": 3.4375,
  "spacing_z": 2.999999761581421,
  "summary_bg_k": 72.43173716083618,
  "summary_bg_mad": 7.647105286658585,
  "summary_bg_mean": 46.101322174072266,
  "summary_bg_median": 27.89912223815918,
  "summary_bg_n": 104628.0,
  "summary_bg_p05": 21.35087776184082,
  "summary_bg_p95": 144.49122619628906,
  "summary_bg_stdv": 57.234825134277344,
  "summary_fg_k": 1.5163744223303564,
  "summary_fg_mad": 133.9869178265535,
  "summary_fg_mean": 858.3062133789062,
  "summary_fg_median": 855.4078979492188,
  "summary_fg_n": 26837.0,
  "summary_fg_p05": 623.6017333984375,
  "summary_fg_p95": 1097.2263671874998,
  "summary_fg_stdv": 147.9140625,
  "tsnr": 52.654733473900706
}