{
  "aor": 0.0012582894736842109,
  "aqi": 0.007262383421052632,
  "bids_meta": {
    "AcquisitionMatrixPE": 64,
    "AcquisitionNumber": 1,
    "AcquisitionTime": "14:31:23.690000",
    "BandwidthPerPixelPhaseEncode": 72.674,
    "BaseResolution": 64,
    "CoilString": "T:HEA;HEP",
    "ConversionSoftware": "dcm2niix",
    "ConversionSoftwareVersion": "v1.0.20190902",
    "DerivedVendorReportedEchoSpacing": 0.000430002,
    "DeviceSerialNumber": "35002",
    "DwellTime": 2.7e-06,
    "EchoTime": 0.028,
    "EffectiveEchoSpacing": 0.000215001,
    "FlipAngle": 90,
    "ImageOrientationPatientDICOM": [
      1,
      0,
      0,
      0,
      0.979223,
      -0.202787
    ],
    "ImageType": [
      "ORIGINAL",
      "PRIMARY",
      "M",
      "ND",
      "MOSAIC"
    ],
    "ImagingFrequency": 123.256,
    "InPlanePhaseEncodingDirectionDICOM": "COL",
    "InstitutionAddress": "University_Pkwy_1700_North_685_Provo_UT_US_84601",
    "InstitutionName": "Brigham_Young_University",
    "InstitutionalDepartmentName": "MRI",
    "MRAcquisitionType": "2D",
    "MagneticFieldStrength": 3,
    "Manufacturer": "Siemens",
    "ManufacturersModelName": "TrioTim",
    "Modality": "MR",
    "ParallelReductionFactorInPlane": 2,
    "PartialFourier": 1,
    "PatientPosition": "HFS",
    "PercentPhaseFOV": 100,
    "PhaseEncodingDirection": "j-",
    "PhaseEncodingSteps": 63,
    "PhaseResolution": 1,
    "PixelBandwidth": 2894,
    "ProcedureStepDescription": "Research_KIRWAN",
    "ProtocolName": "EPI_Run_2",
    "PulseSequenceDetails": "%CustomerSeq%_ep2d_bold_PMU",
    "ReceiveCoilName": "HeadMatrix",
    "ReconMatrixPE": 64,
    "RefLinesPE": 24,
    "RepetitionTime": 2,
    "SAR": 0.191551,
    "ScanOptions": "FS",
    "ScanningSequence": "EP",
    "SequenceName": "epfid2d1_64",
    "SequenceVariant": "SK",
    "SeriesDescription": "EPI_Run_2",
    "SeriesNumber": 4,
    "ShimSetting": [
      -2689,
      -23074,
      2543,
      731,
      -181,
      -6,
      -330,
      67
    ],
    "SliceThickness": 3,
    "SliceTiming": [
      1.0025,
      0,
      1.0525,
      0.05,
      1.1025,
      0.1,
      1.1525,
      0.15,
      1.2025,
      0.2,
      1.255,
      0.25,
      1.305,
      0.3,
      1.355,
      0.35,
      1.405,
      0.4,
      1.455,
      0.45,
      1.505,
      0.5,
      1.555,
      0.5525,
      1.605,
      0.6025,
      1.655,
      0.6525,
      1.705,
      0.7025,
      1.755,
      0.7525,
      1.805,
      0.8025,
      1.855,
      0.8525,
      1.9075,
      0.9025,
      1.9575,
      0.9525
    ],
    "SoftwareVersions": "syngo_MR_B17",
    "SpacingBetweenSlices": 3,
    "StationName": "MININT-E41B04",
    "TaskName": "RSE1",
    "TotalReadoutTime": 0.0135451,
    "TxRefAmp": 316.885,
    "dataset": "ds002363",
    "modality": "bold",
    "run_id": 2,
    "subject_id": "03",
    "task_id": "rse1"
  },
  "dummy_trs": 0,
  "dvars_nstd": 29.195540163392057,
  "dvars_std": 1.0597725408370042,
  "dvars_vstd": 1.010056153788546,
  "efc": 0.5115704084296449,
  "fber": 947.2559814453125,
  "fd_mean": 0.1372449160402092,
  "fd_num": 32,
  "fd_perc": 14.035087719298245,
  "fwhm_avg": 2.005834767676768,
  "fwhm_x": 1.8407912727272728,
  "fwhm_y": 2.0655563636363636,
  "fwhm_z": 2.1111566666666666,
  "gcor": 0.0298115,
  "gsr_x": -0.011937075294554234,
  "gsr_y": 0.025753483176231384,
  "provenance": {
    "md5sum": "ffeea30f84defa7c1e3a5f8419f7ad58",
    "settings": {
      "fd_thres": 0.2,
      "testing": false
    },
    "software": "mriqc",
    "version": "22.0.6",
    "webapi_port": null,
    "webapi_url": "https://mriqc.nimh.nih.gov/api/v1"
  },
  "size_t": 228,
  "size_x": 64,
  "size_y": 64,
  "size_z": 40,
  "snr": 5.6059542449919695,
  "spacing_tr": 2.0,
  "spacing_x": 3.4375,
  "spacing_y": 3.4375,
  "spacing_z": 3.0,
  "summary_bg_k": 86.42048517770051,
  "summary_bg_mad": 6.066962406678919,
  "summary_bg_mean": 40.39271545410156,
  "summary_bg_median": 24.978071212768555,
  "summary_bg_n": 103458.0,
  "summary_bg_p05": 19.592105865478516,
  "summary_bg_p95": 111.85613899230937,
  "summary_bg_stdv": 53.27558135986328,
  "summary_fg_k": 1.272540853412007,
  "summary_fg_mad": 122.74709359196662,
  "summary_fg_mean": 779.1222534179688,
  "summary_fg_median": 775.6973876953125,
  "summary_fg_n": 27674.0,
  "summary_fg_p05": 550.9133911132812,
  "summary_fg_p95": 1003.5844299316406,
  "summary_fg_stdv": 138.36776733398438,
  "tsnr": 49.627970898291096
}