{
  "bids_meta": {
    "AcquisitionMatrixPE": 215,
    "AcquisitionNumber": 1,
    "AcquisitionTime": "08:43:23.167500",
    "BaseResolution": 256,
    "CoilString": "C:HEA;HEP",
    "ConversionSoftware": "dcm2niix",
    "ConversionSoftwareVersion": "v1.0.20190902",
    "DeviceSerialNumber": "35002",
    "DwellTime": 9.8e-06,
    "EchoTime": 0.00226,
    "FlipAngle": 9,
    "ImageOrientationPatientDICOM": [
      0,
      1,
      0,
      0,
      0,
      -1
    ],
    "ImageType": [
      "ORIGINAL",
      "PRIMARY",
      "M",
      "ND",
      "NORM"
    ],
    "ImagingFrequency": 123.256,
    "InPlanePhaseEncodingDirectionDICOM": "ROW",
    "InstitutionAddress": "University_Pkwy_1700_North_685_Provo_UT_US_84601",
    "InstitutionName": "Brigham_Young_University",
    "InstitutionalDepartmentName": "MRI",
    "InversionTime": 0.9,
    "MRAcquisitionType": "3D",
    "MagneticFieldStrength": 3,
    "Manufacturer": "Siemens",
    "ManufacturersModelName": "TrioTim",
    "Modality": "MR",
    "PartialFourier": 0.875,
    "PatientPosition": "HFS",
    "PercentPhaseFOV": 87.5,
    "PhaseEncodingSteps": 227,
    "PhaseOversampling": 0.2,
    "PhaseResolution": 0.96,
    "PixelBandwidth": 199,
    "ProcedureStepDescription": "Research_KIRWAN",
    "ProtocolName": "t1_mpr_sag_iso_mprage",
    "PulseSequenceDetails": "%SiemensSeq%_tfl",
    "ReceiveCoilName": "HeadMatrix",
    "ReconMatrixPE": 224,
    "RepetitionTime": 1.9,
    "SAR": 0.109496,
    "ScanOptions": "IR_PFP",
    "ScanningSequence": "GR_IR",
    "SequenceName": "_tfl3d1_ns",
    "SequenceVariant": "SP_MP_OSP",
    "SeriesDescription": "t1_mpr_sag_iso_mprage",
    "SeriesNumber": 2,
    "ShimSetting": [
      -2655,
      -23109,
      2059,
      81,
      -13,
      -145,
      -152,
      15
    ],
    "SliceThickness": 1,
    "SoftwareVersions": "syngo_MR_B17",
    "StationName": "MININT-E41B04",
    "TxRefAmp": 308.258,
    "dataset": "ds002363",
    "modality": "T1w",
    "subject_id": "09"
  },
  "cjv": 0.3417921172832257,
  "cnr": 4.037497691456102,
  "efc": 0.6368737214964519,
  "fber": 22226.049078454915,
  "fwhm_avg": 4.489628106666667,
  "fwhm_x": 4.01462,
  "fwhm_y": 4.93007872,
  "fwhm_z": 4.5241856,
  "icvs_csf": 0.18911281613326208,
  "icvs_gm": 0.43957598096040895,
  "icvs_wm": 0.371311202906329,
  "inu_med": 0.42785803973674774,
  "inu_range": 0.20424361079931252,
  "provenance": {
    "md5sum": "66f82c360170702bc85faf50c3679ee7",
    "settings": {
      "testing": false
    },
    "software": "mriqc",
    "version": "22.0.6",
    "warnings": {
      "large_rot_frame": true,
      "small_air_mask": false
    },
    "webapi_port": null,
    "webapi_url": "https://mriqc.nimh.nih.gov/api/v1"
  },
  "qi_1": 0.0,
  "qi_2": 0.004559984294825845,
  "rpve_csf": 18.54936825472936,
  "rpve_gm": 8.780048006451374,
  "rpve_wm": 11.95722321386203,
  "size_x": 173,
  "size_y": 224,
  "size_z": 256,
  "snr_csf": 2.2227973486922417,
  "snr_gm": 13.344437662319073,
  "snr_total": 14.191467838549128,
  "snr_wm": 27.007168504636066,
  "snrd_csf": 29.276864074744132,
  "snrd_gm": 68.35466504740809,
  "snrd_total": 63.69464014384107,
  "snrd_wm": 93.45239130937098,
  "spacing_x": 1.0,
  "spacing_y": 0.9765625,
  "spacing_z": 0.9765625,
  "summary_bg_k": 11.654178145715498,
  "summary_bg_mad": 0.0,
  "summary_bg_mean": 3.8215769532568586,
  "summary_bg_median": 0.0,
  "summary_bg_n": 2331322.0,
  "summary_bg_p05": 0.0,
  "summary_bg_p95": 18.215233109891415,
  "summary_bg_stdv": 7.010662028479702,
  "summary_csf_k": 21.98731185540923,
  "summary_csf_mad": 98.21444578775741,
  "summary_csf_mean": 326.9283442268342,
  "summary_csf_median": 313.29384122416377,
  "summary_csf_n": 40099.0,
  "summary_csf_p05": 135.95670291371644,
  "summary_csf_p95": 530.4145189344882,
  "summary_csf_stdv": 140.94399333331575,
  "summary_gm_k": -0.06439206039561407,
  "summary_gm_mad": 55.76788197936164,
  "summary_gm_mean": 730.9154979558789,
  "summary_gm_median": 731.468217484653,
  "summary_gm_n": 68675.0,
  "summary_gm_p05": 640.2695279456675,
  "summary_gm_p95": 819.603807285428,
  "summary_gm_stdv": 54.81406638453821,
  "summary_wm_k": 0.3574797861138008,
  "summary_wm_mad": 36.02811050783949,
  "summary_wm_mean": 1000.8583975401428,
  "summary_wm_median": 1000.0408025309443,
  "summary_wm_n": 286480.0,
  "summary_wm_p05": 941.4334942065179,
  "summary_wm_p95": 1062.4871958605945,
  "summary_wm_stdv": 37.028652484024924,
  "tpm_overlap_csf": 0.16087021371511923,
  "tpm_overlap_gm": 0.4638860970370288,
  "tpm_overlap_wm": 0.5027383124768308,
  "wm2max": 0.4751426242868786
}