{
  "aor": 0.0012707329842931937,
  "aqi": 0.018493949214659685,
  "bids_meta": {
    "AcquisitionMatrixPE": 64,
    "AcquisitionNumber": 1,
    "AcquisitionTime": "08:28:51.132500",
    "BandwidthPerPixelPhaseEncode": 72.674,
    "BaseResolution": 64,
    "CoilString": "T:HEA;HEP",
    "ConversionSoftware": "dcm2niix",
    "ConversionSoftwareVersion": "v1.0.20190902",
    "DerivedVendorReportedEchoSpacing": 0.000430002,
    "DeviceSerialNumber": "35002",
    "DwellTime": 2.7e-06,
    "EchoTime": 0.028,
    "EffectiveEchoSpacing": 0.000215001,
    "FlipAngle": 90,
    "ImageOrientationPatientDICOM": [
      1,
      3.54887e-05,
      0.000311626,
      -2.6182e-08,
      0.993587,
      -0.113068
    ],
    "ImageType": [
      "ORIGINAL",
      "PRIMARY",
      "M",
      "ND",
      "MOSAIC"
    ],
    "ImagingFrequency": 123.256,
    "InPlanePhaseEncodingDirectionDICOM": "COL",
    "InstitutionAddress": "University_Pkwy_1700_North_685_Provo_UT_US_84601",
    "InstitutionName": "Brigham_Young_University",
    "InstitutionalDepartmentName": "MRI",
    "MRAcquisitionType": "2D",
    "MagneticFieldStrength": 3,
    "Manufacturer": "Siemens",
    "ManufacturersModelName": "TrioTim",
    "Modality": "MR",
    "ParallelReductionFactorInPlane": 2,
    "PartialFourier": 1,
    "PatientPosition": "HFS",
    "PercentPhaseFOV": 100,
    "PhaseEncodingDirection": "j-",
    "PhaseEncodingSteps": 63,
    "PhaseResolution": 1,
    "PixelBandwidth": 2894,
    "ProcedureStepDescription": "Research_KIRWAN",
    "ProtocolName": "EPI_Run_2",
    "PulseSequenceDetails": "%CustomerSeq%_ep2d_bold_PMU",
    "ReceiveCoilName": "HeadMatrix",
    "ReconMatrixPE": 64,
    "RefLinesPE": 24,
    "RepetitionTime": 2,
    "SAR": 0.304791,
    "ScanOptions": "FS",
    "ScanningSequence": "EP",
    "SequenceName": "epfid2d1_64",
    "SequenceVariant": "SK",
    "SeriesDescription": "EPI_Run_2",
    "SeriesNumber": 4,
    "ShimSetting": [
      -2664,
      -23130,
      2493,
      510,
      42,
      -179,
      -239,
      41
    ],
    "SliceThickness": 3,
    "SliceTiming": [
      1.005,
      0,
      1.055,
      0.05,
      1.105,
      0.1,
      1.155,
      0.1525,
      1.205,
      0.2025,
      1.255,
      0.2525,
      1.305,
      0.3025,
      1.355,
      0.3525,
      1.405,
      0.4025,
      1.4575,
      0.4525,
      1.5075,
      0.5025,
      1.5575,
      0.5525,
      1.6075,
      0.6025,
      1.6575,
      0.6525,
      1.7075,
      0.7025,
      1.7575,
      0.7525,
      1.8075,
      0.805,
      1.8575,
      0.855,
      1.9075,
      0.905,
      1.9575,
      0.955
    ],
    "SoftwareVersions": "syngo_MR_B17",
    "SpacingBetweenSlices": 3,
    "StationName": "MININT-E41B04",
    "TaskName": "RSE1",
    "TotalReadoutTime": 0.0135451,
    "TxRefAmp": 399.431,
    "dataset": "ds002363",
    "modality": "bold",
    "run_id": 2,
    "subject_id": "12",
    "task_id": "rse1"
  },
  "dummy_trs": 0,
  "dvars_nstd": 32.517090014526325,
  "dvars_std": 1.000050921105264,
  "dvars_vstd": 0.9664649811578944,
  "efc": 0.5508001540132882,
  "fber": 601.3927612304688,
  "fd_mean": 0.1231759220883009,
  "fd_num": 15,
  "fd_perc": 7.853403141361256,
  "fwhm_avg": 2.003968080808081,
  "fwhm_x": 1.8290938181818182,
  "fwhm_y": 2.107997090909091,
  "fwhm_z": 2.0748133333333336,
  "gcor": 0.00476749,
  "gsr_x": -0.005229626316577196,
  "gsr_y": 0.028746843338012695,
  "provenance": {
    "md5sum": "f676534da17406a8f618d001a40a2832",
    "settings": {
      "fd_thres": 0.2,
      "testing": false
    },
    "software": "mriqc",
    "version": "22.0.6",
    "webapi_port": null,
    "webapi_url": "https://mriqc.nimh.nih.gov/api/v1"
  },
  "size_t": 191,
  "size_x": 64,
  "size_y": 64,
  "size_z": 40,
  "snr": 6.291981549853895,
  "spacing_tr": 2.0,
  "spacing_x": 3.4375,
  "spacing_y": 3.4375,
  "spacing_z": 3.0,
  "summary_bg_k": 29.217937369960545,
  "summary_bg_mad": 13.436566165729792,
  "summary_bg_mean": 58.73784637451172,
  "summary_bg_median": 33.36125564575195,
  "summary_bg_n": 100674.0,
  "summary_bg_p05": 22.041885375976562,
  "summary_bg_p95": 181.9411048889158,
  "summary_bg_stdv": 72.2157211303711,
  "summary_fg_k": 1.1632616581688433,
  "summary_fg_mad": 115.11513986835497,
  "summary_fg_mean": 820.2803955078125,
  "summary_fg_median": 821.9110107421875,
  "summary_fg_n": 29337.0,
  "summary_fg_p05": 601.5853515625,
  "summary_fg_p95": 1029.296337890625,
  "summary_fg_stdv": 130.6260986328125,
  "tsnr": 35.406764309853315
}