{
  "aor": 0.0014433333333333334,
  "aqi": 0.01916154385964912,
  "bids_meta": {
    "AcquisitionMatrixPE": 64,
    "AcquisitionNumber": 1,
    "AcquisitionTime": "08:20:34.795000",
    "BandwidthPerPixelPhaseEncode": 72.674,
    "BaseResolution": 64,
    "CoilString": "T:HEA;HEP",
    "ConversionSoftware": "dcm2niix",
    "ConversionSoftwareVersion": "v1.0.20190902",
    "DerivedVendorReportedEchoSpacing": 0.000430002,
    "DeviceSerialNumber": "35002",
    "DwellTime": 2.7e-06,
    "EchoTime": 0.028,
    "EffectiveEchoSpacing": 0.000215001,
    "FlipAngle": 90,
    "ImageOrientationPatientDICOM": [
      1,
      3.54887e-05,
      0.000311626,
      -2.6182e-08,
      0.993587,
      -0.113068
    ],
    "ImageType": [
      "ORIGINAL",
      "PRIMARY",
      "M",
      "ND",
      "MOSAIC"
    ],
    "ImagingFrequency": 123.256,
    "InPlanePhaseEncodingDirectionDICOM": "COL",
    "InstitutionAddress": "University_Pkwy_1700_North_685_Provo_UT_US_84601",
    "InstitutionName": "Brigham_Young_University",
    "InstitutionalDepartmentName": "MRI",
    "MRAcquisitionType": "2D",
    "MagneticFieldStrength": 3,
    "Manufacturer": "Siemens",
    "ManufacturersModelName": "TrioTim",
    "Modality": "MR",
    "ParallelReductionFactorInPlane": 2,
    "PartialFourier": 1,
    "PatientPosition": "HFS",
    "PercentPhaseFOV": 100,
    "PhaseEncodingDirection": "j-",
    "PhaseEncodingSteps": 63,
    "PhaseResolution": 1,
    "PixelBandwidth": 2894,
    "ProcedureStepDescription": "Research_KIRWAN",
    "ProtocolName": "EPI_Run_1",
    "PulseSequenceDetails": "%CustomerSeq%_ep2d_bold_PMU",
    "ReceiveCoilName": "HeadMatrix",
    "ReconMatrixPE": 64,
    "RefLinesPE": 24,
    "RepetitionTime": 2,
    "SAR": 0.304791,
    "ScanOptions": "FS",
    "ScanningSequence": "EP",
    "SequenceName": "epfid2d1_64",
    "SequenceVariant": "SK",
    "SeriesDescription": "EPI_Run_1",
    "SeriesNumber": 3,
    "ShimSetting": [
      -2664,
      -23130,
      2493,
      510,
      42,
      -179,
      -239,
      41
    ],
    "SliceThickness": 3,
    "SliceTiming": [
      1.0025,
      0,
      1.0525,
      0.05,
      1.1025,
      0.1,
      1.1525,
      0.15,
      1.205,
      0.2,
      1.255,
      0.25,
      1.305,
      0.3,
      1.355,
      0.35,
      1.405,
      0.4,
      1.455,
      0.45,
      1.505,
      0.5025,
      1.555,
      0.5525,
      1.605,
      0.6025,
      1.655,
      0.6525,
      1.705,
      0.7025,
      1.755,
      0.7525,
      1.805,
      0.8025,
      1.8575,
      0.8525,
      1.9075,
      0.9025,
      1.9575,
      0.9525
    ],
    "SoftwareVersions": "syngo_MR_B17",
    "SpacingBetweenSlices": 3,
    "StationName": "MININT-E41B04",
    "TaskName": "RSE1",
    "TotalReadoutTime": 0.0135451,
    "TxRefAmp": 399.431,
    "dataset": "ds002363",
    "modality": "bold",
    "run_id": 1,
    "subject_id": "12",
    "task_id": "rse1"
  },
  "dummy_trs": 0,
  "dvars_nstd": 32.74933146171806,
  "dvars_std": 0.9942856084140964,
  "dvars_vstd": 0.9611453772687221,
  "efc": 0.5502846903243442,
  "fber": 607.1583251953125,
  "fd_mean": 0.11964999069214108,
  "fd_num": 13,
  "fd_perc": 5.701754385964913,
  "fwhm_avg": 2.0283204444444447,
  "fwhm_x": 1.8367476363636364,
  "fwhm_y": 2.1118603636363638,
  "fwhm_z": 2.1363533333333335,
  "gcor": 0.00763249,
  "gsr_x": -0.0038125973660498857,
  "gsr_y": 0.026776669546961784,
  "provenance": {
    "md5sum": "7204920345f249204aa7ce8b362a6c58",
    "settings": {
      "fd_thres": 0.2,
      "testing": false
    },
    "software": "mriqc",
    "version": "22.0.6",
    "webapi_port": null,
    "webapi_url": "https://mriqc.nimh.nih.gov/api/v1"
  },
  "size_t": 228,
  "size_x": 64,
  "size_y": 64,
  "size_z": 40,
  "snr": 6.160459004584163,
  "spacing_tr": 2.0,
  "spacing_x": 3.4375,
  "spacing_y": 3.4375,
  "spacing_z": 3.0,
  "summary_bg_k": 29.88981698814998,
  "summary_bg_mad": 13.128835035850381,
  "summary_bg_mean": 57.83172607421875,
  "summary_bg_median": 33.096492767333984,
  "summary_bg_n": 100410.0,
  "summary_bg_p05": 22.048246383666992,
  "summary_bg_p95": 174.93443450927677,
  "summary_bg_stdv": 70.85025787353516,
  "summary_fg_k": 1.1951319700600456,
  "summary_fg_mad": 117.18412284710936,
  "summary_fg_mean": 817.0970458984375,
  "summary_fg_median": 818.2192993164062,
  "summary_fg_n": 29476.0,
  "summary_fg_p05": 596.135986328125,
  "summary_fg_p95": 1030.3760986328125,
  "summary_fg_stdv": 132.81565856933594,
  "tsnr": 34.48215405922383
}