{
  "aor": 0.002568893805309735,
  "aqi": 0.012271982477876106,
  "bids_meta": {
    "AcquisitionMatrixPE": 64,
    "AcquisitionNumber": 1,
    "AcquisitionTime": "15:58:32.537500",
    "BandwidthPerPixelPhaseEncode": 72.674,
    "BaseResolution": 64,
    "CoilString": "T:HEA;HEP",
    "ConversionSoftware": "dcm2niix",
    "ConversionSoftwareVersion": "v1.0.20190902",
    "DerivedVendorReportedEchoSpacing": 0.000430002,
    "DeviceSerialNumber": "35002",
    "DwellTime": 2.7e-06,
    "EchoTime": 0.028,
    "EffectiveEchoSpacing": 0.000215001,
    "FlipAngle": 90,
    "ImageOrientationPatientDICOM": [
      1,
      0,
      0,
      0,
      0.952661,
      -0.304033
    ],
    "ImageType": [
      "ORIGINAL",
      "PRIMARY",
      "M",
      "ND",
      "MOSAIC"
    ],
    "ImagingFrequency": 123.256,
    "InPlanePhaseEncodingDirectionDICOM": "COL",
    "InstitutionAddress": "University_Pkwy_1700_North_685_Provo_UT_US_84601",
    "InstitutionName": "Brigham_Young_University",
    "InstitutionalDepartmentName": "MRI",
    "MRAcquisitionType": "2D",
    "MagneticFieldStrength": 3,
    "Manufacturer": "Siemens",
    "ManufacturersModelName": "TrioTim",
    "Modality": "MR",
    "ParallelReductionFactorInPlane": 2,
    "PartialFourier": 1,
    "PatientPosition": "HFS",
    "PercentPhaseFOV": 100,
    "PhaseEncodingDirection": "j-",
    "PhaseEncodingSteps": 63,
    "PhaseResolution": 1,
    "PixelBandwidth": 2894,
    "ProcedureStepDescription": "Research_KIRWAN",
    "ProtocolName": "EPI_Run_2",
    "PulseSequenceDetails": "%CustomerSeq%_ep2d_bold_PMU",
    "ReceiveCoilName": "HeadMatrix",
    "ReconMatrixPE": 64,
    "RefLinesPE": 24,
    "RepetitionTime": 2,
    "SAR": 0.195963,
    "ScanOptions": "FS",
    "ScanningSequence": "EP",
    "SequenceName": "epfid2d1_64",
    "SequenceVariant": "SK",
    "SeriesDescription": "EPI_Run_2",
    "SeriesNumber": 4,
    "ShimSetting": [
      -2684,
      -23131,
      2538,
      554,
      40,
      57,
      -118,
      89
    ],
    "SliceThickness": 3,
    "SliceTiming": [
      1.0025,
      0,
      1.0525,
      0.05,
      1.1025,
      0.1,
      1.1525,
      0.15,
      1.205,
      0.2,
      1.255,
      0.25,
      1.305,
      0.3,
      1.355,
      0.35,
      1.405,
      0.4,
      1.455,
      0.45,
      1.505,
      0.5,
      1.555,
      0.5525,
      1.605,
      0.6025,
      1.655,
      0.6525,
      1.705,
      0.7025,
      1.755,
      0.7525,
      1.805,
      0.8025,
      1.855,
      0.8525,
      1.9075,
      0.9025,
      1.9575,
      0.9525
    ],
    "SoftwareVersions": "syngo_MR_B17",
    "SpacingBetweenSlices": 3,
    "StationName": "MININT-E41B04",
    "TaskName": "RSE1",
    "TotalReadoutTime": 0.0135451,
    "TxRefAmp": 304.06,
    "dataset": "ds002363",
    "modality": "bold",
    "run_id": 2,
    "subject_id": "05",
    "task_id": "rse1"
  },
  "dummy_trs": 0,
  "dvars_nstd": 28.813197487733337,
  "dvars_std": 1.0289726747111112,
  "dvars_vstd": 1.0158874581777773,
  "efc": 0.517438335341432,
  "fber": 912.057373046875,
  "fd_mean": 0.13766590196808,
  "fd_num": 28,
  "fd_perc": 12.389380530973451,
  "fwhm_avg": 2.030832278137653,
  "fwhm_x": 1.917925818181818,
  "fwhm_y": 2.063834181818182,
  "fwhm_z": 2.110736834412959,
  "gcor": 0.020833,
  "gsr_x": -0.01606147363781929,
  "gsr_y": 0.027466971427202225,
  "provenance": {
    "md5sum": "164f0d9960be24805fbd2c6dd1881364",
    "settings": {
      "fd_thres": 0.2,
      "testing": false
    },
    "software": "mriqc",
    "version": "22.0.6",
    "webapi_port": null,
    "webapi_url": "https://mriqc.nimh.nih.gov/api/v1"
  },
  "size_t": 226,
  "size_x": 64,
  "size_y": 64,
  "size_z": 40,
  "snr": 5.813968913658515,
  "spacing_tr": 2.0,
  "spacing_x": 3.4375,
  "spacing_y": 3.4375,
  "spacing_z": 2.999999761581421,
  "summary_bg_k": 42.33759319682095,
  "summary_bg_mad": 8.26583370082562,
  "summary_bg_mean": 49.98094177246094,
  "summary_bg_median": 27.774335861206055,
  "summary_bg_n": 103569.0,
  "summary_bg_p05": 20.831857681274414,
  "summary_bg_p95": 152.919464111328,
  "summary_bg_stdv": 68.9571533203125,
  "summary_fg_k": 1.1592475289248112,
  "summary_fg_mad": 128.61900012625125,
  "summary_fg_mean": 853.5619506835938,
  "summary_fg_median": 844.7079467773438,
  "summary_fg_n": 27221.0,
  "summary_fg_p05": 630.7079467773438,
  "summary_fg_p95": 1109.1416015625,
  "summary_fg_stdv": 145.28671264648438,
  "tsnr": 41.67186880961526
}