{
  "aor": 0.002716784140969163,
  "aqi": 0.009400362202643174,
  "bids_meta": {
    "AcquisitionMatrixPE": 64,
    "AcquisitionNumber": 1,
    "AcquisitionTime": "15:50:18.257500",
    "BandwidthPerPixelPhaseEncode": 72.674,
    "BaseResolution": 64,
    "CoilString": "T:HEA;HEP",
    "ConversionSoftware": "dcm2niix",
    "ConversionSoftwareVersion": "v1.0.20190902",
    "DerivedVendorReportedEchoSpacing": 0.000430002,
    "DeviceSerialNumber": "35002",
    "DwellTime": 2.7e-06,
    "EchoTime": 0.028,
    "EffectiveEchoSpacing": 0.000215001,
    "FlipAngle": 90,
    "ImageOrientationPatientDICOM": [
      1,
      0,
      0,
      0,
      0.952661,
      -0.304033
    ],
    "ImageType": [
      "ORIGINAL",
      "PRIMARY",
      "M",
      "ND",
      "MOSAIC"
    ],
    "ImagingFrequency": 123.256,
    "InPlanePhaseEncodingDirectionDICOM": "COL",
    "InstitutionAddress": "University_Pkwy_1700_North_685_Provo_UT_US_84601",
    "InstitutionName": "Brigham_Young_University",
    "InstitutionalDepartmentName": "MRI",
    "MRAcquisitionType": "2D",
    "MagneticFieldStrength": 3,
    "Manufacturer": "Siemens",
    "ManufacturersModelName": "TrioTim",
    "Modality": "MR",
    "ParallelReductionFactorInPlane": 2,
    "PartialFourier": 1,
    "PatientPosition": "HFS",
    "PercentPhaseFOV": 100,
    "PhaseEncodingDirection": "j-",
    "PhaseEncodingSteps": 63,
    "PhaseResolution": 1,
    "PixelBandwidth": 2894,
    "ProcedureStepDescription": "Research_KIRWAN",
    "ProtocolName": "EPI_Run_1",
    "PulseSequenceDetails": "%CustomerSeq%_ep2d_bold_PMU",
    "ReceiveCoilName": "HeadMatrix",
    "ReconMatrixPE": 64,
    "RefLinesPE": 24,
    "RepetitionTime": 2,
    "SAR": 0.195963,
    "ScanOptions": "FS",
    "ScanningSequence": "EP",
    "SequenceName": "epfid2d1_64",
    "SequenceVariant": "SK",
    "SeriesDescription": "EPI_Run_1",
    "SeriesNumber": 3,
    "ShimSetting": [
      -2684,
      -23131,
      2538,
      554,
      40,
      57,
      -118,
      89
    ],
    "SliceThickness": 3,
    "SliceTiming": [
      1.0025,
      0,
      1.055,
      0.05,
      1.105,
      0.1,
      1.155,
      0.15,
      1.205,
      0.2,
      1.255,
      0.25,
      1.305,
      0.3,
      1.355,
      0.35,
      1.405,
      0.4025,
      1.455,
      0.4525,
      1.505,
      0.5025,
      1.555,
      0.5525,
      1.605,
      0.6025,
      1.655,
      0.6525,
      1.7075,
      0.7025,
      1.7575,
      0.7525,
      1.8075,
      0.8025,
      1.8575,
      0.8525,
      1.9075,
      0.9025,
      1.9575,
      0.9525
    ],
    "SoftwareVersions": "syngo_MR_B17",
    "SpacingBetweenSlices": 3,
    "StationName": "MININT-E41B04",
    "TaskName": "RSE1",
    "TotalReadoutTime": 0.0135451,
    "TxRefAmp": 304.06,
    "dataset": "ds002363",
    "modality": "bold",
    "run_id": 1,
    "subject_id": "05",
    "task_id": "rse1"
  },
  "dummy_trs": 0,
  "dvars_nstd": 28.992778356061955,
  "dvars_std": 1.0393771694247784,
  "dvars_vstd": 1.0220569912831856,
  "efc": 0.5175327273374876,
  "fber": 897.5672607421875,
  "fd_mean": 0.12676804798105598,
  "fd_num": 23,
  "fd_perc": 10.13215859030837,
  "fwhm_avg": 2.0098274084509273,
  "fwhm_x": 1.8989934545454548,
  "fwhm_y": 2.0574952727272726,
  "fwhm_z": 2.072993498080055,
  "gcor": 0.0115324,
  "gsr_x": -0.01725807972252369,
  "gsr_y": 0.026403283700346947,
  "provenance": {
    "md5sum": "60c4597f6e3f2380f6d8b701dbf9202b",
    "settings": {
      "fd_thres": 0.2,
      "testing": false
    },
    "software": "mriqc",
    "version": "22.0.6",
    "webapi_port": null,
    "webapi_url": "https://mriqc.nimh.nih.gov/api/v1"
  },
  "size_t": 227,
  "size_x": 64,
  "size_y": 64,
  "size_z": 40,
  "snr": 5.8064662581101505,
  "spacing_tr": 2.0,
  "spacing_x": 3.4375,
  "spacing_y": 3.4375,
  "spacing_z": 2.999999761581421,
  "summary_bg_k": 43.58075254683253,
  "summary_bg_mad": 8.699672324933886,
  "summary_bg_mean": 50.08601760864258,
  "summary_bg_median": 28.06167221069336,
  "summary_bg_n": 103849.0,
  "summary_bg_p05": 20.651981353759766,
  "summary_bg_p95": 152.91188964843693,
  "summary_bg_stdv": 68.59651947021484,
  "summary_fg_k": 1.2544556671551206,
  "summary_fg_mad": 128.59447710371614,
  "summary_fg_mean": 852.86376953125,
  "summary_fg_median": 844.907470703125,
  "summary_fg_n": 27241.0,
  "summary_fg_p05": 626.4228515625,
  "summary_fg_p95": 1107.224609375,
  "summary_fg_stdv": 145.50880432128906,
  "tsnr": 46.293442958267406
}