{
  "aor": 0.0010022580645161292,
  "aqi": 0.007050581075268817,
  "bids_meta": {
    "AcquisitionMatrixPE": 64,
    "AcquisitionNumber": 1,
    "AcquisitionTime": "14:20:34.147500",
    "BandwidthPerPixelPhaseEncode": 72.674,
    "BaseResolution": 64,
    "CoilString": "T:HEA;HEP",
    "ConversionSoftware": "dcm2niix",
    "ConversionSoftwareVersion": "v1.0.20190902",
    "DerivedVendorReportedEchoSpacing": 0.000430002,
    "DeviceSerialNumber": "35002",
    "DwellTime": 2.7e-06,
    "EchoTime": 0.028,
    "EffectiveEchoSpacing": 0.000215001,
    "FlipAngle": 90,
    "ImageOrientationPatientDICOM": [
      1,
      0,
      0,
      0,
      0.979223,
      -0.202787
    ],
    "ImageType": [
      "ORIGINAL",
      "PRIMARY",
      "M",
      "ND",
      "MOSAIC"
    ],
    "ImagingFrequency": 123.256,
    "InPlanePhaseEncodingDirectionDICOM": "COL",
    "InstitutionAddress": "University_Pkwy_1700_North_685_Provo_UT_US_84601",
    "InstitutionName": "Brigham_Young_University",
    "InstitutionalDepartmentName": "MRI",
    "MRAcquisitionType": "2D",
    "MagneticFieldStrength": 3,
    "Manufacturer": "Siemens",
    "ManufacturersModelName": "TrioTim",
    "Modality": "MR",
    "ParallelReductionFactorInPlane": 2,
    "PartialFourier": 1,
    "PatientPosition": "HFS",
    "PercentPhaseFOV": 100,
    "PhaseEncodingDirection": "j-",
    "PhaseEncodingSteps": 63,
    "PhaseResolution": 1,
    "PixelBandwidth": 2894,
    "ProcedureStepDescription": "Research_KIRWAN",
    "ProtocolName": "EPI_Run_1",
    "PulseSequenceDetails": "%CustomerSeq%_ep2d_bold_PMU",
    "ReceiveCoilName": "HeadMatrix",
    "ReconMatrixPE": 64,
    "RefLinesPE": 24,
    "RepetitionTime": 2,
    "SAR": 0.191551,
    "ScanOptions": "FS",
    "ScanningSequence": "EP",
    "SequenceName": "epfid2d1_64",
    "SequenceVariant": "SK",
    "SeriesDescription": "EPI_Run_1",
    "SeriesNumber": 3,
    "ShimSetting": [
      -2689,
      -23074,
      2543,
      731,
      -181,
      -6,
      -330,
      67
    ],
    "SliceThickness": 3,
    "SliceTiming": [
      1.0025,
      0,
      1.0525,
      0.05,
      1.1025,
      0.1,
      1.1525,
      0.15,
      1.205,
      0.2,
      1.255,
      0.25,
      1.305,
      0.3,
      1.355,
      0.35,
      1.405,
      0.4,
      1.455,
      0.45,
      1.505,
      0.5,
      1.555,
      0.5525,
      1.605,
      0.6025,
      1.655,
      0.6525,
      1.705,
      0.7025,
      1.755,
      0.7525,
      1.805,
      0.8025,
      1.8575,
      0.8525,
      1.9075,
      0.9025,
      1.9575,
      0.9525
    ],
    "SoftwareVersions": "syngo_MR_B17",
    "SpacingBetweenSlices": 3,
    "StationName": "MININT-E41B04",
    "TaskName": "RSE1",
    "TotalReadoutTime": 0.0135451,
    "TxRefAmp": 316.885,
    "dataset": "ds002363",
    "modality": "bold",
    "run_id": 1,
    "subject_id": "03",
    "task_id": "rse1"
  },
  "dummy_trs": 3,
  "dvars_nstd": 28.36965706291893,
  "dvars_std": 1.0563991456756754,
  "dvars_vstd": 1.019264427297297,
  "efc": 0.5106731067619793,
  "fber": 954.9241333007812,
  "fd_mean": 0.14242450059289335,
  "fd_num": 30,
  "fd_perc": 16.129032258064516,
  "fwhm_avg": 1.991519090909091,
  "fwhm_x": 1.8243461818181819,
  "fwhm_y": 2.049821090909091,
  "fwhm_z": 2.10039,
  "gcor": 0.0129932,
  "gsr_x": -0.011300529353320599,
  "gsr_y": 0.02550186775624752,
  "provenance": {
    "md5sum": "3a51cc6fca1365a3ff9c1e00fe6b885b",
    "settings": {
      "fd_thres": 0.2,
      "testing": false
    },
    "software": "mriqc",
    "version": "22.0.6",
    "webapi_port": null,
    "webapi_url": "https://mriqc.nimh.nih.gov/api/v1"
  },
  "size_t": 186,
  "size_x": 64,
  "size_y": 64,
  "size_z": 40,
  "snr": 5.635811805035645,
  "spacing_tr": 2.0,
  "spacing_x": 3.4375,
  "spacing_y": 3.4375,
  "spacing_z": 3.0,
  "summary_bg_k": 85.22578678802371,
  "summary_bg_mad": 6.2731599659722335,
  "summary_bg_mean": 39.91031265258789,
  "summary_bg_median": 24.779569625854492,
  "summary_bg_n": 103464.0,
  "summary_bg_p05": 19.07526969909668,
  "summary_bg_p95": 109.90134201049763,
  "summary_bg_stdv": 52.68363571166992,
  "summary_fg_k": 1.215127201125397,
  "summary_fg_mad": 122.01181012477501,
  "summary_fg_mean": 776.9561157226562,
  "summary_fg_median": 773.3118286132812,
  "summary_fg_n": 27679.0,
  "summary_fg_p05": 550.3510681152344,
  "summary_fg_p95": 999.3290161132812,
  "summary_fg_stdv": 137.21144104003906,
  "tsnr": 50.75793177483138
}